STORAGE: NONE
RESTRICTION: || (== netcoreapp2.1) (== netcoreapp2.2) (== netstandard2.0) (== xamarinmac)
NUGET
  remote: https://www.nuget.org/api/v2
    AtkSharp (3.22.24.37) - restriction: || (== netcoreapp2.1) (== netcoreapp2.2) (== netstandard2.0) (&& (== xamarinmac) (>= netstandard2.0))
      GLibSharp (>= 3.22.24.37) - restriction: || (== netcoreapp2.1) (== netcoreapp2.2) (== netstandard2.0) (&& (== xamarinmac) (>= netstandard2.0))
    BlackFox.VsWhere (1.0) - restriction: || (== netcoreapp2.1) (== netcoreapp2.2) (== netstandard2.0) (&& (== xamarinmac) (>= netstandard2.0))
      FSharp.Core (>= 4.2.3) - restriction: || (== netcoreapp2.1) (== netcoreapp2.2) (== netstandard2.0) (&& (== xamarinmac) (>= netstandard2.0))
    CairoSharp (3.22.24.37) - restriction: || (== netcoreapp2.1) (== netcoreapp2.2) (== netstandard2.0) (&& (== xamarinmac) (>= netstandard2.0))
    Dap.Build (0.6.9)
      Fake.Core.Process (>= 5.12.1) - restriction: || (== netcoreapp2.1) (== netcoreapp2.2) (== netstandard2.0) (&& (== xamarinmac) (>= netstandard2.0))
      Fake.Core.ReleaseNotes (>= 5.12.1) - restriction: || (== netcoreapp2.1) (== netcoreapp2.2) (== netstandard2.0) (&& (== xamarinmac) (>= netstandard2.0))
      Fake.Core.String (>= 5.12.1) - restriction: || (== netcoreapp2.1) (== netcoreapp2.2) (== netstandard2.0) (&& (== xamarinmac) (>= netstandard2.0))
      Fake.Core.Target (>= 5.12.1) - restriction: || (== netcoreapp2.1) (== netcoreapp2.2) (== netstandard2.0) (&& (== xamarinmac) (>= netstandard2.0))
      Fake.DotNet.Cli (>= 5.12.1) - restriction: || (== netcoreapp2.1) (== netcoreapp2.2) (== netstandard2.0) (&& (== xamarinmac) (>= netstandard2.0))
      Fake.DotNet.NuGet (>= 5.12.1) - restriction: || (== netcoreapp2.1) (== netcoreapp2.2) (== netstandard2.0) (&& (== xamarinmac) (>= netstandard2.0))
      Fake.IO.FileSystem (>= 5.12.1) - restriction: || (== netcoreapp2.1) (== netcoreapp2.2) (== netstandard2.0) (&& (== xamarinmac) (>= netstandard2.0))
      Fake.IO.Zip (>= 5.12.1) - restriction: || (== netcoreapp2.1) (== netcoreapp2.2) (== netstandard2.0) (&& (== xamarinmac) (>= netstandard2.0))
      Fake.Net.Http (>= 5.12.1) - restriction: || (== netcoreapp2.1) (== netcoreapp2.2) (== netstandard2.0) (&& (== xamarinmac) (>= netstandard2.0))
      Fake.Tools.Git (>= 5.12.1) - restriction: || (== netcoreapp2.1) (== netcoreapp2.2) (== netstandard2.0) (&& (== xamarinmac) (>= netstandard2.0))
    Dap.Context (0.6.1)
      Dap.Prelude (>= 0.6) - restriction: || (== netcoreapp2.1) (== netcoreapp2.2) (== netstandard2.0) (&& (== xamarinmac) (>= netstandard2.0))
      Thoth.Json.Net (>= 2.5) - restriction: || (== netcoreapp2.1) (== netcoreapp2.2) (== netstandard2.0) (&& (== xamarinmac) (>= netstandard2.0))
    Dap.Platform (0.6.5)
      Dap.Context (>= 0.6.1) - restriction: || (== netcoreapp2.1) (== netcoreapp2.2) (== netstandard2.0) (&& (== xamarinmac) (>= netstandard2.0))
      Elmish (>= 2.0.3) - restriction: || (== netcoreapp2.1) (== netcoreapp2.2) (== netstandard2.0) (&& (== xamarinmac) (>= netstandard2.0))
      NodaTime (>= 2.4.4) - restriction: || (== netcoreapp2.1) (== netcoreapp2.2) (== netstandard2.0) (&& (== xamarinmac) (>= netstandard2.0))
    dotnet-sourcelink (2.8.3) - clitool: true
      Microsoft.Extensions.CommandLineUtils (>= 1.1.1) - restriction: || (== netcoreapp2.1) (== netcoreapp2.2) (&& (== netstandard2.0) (>= netcoreapp1.0)) (&& (== xamarinmac) (>= netcoreapp1.0))
      Microsoft.NETCore.App (>= 2.0) - restriction: || (== netcoreapp2.1) (== netcoreapp2.2) (&& (== netstandard2.0) (>= netcoreapp2.0)) (&& (== xamarinmac) (>= netcoreapp2.0))
      Newtonsoft.Json (>= 10.0.3) - restriction: || (== netcoreapp2.1) (== netcoreapp2.2) (&& (== netstandard2.0) (>= netcoreapp1.0)) (&& (== xamarinmac) (>= netcoreapp1.0))
      NuGet.Packaging (>= 4.4) - restriction: || (== netcoreapp2.1) (== netcoreapp2.2) (&& (== netstandard2.0) (>= netcoreapp1.0)) (&& (== xamarinmac) (>= netcoreapp1.0))
      System.Reflection.Metadata (>= 1.5) - restriction: || (== netcoreapp2.1) (== netcoreapp2.2) (&& (== netstandard2.0) (>= netcoreapp1.0)) (&& (== xamarinmac) (>= netcoreapp1.0))
      System.ValueTuple (>= 4.4) - restriction: || (== netcoreapp2.1) (== netcoreapp2.2) (&& (== netstandard2.0) (>= netcoreapp1.0)) (&& (== xamarinmac) (>= netcoreapp1.0))
    Elmish (2.0.3) - restriction: || (== netcoreapp2.1) (== netcoreapp2.2) (== netstandard2.0) (&& (== xamarinmac) (>= netstandard2.0))
      FSharp.Core (>= 4.5.2)
    Fabulous.Core (0.32)
      Fabulous.CustomControls (>= 0.32) - restriction: || (== netcoreapp2.1) (== netcoreapp2.2) (== netstandard2.0) (&& (== xamarinmac) (>= netstandard2.0))
      FSharp.Core (>= 4.5.2) - restriction: || (== netcoreapp2.1) (== netcoreapp2.2) (== netstandard2.0) (&& (== xamarinmac) (>= netstandard2.0))
      Xamarin.Forms (>= 3.4.0.1009999) - restriction: || (== netcoreapp2.1) (== netcoreapp2.2) (== netstandard2.0) (&& (== xamarinmac) (>= netstandard2.0))
    Fabulous.CustomControls (0.32)
      FSharp.Core (>= 4.5.2) - restriction: || (== netcoreapp2.1) (== netcoreapp2.2) (== netstandard2.0) (&& (== xamarinmac) (>= netstandard2.0))
      Xamarin.Forms (>= 3.4.0.1009999) - restriction: || (== netcoreapp2.1) (== netcoreapp2.2) (== netstandard2.0) (&& (== xamarinmac) (>= netstandard2.0))
    Fabulous.LiveUpdate (0.32)
      Fabulous.Core (>= 0.32) - restriction: || (== netcoreapp2.1) (== netcoreapp2.2) (== netstandard2.0) (&& (== xamarinmac) (>= netstandard2.0))
      FSharp.Core (>= 4.5.2) - restriction: || (== netcoreapp2.1) (== netcoreapp2.2) (== netstandard2.0) (&& (== xamarinmac) (>= netstandard2.0))
      Newtonsoft.Json (>= 11.0.2) - restriction: || (== netcoreapp2.1) (== netcoreapp2.2) (== netstandard2.0) (&& (== xamarinmac) (>= netstandard2.0))
      Xamarin.Forms (>= 3.4.0.1009999) - restriction: || (== netcoreapp2.1) (== netcoreapp2.2) (== netstandard2.0) (&& (== xamarinmac) (>= netstandard2.0))
    Facebook.Yoga (1.5.0-pre1)
    Fake.Core.CommandLineParsing (5.12.1) - restriction: || (== netcoreapp2.1) (== netcoreapp2.2) (== netstandard2.0) (&& (== xamarinmac) (>= netstandard2.0))
      FParsec (>= 1.0.3)
      FSharp.Core (>= 4.3.4)
    Fake.Core.Context (5.12.1) - restriction: || (== netcoreapp2.1) (== netcoreapp2.2) (== netstandard2.0) (&& (== xamarinmac) (>= netstandard2.0))
      FSharp.Core (>= 4.3.4)
    Fake.Core.Environment (5.12.1) - restriction: || (== netcoreapp2.1) (== netcoreapp2.2) (== netstandard2.0) (&& (== xamarinmac) (>= netstandard2.0))
      FSharp.Core (>= 4.3.4)
    Fake.Core.FakeVar (5.12.1) - restriction: || (== netcoreapp2.1) (== netcoreapp2.2) (== netstandard2.0) (&& (== xamarinmac) (>= netstandard2.0))
      Fake.Core.Context (>= 5.12.1)
      FSharp.Core (>= 4.3.4)
    Fake.Core.Process (5.12.1) - restriction: || (== netcoreapp2.1) (== netcoreapp2.2) (== netstandard2.0) (&& (== xamarinmac) (>= netstandard2.0))
      Fake.Core.Environment (>= 5.12.1) - restriction: || (== netcoreapp2.1) (== netcoreapp2.2) (== netstandard2.0) (&& (== xamarinmac) (>= net46)) (&& (== xamarinmac) (>= netstandard2.0))
      Fake.Core.FakeVar (>= 5.12.1) - restriction: || (== netcoreapp2.1) (== netcoreapp2.2) (== netstandard2.0) (&& (== xamarinmac) (>= net46)) (&& (== xamarinmac) (>= netstandard2.0))
      Fake.Core.String (>= 5.12.1) - restriction: || (== netcoreapp2.1) (== netcoreapp2.2) (== netstandard2.0) (&& (== xamarinmac) (>= net46)) (&& (== xamarinmac) (>= netstandard2.0))
      Fake.Core.Trace (>= 5.12.1) - restriction: || (== netcoreapp2.1) (== netcoreapp2.2) (== netstandard2.0) (&& (== xamarinmac) (>= net46)) (&& (== xamarinmac) (>= netstandard2.0))
      Fake.IO.FileSystem (>= 5.12.1) - restriction: || (== netcoreapp2.1) (== netcoreapp2.2) (== netstandard2.0) (&& (== xamarinmac) (>= net46)) (&& (== xamarinmac) (>= netstandard2.0))
      FSharp.Core (>= 4.3.4) - restriction: || (== netcoreapp2.1) (== netcoreapp2.2) (== netstandard2.0) (&& (== xamarinmac) (>= net46)) (&& (== xamarinmac) (>= netstandard2.0))
      System.Diagnostics.Process (>= 4.3) - restriction: || (== netcoreapp2.1) (== netcoreapp2.2) (== netstandard2.0) (&& (== xamarinmac) (>= net46)) (&& (== xamarinmac) (>= netstandard2.0))
    Fake.Core.ReleaseNotes (5.12.1) - restriction: || (== netcoreapp2.1) (== netcoreapp2.2) (== netstandard2.0) (&& (== xamarinmac) (>= netstandard2.0))
      Fake.Core.SemVer (>= 5.12.1)
      Fake.Core.String (>= 5.12.1)
      FSharp.Core (>= 4.3.4)
    Fake.Core.SemVer (5.12.1) - restriction: || (== netcoreapp2.1) (== netcoreapp2.2) (== netstandard2.0) (&& (== xamarinmac) (>= netstandard2.0))
      FSharp.Core (>= 4.3.4)
      System.Runtime.Numerics (>= 4.3)
    Fake.Core.String (5.12.1) - restriction: || (== netcoreapp2.1) (== netcoreapp2.2) (== netstandard2.0) (&& (== xamarinmac) (>= netstandard2.0))
      FSharp.Core (>= 4.3.4)
    Fake.Core.Target (5.12.1) - restriction: || (== netcoreapp2.1) (== netcoreapp2.2) (== netstandard2.0) (&& (== xamarinmac) (>= netstandard2.0))
      Fake.Core.CommandLineParsing (>= 5.12.1) - restriction: || (== netcoreapp2.1) (== netcoreapp2.2) (== netstandard2.0) (&& (== xamarinmac) (>= net46)) (&& (== xamarinmac) (>= netstandard2.0))
      Fake.Core.Context (>= 5.12.1) - restriction: || (== netcoreapp2.1) (== netcoreapp2.2) (== netstandard2.0) (&& (== xamarinmac) (>= net46)) (&& (== xamarinmac) (>= netstandard2.0))
      Fake.Core.Environment (>= 5.12.1) - restriction: || (== netcoreapp2.1) (== netcoreapp2.2) (== netstandard2.0) (&& (== xamarinmac) (>= net46)) (&& (== xamarinmac) (>= netstandard2.0))
      Fake.Core.FakeVar (>= 5.12.1) - restriction: || (== netcoreapp2.1) (== netcoreapp2.2) (== netstandard2.0) (&& (== xamarinmac) (>= net46)) (&& (== xamarinmac) (>= netstandard2.0))
      Fake.Core.Process (>= 5.12.1) - restriction: || (== netcoreapp2.1) (== netcoreapp2.2) (== netstandard2.0) (&& (== xamarinmac) (>= net46)) (&& (== xamarinmac) (>= netstandard2.0))
      Fake.Core.String (>= 5.12.1) - restriction: || (== netcoreapp2.1) (== netcoreapp2.2) (== netstandard2.0) (&& (== xamarinmac) (>= net46)) (&& (== xamarinmac) (>= netstandard2.0))
      Fake.Core.Trace (>= 5.12.1) - restriction: || (== netcoreapp2.1) (== netcoreapp2.2) (== netstandard2.0) (&& (== xamarinmac) (>= net46)) (&& (== xamarinmac) (>= netstandard2.0))
      FSharp.Control.Reactive (>= 4.1) - restriction: || (== netcoreapp2.1) (== netcoreapp2.2) (== netstandard2.0) (&& (== xamarinmac) (>= net46)) (&& (== xamarinmac) (>= netstandard2.0))
      FSharp.Core (>= 4.3.4) - restriction: || (== netcoreapp2.1) (== netcoreapp2.2) (== netstandard2.0) (&& (== xamarinmac) (>= net46)) (&& (== xamarinmac) (>= netstandard2.0))
      System.Reactive.Compatibility (>= 4.1.2) - restriction: || (== netcoreapp2.1) (== netcoreapp2.2) (== netstandard2.0) (&& (== xamarinmac) (>= net46)) (&& (== xamarinmac) (>= netstandard2.0))
    Fake.Core.Tasks (5.12.1) - restriction: || (== netcoreapp2.1) (== netcoreapp2.2) (== netstandard2.0) (&& (== xamarinmac) (>= netstandard2.0))
      Fake.Core.Trace (>= 5.12.1)
      FSharp.Core (>= 4.3.4)
    Fake.Core.Trace (5.12.1) - restriction: || (== netcoreapp2.1) (== netcoreapp2.2) (== netstandard2.0) (&& (== xamarinmac) (>= netstandard2.0))
      Fake.Core.Environment (>= 5.12.1)
      Fake.Core.FakeVar (>= 5.12.1)
      FSharp.Core (>= 4.3.4)
    Fake.Core.Xml (5.12.1) - restriction: || (== netcoreapp2.1) (== netcoreapp2.2) (== netstandard2.0) (&& (== xamarinmac) (>= netstandard2.0))
      Fake.Core.String (>= 5.12.1)
      FSharp.Core (>= 4.3.4)
      System.Xml.ReaderWriter (>= 4.3.1)
      System.Xml.XDocument (>= 4.3)
      System.Xml.XPath (>= 4.3)
      System.Xml.XPath.XDocument (>= 4.3)
      System.Xml.XPath.XmlDocument (>= 4.3)
    Fake.DotNet.Cli (5.12.1) - restriction: || (== netcoreapp2.1) (== netcoreapp2.2) (== netstandard2.0) (&& (== xamarinmac) (>= netstandard2.0))
      Fake.Core.Environment (>= 5.12.1) - restriction: || (== netcoreapp2.1) (== netcoreapp2.2) (== netstandard2.0) (&& (== xamarinmac) (>= net462)) (&& (== xamarinmac) (>= netstandard2.0))
      Fake.Core.Process (>= 5.12.1) - restriction: || (== netcoreapp2.1) (== netcoreapp2.2) (== netstandard2.0) (&& (== xamarinmac) (>= net462)) (&& (== xamarinmac) (>= netstandard2.0))
      Fake.Core.String (>= 5.12.1) - restriction: || (== netcoreapp2.1) (== netcoreapp2.2) (== netstandard2.0) (&& (== xamarinmac) (>= net462)) (&& (== xamarinmac) (>= netstandard2.0))
      Fake.Core.Trace (>= 5.12.1) - restriction: || (== netcoreapp2.1) (== netcoreapp2.2) (== netstandard2.0) (&& (== xamarinmac) (>= net462)) (&& (== xamarinmac) (>= netstandard2.0))
      Fake.DotNet.MSBuild (>= 5.12.1) - restriction: || (== netcoreapp2.1) (== netcoreapp2.2) (== netstandard2.0) (&& (== xamarinmac) (>= net462)) (&& (== xamarinmac) (>= netstandard2.0))
      Fake.IO.FileSystem (>= 5.12.1) - restriction: || (== netcoreapp2.1) (== netcoreapp2.2) (== netstandard2.0) (&& (== xamarinmac) (>= net462)) (&& (== xamarinmac) (>= netstandard2.0))
      FSharp.Core (>= 4.3.4) - restriction: || (== netcoreapp2.1) (== netcoreapp2.2) (== netstandard2.0) (&& (== xamarinmac) (>= net462)) (&& (== xamarinmac) (>= netstandard2.0))
      Newtonsoft.Json (>= 12.0.1) - restriction: || (== netcoreapp2.1) (== netcoreapp2.2) (== netstandard2.0) (&& (== xamarinmac) (>= net462)) (&& (== xamarinmac) (>= netstandard2.0))
    Fake.DotNet.MSBuild (5.12.1) - restriction: || (== netcoreapp2.1) (== netcoreapp2.2) (== netstandard2.0) (&& (== xamarinmac) (>= netstandard2.0))
      BlackFox.VsWhere (>= 1.0) - restriction: || (== netcoreapp2.1) (== netcoreapp2.2) (== netstandard2.0) (&& (== xamarinmac) (>= net462)) (&& (== xamarinmac) (>= netstandard2.0))
      Fake.Core.Environment (>= 5.12.1) - restriction: || (== netcoreapp2.1) (== netcoreapp2.2) (== netstandard2.0) (&& (== xamarinmac) (>= net462)) (&& (== xamarinmac) (>= netstandard2.0))
      Fake.Core.Process (>= 5.12.1) - restriction: || (== netcoreapp2.1) (== netcoreapp2.2) (== netstandard2.0) (&& (== xamarinmac) (>= net462)) (&& (== xamarinmac) (>= netstandard2.0))
      Fake.Core.String (>= 5.12.1) - restriction: || (== netcoreapp2.1) (== netcoreapp2.2) (== netstandard2.0) (&& (== xamarinmac) (>= net462)) (&& (== xamarinmac) (>= netstandard2.0))
      Fake.Core.Trace (>= 5.12.1) - restriction: || (== netcoreapp2.1) (== netcoreapp2.2) (== netstandard2.0) (&& (== xamarinmac) (>= net462)) (&& (== xamarinmac) (>= netstandard2.0))
      Fake.IO.FileSystem (>= 5.12.1) - restriction: || (== netcoreapp2.1) (== netcoreapp2.2) (== netstandard2.0) (&& (== xamarinmac) (>= net462)) (&& (== xamarinmac) (>= netstandard2.0))
      FSharp.Core (>= 4.3.4) - restriction: || (== netcoreapp2.1) (== netcoreapp2.2) (== netstandard2.0) (&& (== xamarinmac) (>= net462)) (&& (== xamarinmac) (>= netstandard2.0))
      MSBuild.StructuredLogger (>= 2.0.68) - restriction: || (== netcoreapp2.1) (== netcoreapp2.2) (== netstandard2.0) (&& (== xamarinmac) (>= net462)) (&& (== xamarinmac) (>= netstandard2.0))
    Fake.DotNet.NuGet (5.12.1) - restriction: || (== netcoreapp2.1) (== netcoreapp2.2) (== netstandard2.0) (&& (== xamarinmac) (>= netstandard2.0))
      Fake.Core.Environment (>= 5.12.1) - restriction: || (== netcoreapp2.1) (== netcoreapp2.2) (== netstandard2.0) (&& (== xamarinmac) (>= net46)) (&& (== xamarinmac) (>= netstandard2.0))
      Fake.Core.Process (>= 5.12.1) - restriction: || (== netcoreapp2.1) (== netcoreapp2.2) (== netstandard2.0) (&& (== xamarinmac) (>= net46)) (&& (== xamarinmac) (>= netstandard2.0))
      Fake.Core.SemVer (>= 5.12.1) - restriction: || (== netcoreapp2.1) (== netcoreapp2.2) (== netstandard2.0) (&& (== xamarinmac) (>= net46)) (&& (== xamarinmac) (>= netstandard2.0))
      Fake.Core.String (>= 5.12.1) - restriction: || (== netcoreapp2.1) (== netcoreapp2.2) (== netstandard2.0) (&& (== xamarinmac) (>= net46)) (&& (== xamarinmac) (>= netstandard2.0))
      Fake.Core.Tasks (>= 5.12.1) - restriction: || (== netcoreapp2.1) (== netcoreapp2.2) (== netstandard2.0) (&& (== xamarinmac) (>= net46)) (&& (== xamarinmac) (>= netstandard2.0))
      Fake.Core.Trace (>= 5.12.1) - restriction: || (== netcoreapp2.1) (== netcoreapp2.2) (== netstandard2.0) (&& (== xamarinmac) (>= net46)) (&& (== xamarinmac) (>= netstandard2.0))
      Fake.Core.Xml (>= 5.12.1) - restriction: || (== netcoreapp2.1) (== netcoreapp2.2) (== netstandard2.0) (&& (== xamarinmac) (>= net46)) (&& (== xamarinmac) (>= netstandard2.0))
      Fake.IO.FileSystem (>= 5.12.1) - restriction: || (== netcoreapp2.1) (== netcoreapp2.2) (== netstandard2.0) (&& (== xamarinmac) (>= net46)) (&& (== xamarinmac) (>= netstandard2.0))
      Fake.Net.Http (>= 5.12.1) - restriction: || (== netcoreapp2.1) (== netcoreapp2.2) (== netstandard2.0) (&& (== xamarinmac) (>= net46)) (&& (== xamarinmac) (>= netstandard2.0))
      FSharp.Core (>= 4.3.4) - restriction: || (== netcoreapp2.1) (== netcoreapp2.2) (== netstandard2.0) (&& (== xamarinmac) (>= net46)) (&& (== xamarinmac) (>= netstandard2.0))
      Newtonsoft.Json (>= 12.0.1) - restriction: || (== netcoreapp2.1) (== netcoreapp2.2) (== netstandard2.0) (&& (== xamarinmac) (>= net46)) (&& (== xamarinmac) (>= netstandard2.0))
      System.Net.Http (>= 4.3.4) - restriction: || (== netcoreapp2.1) (== netcoreapp2.2) (== netstandard2.0) (&& (== xamarinmac) (>= net46)) (&& (== xamarinmac) (>= netstandard2.0))
    Fake.IO.FileSystem (5.12.1) - restriction: || (== netcoreapp2.1) (== netcoreapp2.2) (== netstandard2.0) (&& (== xamarinmac) (>= netstandard2.0))
      Fake.Core.String (>= 5.12.1)
      FSharp.Core (>= 4.3.4)
      System.Diagnostics.FileVersionInfo (>= 4.3)
      System.IO.FileSystem.Watcher (>= 4.3)
    Fake.IO.Zip (5.12.1) - restriction: || (== netcoreapp2.1) (== netcoreapp2.2) (== netstandard2.0) (&& (== xamarinmac) (>= netstandard2.0))
      Fake.Core.String (>= 5.12.1)
      Fake.IO.FileSystem (>= 5.12.1)
      FSharp.Core (>= 4.3.4)
      System.IO.Compression (>= 4.3)
      System.IO.Compression.ZipFile (>= 4.3)
    Fake.Net.Http (5.12.1) - restriction: || (== netcoreapp2.1) (== netcoreapp2.2) (== netstandard2.0) (&& (== xamarinmac) (>= netstandard2.0))
      Fake.Core.Trace (>= 5.12.1)
      FSharp.Core (>= 4.3.4)
      System.Net.Http (>= 4.3.4)
    Fake.Tools.Git (5.12.1) - restriction: || (== netcoreapp2.1) (== netcoreapp2.2) (== netstandard2.0) (&& (== xamarinmac) (>= netstandard2.0))
      Fake.Core.Environment (>= 5.12.1) - restriction: || (== netcoreapp2.1) (== netcoreapp2.2) (== netstandard2.0) (&& (== xamarinmac) (>= net46)) (&& (== xamarinmac) (>= netstandard2.0))
      Fake.Core.Process (>= 5.12.1) - restriction: || (== netcoreapp2.1) (== netcoreapp2.2) (== netstandard2.0) (&& (== xamarinmac) (>= net46)) (&& (== xamarinmac) (>= netstandard2.0))
      Fake.Core.SemVer (>= 5.12.1) - restriction: || (== netcoreapp2.1) (== netcoreapp2.2) (== netstandard2.0) (&& (== xamarinmac) (>= net46)) (&& (== xamarinmac) (>= netstandard2.0))
      Fake.Core.String (>= 5.12.1) - restriction: || (== netcoreapp2.1) (== netcoreapp2.2) (== netstandard2.0) (&& (== xamarinmac) (>= net46)) (&& (== xamarinmac) (>= netstandard2.0))
      Fake.Core.Trace (>= 5.12.1) - restriction: || (== netcoreapp2.1) (== netcoreapp2.2) (== netstandard2.0) (&& (== xamarinmac) (>= net46)) (&& (== xamarinmac) (>= netstandard2.0))
      Fake.IO.FileSystem (>= 5.12.1) - restriction: || (== netcoreapp2.1) (== netcoreapp2.2) (== netstandard2.0) (&& (== xamarinmac) (>= net46)) (&& (== xamarinmac) (>= netstandard2.0))
      FSharp.Core (>= 4.3.4) - restriction: || (== netcoreapp2.1) (== netcoreapp2.2) (== netstandard2.0) (&& (== xamarinmac) (>= net46)) (&& (== xamarinmac) (>= netstandard2.0))
    FParsec (1.0.3) - restriction: || (== netcoreapp2.1) (== netcoreapp2.2) (== netstandard2.0) (&& (== xamarinmac) (>= netstandard2.0))
      FSharp.Core (>= 4.2.3)
      NETStandard.Library (>= 1.6.1)
    FSharp.Control.Reactive (4.1) - restriction: || (== netcoreapp2.1) (== netcoreapp2.2) (== netstandard2.0) (&& (== xamarinmac) (>= netstandard2.0))
      FSharp.Core (>= 4.2.3) - restriction: || (== netcoreapp2.1) (== netcoreapp2.2) (== netstandard2.0) (&& (== xamarinmac) (>= net46)) (&& (== xamarinmac) (>= netstandard2.0))
      System.Reactive (>= 4.0) - restriction: || (== netcoreapp2.1) (== netcoreapp2.2) (== netstandard2.0) (&& (== xamarinmac) (>= net46)) (&& (== xamarinmac) (>= netstandard2.0))
    FSharp.Core (4.6.2)
      System.Collections (>= 4.0.11) - restriction: || (&& (== netcoreapp2.1) (< netstandard2.0)) (&& (== netcoreapp2.2) (< netstandard2.0)) (== xamarinmac)
      System.Console (>= 4.0) - restriction: || (&& (== netcoreapp2.1) (< netstandard2.0)) (&& (== netcoreapp2.2) (< netstandard2.0)) (== xamarinmac)
      System.Diagnostics.Debug (>= 4.0.11) - restriction: || (&& (== netcoreapp2.1) (< netstandard2.0)) (&& (== netcoreapp2.2) (< netstandard2.0)) (== xamarinmac)
      System.Diagnostics.Tools (>= 4.0.1) - restriction: || (&& (== netcoreapp2.1) (< netstandard2.0)) (&& (== netcoreapp2.2) (< netstandard2.0)) (== xamarinmac)
      System.Globalization (>= 4.0.11) - restriction: || (&& (== netcoreapp2.1) (< netstandard2.0)) (&& (== netcoreapp2.2) (< netstandard2.0)) (== xamarinmac)
      System.IO (>= 4.1) - restriction: || (&& (== netcoreapp2.1) (< netstandard2.0)) (&& (== netcoreapp2.2) (< netstandard2.0)) (== xamarinmac)
      System.Linq (>= 4.1) - restriction: || (&& (== netcoreapp2.1) (< netstandard2.0)) (&& (== netcoreapp2.2) (< netstandard2.0)) (== xamarinmac)
      System.Linq.Expressions (>= 4.1) - restriction: || (&& (== netcoreapp2.1) (< netstandard2.0)) (&& (== netcoreapp2.2) (< netstandard2.0)) (== xamarinmac)
      System.Linq.Queryable (>= 4.0.1) - restriction: || (&& (== netcoreapp2.1) (< netstandard2.0)) (&& (== netcoreapp2.2) (< netstandard2.0)) (== xamarinmac)
      System.Net.Requests (>= 4.0.11) - restriction: || (&& (== netcoreapp2.1) (< netstandard2.0)) (&& (== netcoreapp2.2) (< netstandard2.0)) (== xamarinmac)
      System.Reflection (>= 4.1) - restriction: || (&& (== netcoreapp2.1) (< netstandard2.0)) (&& (== netcoreapp2.2) (< netstandard2.0)) (== xamarinmac)
      System.Reflection.Extensions (>= 4.0.1) - restriction: || (&& (== netcoreapp2.1) (< netstandard2.0)) (&& (== netcoreapp2.2) (< netstandard2.0)) (== xamarinmac)
      System.Resources.ResourceManager (>= 4.0.1) - restriction: || (&& (== netcoreapp2.1) (< netstandard2.0)) (&& (== netcoreapp2.2) (< netstandard2.0)) (== xamarinmac)
      System.Runtime (>= 4.1) - restriction: || (&& (== netcoreapp2.1) (< netstandard2.0)) (&& (== netcoreapp2.2) (< netstandard2.0)) (== xamarinmac)
      System.Runtime.Extensions (>= 4.1) - restriction: || (&& (== netcoreapp2.1) (< netstandard2.0)) (&& (== netcoreapp2.2) (< netstandard2.0)) (== xamarinmac)
      System.Runtime.Numerics (>= 4.0.1) - restriction: || (&& (== netcoreapp2.1) (< netstandard2.0)) (&& (== netcoreapp2.2) (< netstandard2.0)) (== xamarinmac)
      System.Text.RegularExpressions (>= 4.1) - restriction: || (&& (== netcoreapp2.1) (< netstandard2.0)) (&& (== netcoreapp2.2) (< netstandard2.0)) (== xamarinmac)
      System.Threading (>= 4.0.11) - restriction: || (&& (== netcoreapp2.1) (< netstandard2.0)) (&& (== netcoreapp2.2) (< netstandard2.0)) (== xamarinmac)
      System.Threading.Tasks (>= 4.0.11) - restriction: || (&& (== netcoreapp2.1) (< netstandard2.0)) (&& (== netcoreapp2.2) (< netstandard2.0)) (== xamarinmac)
      System.Threading.Tasks.Parallel (>= 4.0.1) - restriction: || (&& (== netcoreapp2.1) (< netstandard2.0)) (&& (== netcoreapp2.2) (< netstandard2.0)) (== xamarinmac)
      System.Threading.Thread (>= 4.0) - restriction: || (&& (== netcoreapp2.1) (< netstandard2.0)) (&& (== netcoreapp2.2) (< netstandard2.0)) (== xamarinmac)
      System.Threading.ThreadPool (>= 4.0.10) - restriction: || (&& (== netcoreapp2.1) (< netstandard2.0)) (&& (== netcoreapp2.2) (< netstandard2.0)) (== xamarinmac)
      System.Threading.Timer (>= 4.0.1) - restriction: || (&& (== netcoreapp2.1) (< netstandard2.0)) (&& (== netcoreapp2.2) (< netstandard2.0)) (== xamarinmac)
    GdkSharp (3.22.24.37) - restriction: || (== netcoreapp2.1) (== netcoreapp2.2) (== netstandard2.0) (&& (== xamarinmac) (>= netstandard2.0))
      CairoSharp (>= 3.22.24.37) - restriction: || (== netcoreapp2.1) (== netcoreapp2.2) (== netstandard2.0) (&& (== xamarinmac) (>= netstandard2.0))
      GioSharp (>= 3.22.24.37) - restriction: || (== netcoreapp2.1) (== netcoreapp2.2) (== netstandard2.0) (&& (== xamarinmac) (>= netstandard2.0))
      GLibSharp (>= 3.22.24.37) - restriction: || (== netcoreapp2.1) (== netcoreapp2.2) (== netstandard2.0) (&& (== xamarinmac) (>= netstandard2.0))
      PangoSharp (>= 3.22.24.37) - restriction: || (== netcoreapp2.1) (== netcoreapp2.2) (== netstandard2.0) (&& (== xamarinmac) (>= netstandard2.0))
    GioSharp (3.22.24.37) - restriction: || (== netcoreapp2.1) (== netcoreapp2.2) (== netstandard2.0) (&& (== xamarinmac) (>= netstandard2.0))
      GLibSharp (>= 3.22.24.37) - restriction: || (== netcoreapp2.1) (== netcoreapp2.2) (== netstandard2.0) (&& (== xamarinmac) (>= netstandard2.0))
    GLibSharp (3.22.24.37) - restriction: || (== netcoreapp2.1) (== netcoreapp2.2) (== netstandard2.0) (&& (== xamarinmac) (>= netstandard2.0))
    GtkSharp (3.22.24.37)
      AtkSharp (>= 3.22.24.37) - restriction: || (== netcoreapp2.1) (== netcoreapp2.2) (== netstandard2.0) (&& (== xamarinmac) (>= netstandard2.0))
      CairoSharp (>= 3.22.24.37) - restriction: || (== netcoreapp2.1) (== netcoreapp2.2) (== netstandard2.0) (&& (== xamarinmac) (>= netstandard2.0))
      GdkSharp (>= 3.22.24.37) - restriction: || (== netcoreapp2.1) (== netcoreapp2.2) (== netstandard2.0) (&& (== xamarinmac) (>= netstandard2.0))
      GioSharp (>= 3.22.24.37) - restriction: || (== netcoreapp2.1) (== netcoreapp2.2) (== netstandard2.0) (&& (== xamarinmac) (>= netstandard2.0))
      GLibSharp (>= 3.22.24.37) - restriction: || (== netcoreapp2.1) (== netcoreapp2.2) (== netstandard2.0) (&& (== xamarinmac) (>= netstandard2.0))
      PangoSharp (>= 3.22.24.37) - restriction: || (== netcoreapp2.1) (== netcoreapp2.2) (== netstandard2.0) (&& (== xamarinmac) (>= netstandard2.0))
    Microsoft.Build (15.9.20) - restriction: || (== netcoreapp2.1) (== netcoreapp2.2) (== netstandard2.0) (&& (== xamarinmac) (>= netstandard2.0))
      Microsoft.Build.Framework (>= 15.9.20) - restriction: || (== netcoreapp2.1) (== netcoreapp2.2) (== netstandard2.0) (&& (== xamarinmac) (>= net46)) (&& (== xamarinmac) (>= netstandard2.0))
      Microsoft.Win32.Registry (>= 4.3) - restriction: || (== netcoreapp2.1) (== netcoreapp2.2) (== netstandard2.0) (&& (== xamarinmac) (>= netcoreapp2.1)) (&& (== xamarinmac) (>= netstandard2.0))
      System.Collections.Immutable (>= 1.5) - restriction: || (== netcoreapp2.1) (== netcoreapp2.2) (== netstandard2.0) (&& (== xamarinmac) (>= net46)) (&& (== xamarinmac) (>= netstandard2.0))
      System.Diagnostics.TraceSource (>= 4.0) - restriction: || (== netcoreapp2.1) (== netcoreapp2.2) (== netstandard2.0) (&& (== xamarinmac) (>= netcoreapp2.1)) (&& (== xamarinmac) (>= netstandard2.0))
      System.IO.Compression (>= 4.3) - restriction: || (== netcoreapp2.1) (== netcoreapp2.2) (== netstandard2.0) (&& (== xamarinmac) (>= net46)) (&& (== xamarinmac) (>= netstandard2.0))
      System.Reflection.Metadata (>= 1.6) - restriction: || (== netcoreapp2.1) (== netcoreapp2.2) (== netstandard2.0) (&& (== xamarinmac) (>= netcoreapp2.1)) (&& (== xamarinmac) (>= netstandard2.0))
      System.Reflection.TypeExtensions (>= 4.1) - restriction: || (== netcoreapp2.1) (== netcoreapp2.2) (== netstandard2.0) (&& (== xamarinmac) (>= netcoreapp2.1)) (&& (== xamarinmac) (>= netstandard2.0))
      System.Runtime.InteropServices.RuntimeInformation (>= 4.3) - restriction: || (== netcoreapp2.1) (== netcoreapp2.2) (== netstandard2.0) (&& (== xamarinmac) (>= net46)) (&& (== xamarinmac) (>= netstandard2.0))
      System.Runtime.Loader (>= 4.0) - restriction: || (== netcoreapp2.1) (== netcoreapp2.2) (== netstandard2.0) (&& (== xamarinmac) (>= netcoreapp2.1)) (&& (== xamarinmac) (>= netstandard2.0))
      System.Security.Principal.Windows (>= 4.3) - restriction: || (== netcoreapp2.1) (== netcoreapp2.2) (&& (== netstandard2.0) (>= netcoreapp2.1)) (&& (== xamarinmac) (>= netcoreapp2.1))
      System.Text.Encoding.CodePages (>= 4.0.1) - restriction: || (== netcoreapp2.1) (== netcoreapp2.2) (== netstandard2.0) (&& (== xamarinmac) (>= netcoreapp2.1)) (&& (== xamarinmac) (>= netstandard2.0))
      System.Threading.Tasks.Dataflow (>= 4.6) - restriction: || (== netcoreapp2.1) (== netcoreapp2.2) (== netstandard2.0) (&& (== xamarinmac) (>= netcoreapp2.1)) (&& (== xamarinmac) (>= netstandard2.0))
    Microsoft.Build.Framework (15.9.20) - restriction: || (== netcoreapp2.1) (== netcoreapp2.2) (== netstandard2.0) (&& (== xamarinmac) (>= netstandard2.0))
      System.Runtime.Serialization.Primitives (>= 4.1.1) - restriction: || (== netcoreapp2.1) (== netcoreapp2.2) (== netstandard2.0) (&& (== xamarinmac) (>= netstandard2.0))
      System.Threading.Thread (>= 4.0) - restriction: || (== netcoreapp2.1) (== netcoreapp2.2) (== netstandard2.0) (&& (== xamarinmac) (>= netstandard2.0))
    Microsoft.Build.Tasks.Core (15.9.20) - restriction: || (== netcoreapp2.1) (== netcoreapp2.2) (== netstandard2.0) (&& (== xamarinmac) (>= netstandard2.0))
      Microsoft.Build.Framework (>= 15.9.20) - restriction: || (== netcoreapp2.1) (== netcoreapp2.2) (== netstandard2.0) (&& (== xamarinmac) (>= net46)) (&& (== xamarinmac) (>= netstandard2.0))
      Microsoft.Build.Utilities.Core (>= 15.9.20) - restriction: || (== netcoreapp2.1) (== netcoreapp2.2) (== netstandard2.0) (&& (== xamarinmac) (>= net46)) (&& (== xamarinmac) (>= netstandard2.0))
      Microsoft.Win32.Registry (>= 4.3) - restriction: || (== netcoreapp2.1) (== netcoreapp2.2) (== netstandard2.0) (&& (== xamarinmac) (>= netstandard2.0))
      System.CodeDom (>= 4.4) - restriction: || (== netcoreapp2.1) (== netcoreapp2.2) (== netstandard2.0) (&& (== xamarinmac) (>= netstandard2.0))
      System.Collections.Immutable (>= 1.5) - restriction: || (== netcoreapp2.1) (== netcoreapp2.2) (== netstandard2.0) (&& (== xamarinmac) (>= net46)) (&& (== xamarinmac) (>= netstandard2.0))
      System.Linq.Parallel (>= 4.0.1) - restriction: || (== netcoreapp2.1) (== netcoreapp2.2) (== netstandard2.0) (&& (== xamarinmac) (>= netstandard2.0))
      System.Net.Http (>= 4.3) - restriction: || (== netcoreapp2.1) (== netcoreapp2.2) (== netstandard2.0) (&& (== xamarinmac) (>= netstandard2.0))
      System.Reflection.Metadata (>= 1.6) - restriction: || (== netcoreapp2.1) (== netcoreapp2.2) (== netstandard2.0) (&& (== xamarinmac) (>= netstandard2.0))
      System.Reflection.TypeExtensions (>= 4.1) - restriction: || (== netcoreapp2.1) (== netcoreapp2.2) (== netstandard2.0) (&& (== xamarinmac) (>= netstandard2.0))
      System.Resources.Writer (>= 4.0) - restriction: || (== netcoreapp2.1) (== netcoreapp2.2) (== netstandard2.0) (&& (== xamarinmac) (>= netstandard2.0))
      System.Threading.Tasks.Dataflow (>= 4.6) - restriction: || (== netcoreapp2.1) (== netcoreapp2.2) (== netstandard2.0) (&& (== xamarinmac) (>= netstandard2.0))
    Microsoft.Build.Tasks.Git (1.0.0-beta-62925-02)
    Microsoft.Build.Utilities.Core (15.9.20) - restriction: || (== netcoreapp2.1) (== netcoreapp2.2) (== netstandard2.0) (&& (== xamarinmac) (>= netstandard2.0))
      Microsoft.Build.Framework (>= 15.9.20) - restriction: || (== netcoreapp2.1) (== netcoreapp2.2) (== netstandard2.0) (&& (== xamarinmac) (>= net46)) (&& (== xamarinmac) (>= netstandard2.0))
      Microsoft.Win32.Registry (>= 4.3) - restriction: || (== netcoreapp2.1) (== netcoreapp2.2) (== netstandard2.0) (&& (== xamarinmac) (>= netstandard2.0))
      System.Collections.Immutable (>= 1.5) - restriction: || (== netcoreapp2.1) (== netcoreapp2.2) (== netstandard2.0) (&& (== xamarinmac) (>= net46)) (&& (== xamarinmac) (>= netstandard2.0))
      System.Runtime.InteropServices.RuntimeInformation (>= 4.3) - restriction: || (== netcoreapp2.1) (== netcoreapp2.2) (== netstandard2.0) (&& (== xamarinmac) (>= net46)) (&& (== xamarinmac) (>= netstandard2.0))
      System.Text.Encoding.CodePages (>= 4.4) - restriction: || (== netcoreapp2.1) (== netcoreapp2.2) (== netstandard2.0) (&& (== xamarinmac) (>= netstandard2.0))
    Microsoft.Extensions.CommandLineUtils (1.1.1) - restriction: || (== netcoreapp2.1) (== netcoreapp2.2) (&& (== netstandard2.0) (>= netcoreapp1.0)) (&& (== xamarinmac) (>= netcoreapp1.0))
      NETStandard.Library (>= 1.6.1)
    Microsoft.NETCore.App (2.2.2) - restriction: || (== netcoreapp2.1) (== netcoreapp2.2) (&& (== netstandard2.0) (>= netcoreapp2.0)) (&& (== xamarinmac) (>= netcoreapp2.0))
      Microsoft.NETCore.DotNetHostPolicy (>= 2.2.2) - restriction: || (&& (== netcoreapp2.1) (>= netcoreapp2.2)) (== netcoreapp2.2) (&& (== netstandard2.0) (>= netcoreapp2.2)) (&& (== xamarinmac) (>= netcoreapp2.2))
      Microsoft.NETCore.Platforms (>= 2.2) - restriction: || (&& (== netcoreapp2.1) (>= netcoreapp2.2)) (== netcoreapp2.2) (&& (== netstandard2.0) (>= netcoreapp2.2)) (&& (== xamarinmac) (>= netcoreapp2.2))
      Microsoft.NETCore.Targets (>= 2.0) - restriction: || (&& (== netcoreapp2.1) (>= netcoreapp2.2)) (== netcoreapp2.2) (&& (== netstandard2.0) (>= netcoreapp2.2)) (&& (== xamarinmac) (>= netcoreapp2.2))
      NETStandard.Library (>= 2.0.3) - restriction: || (&& (== netcoreapp2.1) (>= netcoreapp2.2)) (== netcoreapp2.2) (&& (== netstandard2.0) (>= netcoreapp2.2)) (&& (== xamarinmac) (>= netcoreapp2.2))
    Microsoft.NETCore.DotNetAppHost (2.2.2) - restriction: || (&& (== netcoreapp2.1) (>= netcoreapp2.2)) (== netcoreapp2.2) (&& (== netstandard2.0) (>= netcoreapp2.2)) (&& (== xamarinmac) (>= netcoreapp2.2))
    Microsoft.NETCore.DotNetHostPolicy (2.2.2) - restriction: || (&& (== netcoreapp2.1) (>= netcoreapp2.2)) (== netcoreapp2.2) (&& (== netstandard2.0) (>= netcoreapp2.2)) (&& (== xamarinmac) (>= netcoreapp2.2))
      Microsoft.NETCore.DotNetHostResolver (>= 2.2.2)
    Microsoft.NETCore.DotNetHostResolver (2.2.2) - restriction: || (&& (== netcoreapp2.1) (>= netcoreapp2.2)) (== netcoreapp2.2) (&& (== netstandard2.0) (>= netcoreapp2.2)) (&& (== xamarinmac) (>= netcoreapp2.2))
      Microsoft.NETCore.DotNetAppHost (>= 2.2.2)
    Microsoft.NETCore.Platforms (2.2)
    Microsoft.NETCore.Targets (2.1) - restriction: || (== netcoreapp2.1) (== netcoreapp2.2) (== netstandard2.0) (&& (== xamarinmac) (>= netcoreapp2.2)) (&& (== xamarinmac) (>= netstandard2.0))
    Microsoft.SourceLink.Common (1.0.0-beta-62925-02)
    Microsoft.SourceLink.GitHub (1.0.0-beta-62925-02)
      Microsoft.Build.Tasks.Git (>= 1.0.0-beta-62925-02)
      Microsoft.SourceLink.Common (>= 1.0.0-beta-62925-02)
    Microsoft.Win32.Primitives (4.3)
    Microsoft.Win32.Registry (4.5) - restriction: || (== netcoreapp2.1) (== netcoreapp2.2) (== netstandard2.0) (&& (== xamarinmac) (>= netstandard2.0))
      System.Buffers (>= 4.4) - restriction: || (&& (== netcoreapp2.1) (>= monoandroid) (< netstandard2.0)) (&& (== netcoreapp2.1) (>= monotouch)) (&& (== netcoreapp2.1) (< netcoreapp2.0)) (&& (== netcoreapp2.1) (>= xamarinios)) (&& (== netcoreapp2.1) (>= xamarinmac)) (&& (== netcoreapp2.1) (>= xamarintvos)) (&& (== netcoreapp2.1) (>= xamarinwatchos)) (&& (== netcoreapp2.2) (>= monoandroid) (< netstandard2.0)) (&& (== netcoreapp2.2) (>= monotouch)) (&& (== netcoreapp2.2) (< netcoreapp2.0)) (&& (== netcoreapp2.2) (>= xamarinios)) (&& (== netcoreapp2.2) (>= xamarinmac)) (&& (== netcoreapp2.2) (>= xamarintvos)) (&& (== netcoreapp2.2) (>= xamarinwatchos)) (== netstandard2.0) (== xamarinmac)
      System.Memory (>= 4.5) - restriction: || (&& (== netcoreapp2.1) (< netcoreapp2.0)) (&& (== netcoreapp2.1) (>= uap10.1)) (&& (== netcoreapp2.2) (< netcoreapp2.0)) (&& (== netcoreapp2.2) (< netcoreapp2.1)) (&& (== netcoreapp2.2) (>= uap10.1)) (== netstandard2.0) (&& (== xamarinmac) (>= netcoreapp2.0)) (&& (== xamarinmac) (>= netstandard2.0)) (&& (== xamarinmac) (>= uap10.1))
      System.Security.AccessControl (>= 4.5)
      System.Security.Principal.Windows (>= 4.5)
    MonoGame.Framework.DesktopGL.Core (3.7.0.7)
    MSBuild.StructuredLogger (2.0.68) - restriction: || (== netcoreapp2.1) (== netcoreapp2.2) (== netstandard2.0) (&& (== xamarinmac) (>= netstandard2.0))
      Microsoft.Build (>= 15.8.166) - restriction: || (== netcoreapp2.1) (== netcoreapp2.2) (== netstandard2.0) (&& (== xamarinmac) (>= netstandard2.0))
      Microsoft.Build.Framework (>= 15.8.166) - restriction: || (== netcoreapp2.1) (== netcoreapp2.2) (== netstandard2.0) (&& (== xamarinmac) (>= netstandard2.0))
      Microsoft.Build.Tasks.Core (>= 15.8.166) - restriction: || (== netcoreapp2.1) (== netcoreapp2.2) (== netstandard2.0) (&& (== xamarinmac) (>= netstandard2.0))
      Microsoft.Build.Utilities.Core (>= 15.8.166) - restriction: || (== netcoreapp2.1) (== netcoreapp2.2) (== netstandard2.0) (&& (== xamarinmac) (>= netstandard2.0))
    Myra (0.8.5.165)
    NETStandard.Library (2.0.3)
      Microsoft.NETCore.Platforms (>= 1.1)
      Microsoft.Win32.Primitives (>= 4.3) - restriction: || (&& (== netcoreapp2.1) (< netstandard1.4)) (&& (== netcoreapp2.1) (< netstandard1.5)) (&& (== netcoreapp2.1) (< netstandard1.6)) (&& (== netcoreapp2.1) (< netstandard2.0)) (&& (== netcoreapp2.2) (< netstandard1.4)) (&& (== netcoreapp2.2) (< netstandard1.5)) (&& (== netcoreapp2.2) (< netstandard1.6)) (&& (== netcoreapp2.2) (< netstandard2.0)) (&& (== netstandard2.0) (< netstandard1.4)) (&& (== netstandard2.0) (< netstandard1.5)) (&& (== netstandard2.0) (< netstandard1.6)) (== xamarinmac)
      System.AppContext (>= 4.3) - restriction: || (&& (== netcoreapp2.1) (< netstandard1.4)) (&& (== netcoreapp2.1) (< netstandard1.5)) (&& (== netcoreapp2.1) (< netstandard1.6)) (&& (== netcoreapp2.1) (< netstandard2.0)) (&& (== netcoreapp2.2) (< netstandard1.4)) (&& (== netcoreapp2.2) (< netstandard1.5)) (&& (== netcoreapp2.2) (< netstandard1.6)) (&& (== netcoreapp2.2) (< netstandard2.0)) (&& (== netstandard2.0) (< netstandard1.4)) (&& (== netstandard2.0) (< netstandard1.5)) (&& (== netstandard2.0) (< netstandard1.6)) (== xamarinmac)
      System.Collections (>= 4.3) - restriction: || (&& (== netcoreapp2.1) (< netstandard1.2)) (&& (== netcoreapp2.1) (< netstandard1.3)) (&& (== netcoreapp2.1) (< netstandard1.4)) (&& (== netcoreapp2.1) (< netstandard1.5)) (&& (== netcoreapp2.1) (< netstandard1.6)) (&& (== netcoreapp2.1) (< netstandard2.0)) (&& (== netcoreapp2.1) (< portable-net45+win8+wpa81)) (&& (== netcoreapp2.2) (< netstandard1.2)) (&& (== netcoreapp2.2) (< netstandard1.3)) (&& (== netcoreapp2.2) (< netstandard1.4)) (&& (== netcoreapp2.2) (< netstandard1.5)) (&& (== netcoreapp2.2) (< netstandard1.6)) (&& (== netcoreapp2.2) (< netstandard2.0)) (&& (== netcoreapp2.2) (< portable-net45+win8+wpa81)) (&& (== netstandard2.0) (< netstandard1.2)) (&& (== netstandard2.0) (< netstandard1.3)) (&& (== netstandard2.0) (< netstandard1.4)) (&& (== netstandard2.0) (< netstandard1.5)) (&& (== netstandard2.0) (< netstandard1.6)) (&& (== netstandard2.0) (< portable-net45+win8+wpa81)) (== xamarinmac)
      System.Collections.Concurrent (>= 4.3) - restriction: || (&& (== netcoreapp2.1) (< netstandard1.2)) (&& (== netcoreapp2.1) (< netstandard1.3)) (&& (== netcoreapp2.1) (< netstandard1.4)) (&& (== netcoreapp2.1) (< netstandard1.5)) (&& (== netcoreapp2.1) (< netstandard1.6)) (&& (== netcoreapp2.1) (< netstandard2.0)) (&& (== netcoreapp2.2) (< netstandard1.2)) (&& (== netcoreapp2.2) (< netstandard1.3)) (&& (== netcoreapp2.2) (< netstandard1.4)) (&& (== netcoreapp2.2) (< netstandard1.5)) (&& (== netcoreapp2.2) (< netstandard1.6)) (&& (== netcoreapp2.2) (< netstandard2.0)) (&& (== netstandard2.0) (< netstandard1.2)) (&& (== netstandard2.0) (< netstandard1.3)) (&& (== netstandard2.0) (< netstandard1.4)) (&& (== netstandard2.0) (< netstandard1.5)) (&& (== netstandard2.0) (< netstandard1.6)) (== xamarinmac)
      System.Console (>= 4.3) - restriction: || (&& (== netcoreapp2.1) (< netstandard1.4)) (&& (== netcoreapp2.1) (< netstandard1.5)) (&& (== netcoreapp2.1) (< netstandard1.6)) (&& (== netcoreapp2.1) (< netstandard2.0)) (&& (== netcoreapp2.2) (< netstandard1.4)) (&& (== netcoreapp2.2) (< netstandard1.5)) (&& (== netcoreapp2.2) (< netstandard1.6)) (&& (== netcoreapp2.2) (< netstandard2.0)) (&& (== netstandard2.0) (< netstandard1.4)) (&& (== netstandard2.0) (< netstandard1.5)) (&& (== netstandard2.0) (< netstandard1.6)) (== xamarinmac)
      System.Diagnostics.Debug (>= 4.3) - restriction: || (&& (== netcoreapp2.1) (< netstandard1.2)) (&& (== netcoreapp2.1) (< netstandard1.3)) (&& (== netcoreapp2.1) (< netstandard1.4)) (&& (== netcoreapp2.1) (< netstandard1.5)) (&& (== netcoreapp2.1) (< netstandard1.6)) (&& (== netcoreapp2.1) (< netstandard2.0)) (&& (== netcoreapp2.1) (< portable-net45+win8+wpa81)) (&& (== netcoreapp2.2) (< netstandard1.2)) (&& (== netcoreapp2.2) (< netstandard1.3)) (&& (== netcoreapp2.2) (< netstandard1.4)) (&& (== netcoreapp2.2) (< netstandard1.5)) (&& (== netcoreapp2.2) (< netstandard1.6)) (&& (== netcoreapp2.2) (< netstandard2.0)) (&& (== netcoreapp2.2) (< portable-net45+win8+wpa81)) (&& (== netstandard2.0) (< netstandard1.2)) (&& (== netstandard2.0) (< netstandard1.3)) (&& (== netstandard2.0) (< netstandard1.4)) (&& (== netstandard2.0) (< netstandard1.5)) (&& (== netstandard2.0) (< netstandard1.6)) (&& (== netstandard2.0) (< portable-net45+win8+wpa81)) (== xamarinmac)
      System.Diagnostics.Tools (>= 4.3) - restriction: || (&& (== netcoreapp2.1) (< netstandard1.2)) (&& (== netcoreapp2.1) (< netstandard1.3)) (&& (== netcoreapp2.1) (< netstandard1.4)) (&& (== netcoreapp2.1) (< netstandard1.5)) (&& (== netcoreapp2.1) (< netstandard1.6)) (&& (== netcoreapp2.1) (< netstandard2.0)) (&& (== netcoreapp2.1) (< portable-net45+win8+wpa81)) (&& (== netcoreapp2.2) (< netstandard1.2)) (&& (== netcoreapp2.2) (< netstandard1.3)) (&& (== netcoreapp2.2) (< netstandard1.4)) (&& (== netcoreapp2.2) (< netstandard1.5)) (&& (== netcoreapp2.2) (< netstandard1.6)) (&& (== netcoreapp2.2) (< netstandard2.0)) (&& (== netcoreapp2.2) (< portable-net45+win8+wpa81)) (&& (== netstandard2.0) (< netstandard1.2)) (&& (== netstandard2.0) (< netstandard1.3)) (&& (== netstandard2.0) (< netstandard1.4)) (&& (== netstandard2.0) (< netstandard1.5)) (&& (== netstandard2.0) (< netstandard1.6)) (&& (== netstandard2.0) (< portable-net45+win8+wpa81)) (== xamarinmac)
      System.Diagnostics.Tracing (>= 4.3) - restriction: || (&& (== netcoreapp2.1) (< netstandard1.2)) (&& (== netcoreapp2.1) (< netstandard1.3)) (&& (== netcoreapp2.1) (< netstandard1.4)) (&& (== netcoreapp2.1) (< netstandard1.5)) (&& (== netcoreapp2.1) (< netstandard1.6)) (&& (== netcoreapp2.1) (< netstandard2.0)) (&& (== netcoreapp2.2) (< netstandard1.2)) (&& (== netcoreapp2.2) (< netstandard1.3)) (&& (== netcoreapp2.2) (< netstandard1.4)) (&& (== netcoreapp2.2) (< netstandard1.5)) (&& (== netcoreapp2.2) (< netstandard1.6)) (&& (== netcoreapp2.2) (< netstandard2.0)) (&& (== netstandard2.0) (< netstandard1.2)) (&& (== netstandard2.0) (< netstandard1.3)) (&& (== netstandard2.0) (< netstandard1.4)) (&& (== netstandard2.0) (< netstandard1.5)) (&& (== netstandard2.0) (< netstandard1.6)) (== xamarinmac)
      System.Globalization (>= 4.3) - restriction: || (&& (== netcoreapp2.1) (< netstandard1.2)) (&& (== netcoreapp2.1) (< netstandard1.3)) (&& (== netcoreapp2.1) (< netstandard1.4)) (&& (== netcoreapp2.1) (< netstandard1.5)) (&& (== netcoreapp2.1) (< netstandard1.6)) (&& (== netcoreapp2.1) (< netstandard2.0)) (&& (== netcoreapp2.1) (< portable-net45+win8+wpa81)) (&& (== netcoreapp2.2) (< netstandard1.2)) (&& (== netcoreapp2.2) (< netstandard1.3)) (&& (== netcoreapp2.2) (< netstandard1.4)) (&& (== netcoreapp2.2) (< netstandard1.5)) (&& (== netcoreapp2.2) (< netstandard1.6)) (&& (== netcoreapp2.2) (< netstandard2.0)) (&& (== netcoreapp2.2) (< portable-net45+win8+wpa81)) (&& (== netstandard2.0) (< netstandard1.2)) (&& (== netstandard2.0) (< netstandard1.3)) (&& (== netstandard2.0) (< netstandard1.4)) (&& (== netstandard2.0) (< netstandard1.5)) (&& (== netstandard2.0) (< netstandard1.6)) (&& (== netstandard2.0) (< portable-net45+win8+wpa81)) (== xamarinmac)
      System.Globalization.Calendars (>= 4.3) - restriction: || (&& (== netcoreapp2.1) (< netstandard1.4)) (&& (== netcoreapp2.1) (< netstandard1.5)) (&& (== netcoreapp2.1) (< netstandard1.6)) (&& (== netcoreapp2.1) (< netstandard2.0)) (&& (== netcoreapp2.2) (< netstandard1.4)) (&& (== netcoreapp2.2) (< netstandard1.5)) (&& (== netcoreapp2.2) (< netstandard1.6)) (&& (== netcoreapp2.2) (< netstandard2.0)) (&& (== netstandard2.0) (< netstandard1.4)) (&& (== netstandard2.0) (< netstandard1.5)) (&& (== netstandard2.0) (< netstandard1.6)) (== xamarinmac)
      System.IO (>= 4.3) - restriction: || (&& (== netcoreapp2.1) (< netstandard1.2)) (&& (== netcoreapp2.1) (< netstandard1.3)) (&& (== netcoreapp2.1) (< netstandard1.4)) (&& (== netcoreapp2.1) (< netstandard1.5)) (&& (== netcoreapp2.1) (< netstandard1.6)) (&& (== netcoreapp2.1) (< netstandard2.0)) (&& (== netcoreapp2.1) (< portable-net45+win8+wpa81)) (&& (== netcoreapp2.2) (< netstandard1.2)) (&& (== netcoreapp2.2) (< netstandard1.3)) (&& (== netcoreapp2.2) (< netstandard1.4)) (&& (== netcoreapp2.2) (< netstandard1.5)) (&& (== netcoreapp2.2) (< netstandard1.6)) (&& (== netcoreapp2.2) (< netstandard2.0)) (&& (== netcoreapp2.2) (< portable-net45+win8+wpa81)) (&& (== netstandard2.0) (< netstandard1.2)) (&& (== netstandard2.0) (< netstandard1.3)) (&& (== netstandard2.0) (< netstandard1.4)) (&& (== netstandard2.0) (< netstandard1.5)) (&& (== netstandard2.0) (< netstandard1.6)) (&& (== netstandard2.0) (< portable-net45+win8+wpa81)) (== xamarinmac)
      System.IO.Compression (>= 4.3) - restriction: || (&& (== netcoreapp2.1) (< netstandard1.2)) (&& (== netcoreapp2.1) (< netstandard1.3)) (&& (== netcoreapp2.1) (< netstandard1.4)) (&& (== netcoreapp2.1) (< netstandard1.5)) (&& (== netcoreapp2.1) (< netstandard1.6)) (&& (== netcoreapp2.1) (< netstandard2.0)) (&& (== netcoreapp2.2) (< netstandard1.2)) (&& (== netcoreapp2.2) (< netstandard1.3)) (&& (== netcoreapp2.2) (< netstandard1.4)) (&& (== netcoreapp2.2) (< netstandard1.5)) (&& (== netcoreapp2.2) (< netstandard1.6)) (&& (== netcoreapp2.2) (< netstandard2.0)) (&& (== netstandard2.0) (< netstandard1.2)) (&& (== netstandard2.0) (< netstandard1.3)) (&& (== netstandard2.0) (< netstandard1.4)) (&& (== netstandard2.0) (< netstandard1.5)) (&& (== netstandard2.0) (< netstandard1.6)) (== xamarinmac)
      System.IO.Compression.ZipFile (>= 4.3) - restriction: || (&& (== netcoreapp2.1) (< netstandard1.4)) (&& (== netcoreapp2.1) (< netstandard1.5)) (&& (== netcoreapp2.1) (< netstandard1.6)) (&& (== netcoreapp2.1) (< netstandard2.0)) (&& (== netcoreapp2.2) (< netstandard1.4)) (&& (== netcoreapp2.2) (< netstandard1.5)) (&& (== netcoreapp2.2) (< netstandard1.6)) (&& (== netcoreapp2.2) (< netstandard2.0)) (&& (== netstandard2.0) (< netstandard1.4)) (&& (== netstandard2.0) (< netstandard1.5)) (&& (== netstandard2.0) (< netstandard1.6)) (== xamarinmac)
      System.IO.FileSystem (>= 4.3) - restriction: || (&& (== netcoreapp2.1) (< netstandard1.4)) (&& (== netcoreapp2.1) (< netstandard1.5)) (&& (== netcoreapp2.1) (< netstandard1.6)) (&& (== netcoreapp2.1) (< netstandard2.0)) (&& (== netcoreapp2.2) (< netstandard1.4)) (&& (== netcoreapp2.2) (< netstandard1.5)) (&& (== netcoreapp2.2) (< netstandard1.6)) (&& (== netcoreapp2.2) (< netstandard2.0)) (&& (== netstandard2.0) (< netstandard1.4)) (&& (== netstandard2.0) (< netstandard1.5)) (&& (== netstandard2.0) (< netstandard1.6)) (== xamarinmac)
      System.IO.FileSystem.Primitives (>= 4.3) - restriction: || (&& (== netcoreapp2.1) (< netstandard1.4)) (&& (== netcoreapp2.1) (< netstandard1.5)) (&& (== netcoreapp2.1) (< netstandard1.6)) (&& (== netcoreapp2.1) (< netstandard2.0)) (&& (== netcoreapp2.2) (< netstandard1.4)) (&& (== netcoreapp2.2) (< netstandard1.5)) (&& (== netcoreapp2.2) (< netstandard1.6)) (&& (== netcoreapp2.2) (< netstandard2.0)) (&& (== netstandard2.0) (< netstandard1.4)) (&& (== netstandard2.0) (< netstandard1.5)) (&& (== netstandard2.0) (< netstandard1.6)) (== xamarinmac)
      System.Linq (>= 4.3) - restriction: || (&& (== netcoreapp2.1) (< netstandard1.2)) (&& (== netcoreapp2.1) (< netstandard1.3)) (&& (== netcoreapp2.1) (< netstandard1.4)) (&& (== netcoreapp2.1) (< netstandard1.5)) (&& (== netcoreapp2.1) (< netstandard1.6)) (&& (== netcoreapp2.1) (< netstandard2.0)) (&& (== netcoreapp2.1) (< portable-net45+win8+wpa81)) (&& (== netcoreapp2.2) (< netstandard1.2)) (&& (== netcoreapp2.2) (< netstandard1.3)) (&& (== netcoreapp2.2) (< netstandard1.4)) (&& (== netcoreapp2.2) (< netstandard1.5)) (&& (== netcoreapp2.2) (< netstandard1.6)) (&& (== netcoreapp2.2) (< netstandard2.0)) (&& (== netcoreapp2.2) (< portable-net45+win8+wpa81)) (&& (== netstandard2.0) (< netstandard1.2)) (&& (== netstandard2.0) (< netstandard1.3)) (&& (== netstandard2.0) (< netstandard1.4)) (&& (== netstandard2.0) (< netstandard1.5)) (&& (== netstandard2.0) (< netstandard1.6)) (&& (== netstandard2.0) (< portable-net45+win8+wpa81)) (== xamarinmac)
      System.Linq.Expressions (>= 4.3) - restriction: || (&& (== netcoreapp2.1) (< netstandard1.2)) (&& (== netcoreapp2.1) (< netstandard1.3)) (&& (== netcoreapp2.1) (< netstandard1.4)) (&& (== netcoreapp2.1) (< netstandard1.5)) (&& (== netcoreapp2.1) (< netstandard1.6)) (&& (== netcoreapp2.1) (< netstandard2.0)) (&& (== netcoreapp2.1) (< portable-net45+win8+wpa81)) (&& (== netcoreapp2.2) (< netstandard1.2)) (&& (== netcoreapp2.2) (< netstandard1.3)) (&& (== netcoreapp2.2) (< netstandard1.4)) (&& (== netcoreapp2.2) (< netstandard1.5)) (&& (== netcoreapp2.2) (< netstandard1.6)) (&& (== netcoreapp2.2) (< netstandard2.0)) (&& (== netcoreapp2.2) (< portable-net45+win8+wpa81)) (&& (== netstandard2.0) (< netstandard1.2)) (&& (== netstandard2.0) (< netstandard1.3)) (&& (== netstandard2.0) (< netstandard1.4)) (&& (== netstandard2.0) (< netstandard1.5)) (&& (== netstandard2.0) (< netstandard1.6)) (&& (== netstandard2.0) (< portable-net45+win8+wpa81)) (== xamarinmac)
      System.Net.Http (>= 4.3.2) - restriction: || (&& (== netcoreapp2.1) (< netstandard1.2)) (&& (== netcoreapp2.1) (< netstandard1.3)) (&& (== netcoreapp2.1) (< netstandard1.4)) (&& (== netcoreapp2.1) (< netstandard1.5)) (&& (== netcoreapp2.1) (< netstandard1.6)) (&& (== netcoreapp2.1) (< netstandard2.0)) (&& (== netcoreapp2.2) (< netstandard1.2)) (&& (== netcoreapp2.2) (< netstandard1.3)) (&& (== netcoreapp2.2) (< netstandard1.4)) (&& (== netcoreapp2.2) (< netstandard1.5)) (&& (== netcoreapp2.2) (< netstandard1.6)) (&& (== netcoreapp2.2) (< netstandard2.0)) (&& (== netstandard2.0) (< netstandard1.2)) (&& (== netstandard2.0) (< netstandard1.3)) (&& (== netstandard2.0) (< netstandard1.4)) (&& (== netstandard2.0) (< netstandard1.5)) (&& (== netstandard2.0) (< netstandard1.6)) (== xamarinmac)
      System.Net.Primitives (>= 4.3) - restriction: || (&& (== netcoreapp2.1) (< netstandard1.2)) (&& (== netcoreapp2.1) (< netstandard1.3)) (&& (== netcoreapp2.1) (< netstandard1.4)) (&& (== netcoreapp2.1) (< netstandard1.5)) (&& (== netcoreapp2.1) (< netstandard1.6)) (&& (== netcoreapp2.1) (< netstandard2.0)) (&& (== netcoreapp2.1) (< portable-net45+win8+wpa81)) (&& (== netcoreapp2.2) (< netstandard1.2)) (&& (== netcoreapp2.2) (< netstandard1.3)) (&& (== netcoreapp2.2) (< netstandard1.4)) (&& (== netcoreapp2.2) (< netstandard1.5)) (&& (== netcoreapp2.2) (< netstandard1.6)) (&& (== netcoreapp2.2) (< netstandard2.0)) (&& (== netcoreapp2.2) (< portable-net45+win8+wpa81)) (&& (== netstandard2.0) (< netstandard1.2)) (&& (== netstandard2.0) (< netstandard1.3)) (&& (== netstandard2.0) (< netstandard1.4)) (&& (== netstandard2.0) (< netstandard1.5)) (&& (== netstandard2.0) (< netstandard1.6)) (&& (== netstandard2.0) (< portable-net45+win8+wpa81)) (== xamarinmac)
      System.Net.Sockets (>= 4.3) - restriction: || (&& (== netcoreapp2.1) (< netstandard1.4)) (&& (== netcoreapp2.1) (< netstandard1.5)) (&& (== netcoreapp2.1) (< netstandard1.6)) (&& (== netcoreapp2.1) (< netstandard2.0)) (&& (== netcoreapp2.2) (< netstandard1.4)) (&& (== netcoreapp2.2) (< netstandard1.5)) (&& (== netcoreapp2.2) (< netstandard1.6)) (&& (== netcoreapp2.2) (< netstandard2.0)) (&& (== netstandard2.0) (< netstandard1.4)) (&& (== netstandard2.0) (< netstandard1.5)) (&& (== netstandard2.0) (< netstandard1.6)) (== xamarinmac)
      System.ObjectModel (>= 4.3) - restriction: || (&& (== netcoreapp2.1) (< netstandard1.2)) (&& (== netcoreapp2.1) (< netstandard1.3)) (&& (== netcoreapp2.1) (< netstandard1.4)) (&& (== netcoreapp2.1) (< netstandard1.5)) (&& (== netcoreapp2.1) (< netstandard1.6)) (&& (== netcoreapp2.1) (< netstandard2.0)) (&& (== netcoreapp2.1) (< portable-net45+win8+wpa81)) (&& (== netcoreapp2.2) (< netstandard1.2)) (&& (== netcoreapp2.2) (< netstandard1.3)) (&& (== netcoreapp2.2) (< netstandard1.4)) (&& (== netcoreapp2.2) (< netstandard1.5)) (&& (== netcoreapp2.2) (< netstandard1.6)) (&& (== netcoreapp2.2) (< netstandard2.0)) (&& (== netcoreapp2.2) (< portable-net45+win8+wpa81)) (&& (== netstandard2.0) (< netstandard1.2)) (&& (== netstandard2.0) (< netstandard1.3)) (&& (== netstandard2.0) (< netstandard1.4)) (&& (== netstandard2.0) (< netstandard1.5)) (&& (== netstandard2.0) (< netstandard1.6)) (&& (== netstandard2.0) (< portable-net45+win8+wpa81)) (== xamarinmac)
      System.Reflection (>= 4.3) - restriction: || (&& (== netcoreapp2.1) (< netstandard1.2)) (&& (== netcoreapp2.1) (< netstandard1.3)) (&& (== netcoreapp2.1) (< netstandard1.4)) (&& (== netcoreapp2.1) (< netstandard1.5)) (&& (== netcoreapp2.1) (< netstandard1.6)) (&& (== netcoreapp2.1) (< netstandard2.0)) (&& (== netcoreapp2.1) (< portable-net45+win8+wpa81)) (&& (== netcoreapp2.2) (< netstandard1.2)) (&& (== netcoreapp2.2) (< netstandard1.3)) (&& (== netcoreapp2.2) (< netstandard1.4)) (&& (== netcoreapp2.2) (< netstandard1.5)) (&& (== netcoreapp2.2) (< netstandard1.6)) (&& (== netcoreapp2.2) (< netstandard2.0)) (&& (== netcoreapp2.2) (< portable-net45+win8+wpa81)) (&& (== netstandard2.0) (< netstandard1.2)) (&& (== netstandard2.0) (< netstandard1.3)) (&& (== netstandard2.0) (< netstandard1.4)) (&& (== netstandard2.0) (< netstandard1.5)) (&& (== netstandard2.0) (< netstandard1.6)) (&& (== netstandard2.0) (< portable-net45+win8+wpa81)) (== xamarinmac)
      System.Reflection.Extensions (>= 4.3) - restriction: || (&& (== netcoreapp2.1) (< netstandard1.2)) (&& (== netcoreapp2.1) (< netstandard1.3)) (&& (== netcoreapp2.1) (< netstandard1.4)) (&& (== netcoreapp2.1) (< netstandard1.5)) (&& (== netcoreapp2.1) (< netstandard1.6)) (&& (== netcoreapp2.1) (< netstandard2.0)) (&& (== netcoreapp2.1) (< portable-net45+win8+wpa81)) (&& (== netcoreapp2.2) (< netstandard1.2)) (&& (== netcoreapp2.2) (< netstandard1.3)) (&& (== netcoreapp2.2) (< netstandard1.4)) (&& (== netcoreapp2.2) (< netstandard1.5)) (&& (== netcoreapp2.2) (< netstandard1.6)) (&& (== netcoreapp2.2) (< netstandard2.0)) (&& (== netcoreapp2.2) (< portable-net45+win8+wpa81)) (&& (== netstandard2.0) (< netstandard1.2)) (&& (== netstandard2.0) (< netstandard1.3)) (&& (== netstandard2.0) (< netstandard1.4)) (&& (== netstandard2.0) (< netstandard1.5)) (&& (== netstandard2.0) (< netstandard1.6)) (&& (== netstandard2.0) (< portable-net45+win8+wpa81)) (== xamarinmac)
      System.Reflection.Primitives (>= 4.3) - restriction: || (&& (== netcoreapp2.1) (< netstandard1.2)) (&& (== netcoreapp2.1) (< netstandard1.3)) (&& (== netcoreapp2.1) (< netstandard1.4)) (&& (== netcoreapp2.1) (< netstandard1.5)) (&& (== netcoreapp2.1) (< netstandard1.6)) (&& (== netcoreapp2.1) (< netstandard2.0)) (&& (== netcoreapp2.1) (< portable-net45+win8+wpa81)) (&& (== netcoreapp2.2) (< netstandard1.2)) (&& (== netcoreapp2.2) (< netstandard1.3)) (&& (== netcoreapp2.2) (< netstandard1.4)) (&& (== netcoreapp2.2) (< netstandard1.5)) (&& (== netcoreapp2.2) (< netstandard1.6)) (&& (== netcoreapp2.2) (< netstandard2.0)) (&& (== netcoreapp2.2) (< portable-net45+win8+wpa81)) (&& (== netstandard2.0) (< netstandard1.2)) (&& (== netstandard2.0) (< netstandard1.3)) (&& (== netstandard2.0) (< netstandard1.4)) (&& (== netstandard2.0) (< netstandard1.5)) (&& (== netstandard2.0) (< netstandard1.6)) (&& (== netstandard2.0) (< portable-net45+win8+wpa81)) (== xamarinmac)
      System.Resources.ResourceManager (>= 4.3) - restriction: || (&& (== netcoreapp2.1) (< netstandard1.2)) (&& (== netcoreapp2.1) (< netstandard1.3)) (&& (== netcoreapp2.1) (< netstandard1.4)) (&& (== netcoreapp2.1) (< netstandard1.5)) (&& (== netcoreapp2.1) (< netstandard1.6)) (&& (== netcoreapp2.1) (< netstandard2.0)) (&& (== netcoreapp2.1) (< portable-net45+win8+wpa81)) (&& (== netcoreapp2.2) (< netstandard1.2)) (&& (== netcoreapp2.2) (< netstandard1.3)) (&& (== netcoreapp2.2) (< netstandard1.4)) (&& (== netcoreapp2.2) (< netstandard1.5)) (&& (== netcoreapp2.2) (< netstandard1.6)) (&& (== netcoreapp2.2) (< netstandard2.0)) (&& (== netcoreapp2.2) (< portable-net45+win8+wpa81)) (&& (== netstandard2.0) (< netstandard1.2)) (&& (== netstandard2.0) (< netstandard1.3)) (&& (== netstandard2.0) (< netstandard1.4)) (&& (== netstandard2.0) (< netstandard1.5)) (&& (== netstandard2.0) (< netstandard1.6)) (&& (== netstandard2.0) (< portable-net45+win8+wpa81)) (== xamarinmac)
      System.Runtime (>= 4.3) - restriction: || (&& (== netcoreapp2.1) (< netstandard1.2)) (&& (== netcoreapp2.1) (< netstandard1.3)) (&& (== netcoreapp2.1) (< netstandard1.4)) (&& (== netcoreapp2.1) (< netstandard1.5)) (&& (== netcoreapp2.1) (< netstandard1.6)) (&& (== netcoreapp2.1) (< netstandard2.0)) (&& (== netcoreapp2.1) (< portable-net45+win8+wpa81)) (&& (== netcoreapp2.2) (< netstandard1.2)) (&& (== netcoreapp2.2) (< netstandard1.3)) (&& (== netcoreapp2.2) (< netstandard1.4)) (&& (== netcoreapp2.2) (< netstandard1.5)) (&& (== netcoreapp2.2) (< netstandard1.6)) (&& (== netcoreapp2.2) (< netstandard2.0)) (&& (== netcoreapp2.2) (< portable-net45+win8+wpa81)) (&& (== netstandard2.0) (< netstandard1.2)) (&& (== netstandard2.0) (< netstandard1.3)) (&& (== netstandard2.0) (< netstandard1.4)) (&& (== netstandard2.0) (< netstandard1.5)) (&& (== netstandard2.0) (< netstandard1.6)) (&& (== netstandard2.0) (< portable-net45+win8+wpa81)) (== xamarinmac)
      System.Runtime.Extensions (>= 4.3) - restriction: || (&& (== netcoreapp2.1) (< netstandard1.2)) (&& (== netcoreapp2.1) (< netstandard1.3)) (&& (== netcoreapp2.1) (< netstandard1.4)) (&& (== netcoreapp2.1) (< netstandard1.5)) (&& (== netcoreapp2.1) (< netstandard1.6)) (&& (== netcoreapp2.1) (< netstandard2.0)) (&& (== netcoreapp2.1) (< portable-net45+win8+wpa81)) (&& (== netcoreapp2.2) (< netstandard1.2)) (&& (== netcoreapp2.2) (< netstandard1.3)) (&& (== netcoreapp2.2) (< netstandard1.4)) (&& (== netcoreapp2.2) (< netstandard1.5)) (&& (== netcoreapp2.2) (< netstandard1.6)) (&& (== netcoreapp2.2) (< netstandard2.0)) (&& (== netcoreapp2.2) (< portable-net45+win8+wpa81)) (&& (== netstandard2.0) (< netstandard1.2)) (&& (== netstandard2.0) (< netstandard1.3)) (&& (== netstandard2.0) (< netstandard1.4)) (&& (== netstandard2.0) (< netstandard1.5)) (&& (== netstandard2.0) (< netstandard1.6)) (&& (== netstandard2.0) (< portable-net45+win8+wpa81)) (== xamarinmac)
      System.Runtime.Handles (>= 4.3) - restriction: || (&& (== netcoreapp2.1) (< netstandard1.4)) (&& (== netcoreapp2.1) (< netstandard1.5)) (&& (== netcoreapp2.1) (< netstandard1.6)) (&& (== netcoreapp2.1) (< netstandard2.0)) (&& (== netcoreapp2.2) (< netstandard1.4)) (&& (== netcoreapp2.2) (< netstandard1.5)) (&& (== netcoreapp2.2) (< netstandard1.6)) (&& (== netcoreapp2.2) (< netstandard2.0)) (&& (== netstandard2.0) (< netstandard1.4)) (&& (== netstandard2.0) (< netstandard1.5)) (&& (== netstandard2.0) (< netstandard1.6)) (== xamarinmac)
      System.Runtime.InteropServices (>= 4.3) - restriction: || (&& (== netcoreapp2.1) (< netstandard1.2)) (&& (== netcoreapp2.1) (< netstandard1.3)) (&& (== netcoreapp2.1) (< netstandard1.4)) (&& (== netcoreapp2.1) (< netstandard1.5)) (&& (== netcoreapp2.1) (< netstandard1.6)) (&& (== netcoreapp2.1) (< netstandard2.0)) (&& (== netcoreapp2.2) (< netstandard1.2)) (&& (== netcoreapp2.2) (< netstandard1.3)) (&& (== netcoreapp2.2) (< netstandard1.4)) (&& (== netcoreapp2.2) (< netstandard1.5)) (&& (== netcoreapp2.2) (< netstandard1.6)) (&& (== netcoreapp2.2) (< netstandard2.0)) (&& (== netstandard2.0) (< netstandard1.2)) (&& (== netstandard2.0) (< netstandard1.3)) (&& (== netstandard2.0) (< netstandard1.4)) (&& (== netstandard2.0) (< netstandard1.5)) (&& (== netstandard2.0) (< netstandard1.6)) (== xamarinmac)
      System.Runtime.InteropServices.RuntimeInformation (>= 4.3) - restriction: || (&& (== netcoreapp2.1) (< netstandard1.0)) (&& (== netcoreapp2.1) (< netstandard1.2)) (&& (== netcoreapp2.1) (< netstandard1.3)) (&& (== netcoreapp2.1) (< netstandard1.4)) (&& (== netcoreapp2.1) (< netstandard1.5)) (&& (== netcoreapp2.1) (< netstandard1.6)) (&& (== netcoreapp2.1) (< netstandard2.0)) (&& (== netcoreapp2.2) (< netstandard1.0)) (&& (== netcoreapp2.2) (< netstandard1.2)) (&& (== netcoreapp2.2) (< netstandard1.3)) (&& (== netcoreapp2.2) (< netstandard1.4)) (&& (== netcoreapp2.2) (< netstandard1.5)) (&& (== netcoreapp2.2) (< netstandard1.6)) (&& (== netcoreapp2.2) (< netstandard2.0)) (&& (== netstandard2.0) (< netstandard1.0)) (&& (== netstandard2.0) (< netstandard1.2)) (&& (== netstandard2.0) (< netstandard1.3)) (&& (== netstandard2.0) (< netstandard1.4)) (&& (== netstandard2.0) (< netstandard1.5)) (&& (== netstandard2.0) (< netstandard1.6)) (== xamarinmac)
      System.Runtime.Numerics (>= 4.3) - restriction: || (&& (== netcoreapp2.1) (< netstandard1.2)) (&& (== netcoreapp2.1) (< netstandard1.3)) (&& (== netcoreapp2.1) (< netstandard1.4)) (&& (== netcoreapp2.1) (< netstandard1.5)) (&& (== netcoreapp2.1) (< netstandard1.6)) (&& (== netcoreapp2.1) (< netstandard2.0)) (&& (== netcoreapp2.2) (< netstandard1.2)) (&& (== netcoreapp2.2) (< netstandard1.3)) (&& (== netcoreapp2.2) (< netstandard1.4)) (&& (== netcoreapp2.2) (< netstandard1.5)) (&& (== netcoreapp2.2) (< netstandard1.6)) (&& (== netcoreapp2.2) (< netstandard2.0)) (&& (== netstandard2.0) (< netstandard1.2)) (&& (== netstandard2.0) (< netstandard1.3)) (&& (== netstandard2.0) (< netstandard1.4)) (&& (== netstandard2.0) (< netstandard1.5)) (&& (== netstandard2.0) (< netstandard1.6)) (== xamarinmac)
      System.Security.Cryptography.Algorithms (>= 4.3) - restriction: || (&& (== netcoreapp2.1) (< netstandard1.4)) (&& (== netcoreapp2.1) (< netstandard1.5)) (&& (== netcoreapp2.1) (< netstandard1.6)) (&& (== netcoreapp2.1) (< netstandard2.0)) (&& (== netcoreapp2.2) (< netstandard1.4)) (&& (== netcoreapp2.2) (< netstandard1.5)) (&& (== netcoreapp2.2) (< netstandard1.6)) (&& (== netcoreapp2.2) (< netstandard2.0)) (&& (== netstandard2.0) (< netstandard1.4)) (&& (== netstandard2.0) (< netstandard1.5)) (&& (== netstandard2.0) (< netstandard1.6)) (== xamarinmac)
      System.Security.Cryptography.Encoding (>= 4.3) - restriction: || (&& (== netcoreapp2.1) (< netstandard1.4)) (&& (== netcoreapp2.1) (< netstandard1.5)) (&& (== netcoreapp2.1) (< netstandard1.6)) (&& (== netcoreapp2.1) (< netstandard2.0)) (&& (== netcoreapp2.2) (< netstandard1.4)) (&& (== netcoreapp2.2) (< netstandard1.5)) (&& (== netcoreapp2.2) (< netstandard1.6)) (&& (== netcoreapp2.2) (< netstandard2.0)) (&& (== netstandard2.0) (< netstandard1.4)) (&& (== netstandard2.0) (< netstandard1.5)) (&& (== netstandard2.0) (< netstandard1.6)) (== xamarinmac)
      System.Security.Cryptography.Primitives (>= 4.3) - restriction: || (&& (== netcoreapp2.1) (< netstandard1.4)) (&& (== netcoreapp2.1) (< netstandard1.5)) (&& (== netcoreapp2.1) (< netstandard1.6)) (&& (== netcoreapp2.1) (< netstandard2.0)) (&& (== netcoreapp2.2) (< netstandard1.4)) (&& (== netcoreapp2.2) (< netstandard1.5)) (&& (== netcoreapp2.2) (< netstandard1.6)) (&& (== netcoreapp2.2) (< netstandard2.0)) (&& (== netstandard2.0) (< netstandard1.4)) (&& (== netstandard2.0) (< netstandard1.5)) (&& (== netstandard2.0) (< netstandard1.6)) (== xamarinmac)
      System.Security.Cryptography.X509Certificates (>= 4.3) - restriction: || (&& (== netcoreapp2.1) (< netstandard1.4)) (&& (== netcoreapp2.1) (< netstandard1.5)) (&& (== netcoreapp2.1) (< netstandard1.6)) (&& (== netcoreapp2.1) (< netstandard2.0)) (&& (== netcoreapp2.2) (< netstandard1.4)) (&& (== netcoreapp2.2) (< netstandard1.5)) (&& (== netcoreapp2.2) (< netstandard1.6)) (&& (== netcoreapp2.2) (< netstandard2.0)) (&& (== netstandard2.0) (< netstandard1.4)) (&& (== netstandard2.0) (< netstandard1.5)) (&& (== netstandard2.0) (< netstandard1.6)) (== xamarinmac)
      System.Text.Encoding (>= 4.3) - restriction: || (&& (== netcoreapp2.1) (< netstandard1.2)) (&& (== netcoreapp2.1) (< netstandard1.3)) (&& (== netcoreapp2.1) (< netstandard1.4)) (&& (== netcoreapp2.1) (< netstandard1.5)) (&& (== netcoreapp2.1) (< netstandard1.6)) (&& (== netcoreapp2.1) (< netstandard2.0)) (&& (== netcoreapp2.1) (< portable-net45+win8+wpa81)) (&& (== netcoreapp2.2) (< netstandard1.2)) (&& (== netcoreapp2.2) (< netstandard1.3)) (&& (== netcoreapp2.2) (< netstandard1.4)) (&& (== netcoreapp2.2) (< netstandard1.5)) (&& (== netcoreapp2.2) (< netstandard1.6)) (&& (== netcoreapp2.2) (< netstandard2.0)) (&& (== netcoreapp2.2) (< portable-net45+win8+wpa81)) (&& (== netstandard2.0) (< netstandard1.2)) (&& (== netstandard2.0) (< netstandard1.3)) (&& (== netstandard2.0) (< netstandard1.4)) (&& (== netstandard2.0) (< netstandard1.5)) (&& (== netstandard2.0) (< netstandard1.6)) (&& (== netstandard2.0) (< portable-net45+win8+wpa81)) (== xamarinmac)
      System.Text.Encoding.Extensions (>= 4.3) - restriction: || (&& (== netcoreapp2.1) (< netstandard1.2)) (&& (== netcoreapp2.1) (< netstandard1.3)) (&& (== netcoreapp2.1) (< netstandard1.4)) (&& (== netcoreapp2.1) (< netstandard1.5)) (&& (== netcoreapp2.1) (< netstandard1.6)) (&& (== netcoreapp2.1) (< netstandard2.0)) (&& (== netcoreapp2.1) (< portable-net45+win8+wpa81)) (&& (== netcoreapp2.2) (< netstandard1.2)) (&& (== netcoreapp2.2) (< netstandard1.3)) (&& (== netcoreapp2.2) (< netstandard1.4)) (&& (== netcoreapp2.2) (< netstandard1.5)) (&& (== netcoreapp2.2) (< netstandard1.6)) (&& (== netcoreapp2.2) (< netstandard2.0)) (&& (== netcoreapp2.2) (< portable-net45+win8+wpa81)) (&& (== netstandard2.0) (< netstandard1.2)) (&& (== netstandard2.0) (< netstandard1.3)) (&& (== netstandard2.0) (< netstandard1.4)) (&& (== netstandard2.0) (< netstandard1.5)) (&& (== netstandard2.0) (< netstandard1.6)) (&& (== netstandard2.0) (< portable-net45+win8+wpa81)) (== xamarinmac)
      System.Text.RegularExpressions (>= 4.3) - restriction: || (&& (== netcoreapp2.1) (< netstandard1.2)) (&& (== netcoreapp2.1) (< netstandard1.3)) (&& (== netcoreapp2.1) (< netstandard1.4)) (&& (== netcoreapp2.1) (< netstandard1.5)) (&& (== netcoreapp2.1) (< netstandard1.6)) (&& (== netcoreapp2.1) (< netstandard2.0)) (&& (== netcoreapp2.1) (< portable-net45+win8+wpa81)) (&& (== netcoreapp2.2) (< netstandard1.2)) (&& (== netcoreapp2.2) (< netstandard1.3)) (&& (== netcoreapp2.2) (< netstandard1.4)) (&& (== netcoreapp2.2) (< netstandard1.5)) (&& (== netcoreapp2.2) (< netstandard1.6)) (&& (== netcoreapp2.2) (< netstandard2.0)) (&& (== netcoreapp2.2) (< portable-net45+win8+wpa81)) (&& (== netstandard2.0) (< netstandard1.2)) (&& (== netstandard2.0) (< netstandard1.3)) (&& (== netstandard2.0) (< netstandard1.4)) (&& (== netstandard2.0) (< netstandard1.5)) (&& (== netstandard2.0) (< netstandard1.6)) (&& (== netstandard2.0) (< portable-net45+win8+wpa81)) (== xamarinmac)
      System.Threading (>= 4.3) - restriction: || (&& (== netcoreapp2.1) (< netstandard1.2)) (&& (== netcoreapp2.1) (< netstandard1.3)) (&& (== netcoreapp2.1) (< netstandard1.4)) (&& (== netcoreapp2.1) (< netstandard1.5)) (&& (== netcoreapp2.1) (< netstandard1.6)) (&& (== netcoreapp2.1) (< netstandard2.0)) (&& (== netcoreapp2.1) (< portable-net45+win8+wpa81)) (&& (== netcoreapp2.2) (< netstandard1.2)) (&& (== netcoreapp2.2) (< netstandard1.3)) (&& (== netcoreapp2.2) (< netstandard1.4)) (&& (== netcoreapp2.2) (< netstandard1.5)) (&& (== netcoreapp2.2) (< netstandard1.6)) (&& (== netcoreapp2.2) (< netstandard2.0)) (&& (== netcoreapp2.2) (< portable-net45+win8+wpa81)) (&& (== netstandard2.0) (< netstandard1.2)) (&& (== netstandard2.0) (< netstandard1.3)) (&& (== netstandard2.0) (< netstandard1.4)) (&& (== netstandard2.0) (< netstandard1.5)) (&& (== netstandard2.0) (< netstandard1.6)) (&& (== netstandard2.0) (< portable-net45+win8+wpa81)) (== xamarinmac)
      System.Threading.Tasks (>= 4.3) - restriction: || (&& (== netcoreapp2.1) (< netstandard1.2)) (&& (== netcoreapp2.1) (< netstandard1.3)) (&& (== netcoreapp2.1) (< netstandard1.4)) (&& (== netcoreapp2.1) (< netstandard1.5)) (&& (== netcoreapp2.1) (< netstandard1.6)) (&& (== netcoreapp2.1) (< netstandard2.0)) (&& (== netcoreapp2.1) (< portable-net45+win8+wpa81)) (&& (== netcoreapp2.2) (< netstandard1.2)) (&& (== netcoreapp2.2) (< netstandard1.3)) (&& (== netcoreapp2.2) (< netstandard1.4)) (&& (== netcoreapp2.2) (< netstandard1.5)) (&& (== netcoreapp2.2) (< netstandard1.6)) (&& (== netcoreapp2.2) (< netstandard2.0)) (&& (== netcoreapp2.2) (< portable-net45+win8+wpa81)) (&& (== netstandard2.0) (< netstandard1.2)) (&& (== netstandard2.0) (< netstandard1.3)) (&& (== netstandard2.0) (< netstandard1.4)) (&& (== netstandard2.0) (< netstandard1.5)) (&& (== netstandard2.0) (< netstandard1.6)) (&& (== netstandard2.0) (< portable-net45+win8+wpa81)) (== xamarinmac)
      System.Threading.Timer (>= 4.3) - restriction: || (&& (== netcoreapp2.1) (< netstandard1.3)) (&& (== netcoreapp2.1) (< netstandard1.4)) (&& (== netcoreapp2.1) (< netstandard1.5)) (&& (== netcoreapp2.1) (< netstandard1.6)) (&& (== netcoreapp2.1) (< netstandard2.0)) (&& (== netcoreapp2.2) (< netstandard1.3)) (&& (== netcoreapp2.2) (< netstandard1.4)) (&& (== netcoreapp2.2) (< netstandard1.5)) (&& (== netcoreapp2.2) (< netstandard1.6)) (&& (== netcoreapp2.2) (< netstandard2.0)) (&& (== netstandard2.0) (< netstandard1.3)) (&& (== netstandard2.0) (< netstandard1.4)) (&& (== netstandard2.0) (< netstandard1.5)) (&& (== netstandard2.0) (< netstandard1.6)) (== xamarinmac)
      System.Xml.ReaderWriter (>= 4.3) - restriction: || (&& (== netcoreapp2.1) (< netstandard1.2)) (&& (== netcoreapp2.1) (< netstandard1.3)) (&& (== netcoreapp2.1) (< netstandard1.4)) (&& (== netcoreapp2.1) (< netstandard1.5)) (&& (== netcoreapp2.1) (< netstandard1.6)) (&& (== netcoreapp2.1) (< netstandard2.0)) (&& (== netcoreapp2.1) (< portable-net45+win8+wpa81)) (&& (== netcoreapp2.2) (< netstandard1.2)) (&& (== netcoreapp2.2) (< netstandard1.3)) (&& (== netcoreapp2.2) (< netstandard1.4)) (&& (== netcoreapp2.2) (< netstandard1.5)) (&& (== netcoreapp2.2) (< netstandard1.6)) (&& (== netcoreapp2.2) (< netstandard2.0)) (&& (== netcoreapp2.2) (< portable-net45+win8+wpa81)) (&& (== netstandard2.0) (< netstandard1.2)) (&& (== netstandard2.0) (< netstandard1.3)) (&& (== netstandard2.0) (< netstandard1.4)) (&& (== netstandard2.0) (< netstandard1.5)) (&& (== netstandard2.0) (< netstandard1.6)) (&& (== netstandard2.0) (< portable-net45+win8+wpa81)) (== xamarinmac)
      System.Xml.XDocument (>= 4.3) - restriction: || (&& (== netcoreapp2.1) (< netstandard1.2)) (&& (== netcoreapp2.1) (< netstandard1.3)) (&& (== netcoreapp2.1) (< netstandard1.4)) (&& (== netcoreapp2.1) (< netstandard1.5)) (&& (== netcoreapp2.1) (< netstandard1.6)) (&& (== netcoreapp2.1) (< netstandard2.0)) (&& (== netcoreapp2.1) (< portable-net45+win8+wpa81)) (&& (== netcoreapp2.2) (< netstandard1.2)) (&& (== netcoreapp2.2) (< netstandard1.3)) (&& (== netcoreapp2.2) (< netstandard1.4)) (&& (== netcoreapp2.2) (< netstandard1.5)) (&& (== netcoreapp2.2) (< netstandard1.6)) (&& (== netcoreapp2.2) (< netstandard2.0)) (&& (== netcoreapp2.2) (< portable-net45+win8+wpa81)) (&& (== netstandard2.0) (< netstandard1.2)) (&& (== netstandard2.0) (< netstandard1.3)) (&& (== netstandard2.0) (< netstandard1.4)) (&& (== netstandard2.0) (< netstandard1.5)) (&& (== netstandard2.0) (< netstandard1.6)) (&& (== netstandard2.0) (< portable-net45+win8+wpa81)) (== xamarinmac)
    Newtonsoft.Json (12.0.1) - restriction: || (== netcoreapp2.1) (== netcoreapp2.2) (== netstandard2.0) (&& (== xamarinmac) (>= netcoreapp1.0)) (&& (== xamarinmac) (>= netstandard2.0))
    NodaTime (2.4.4) - restriction: || (== netcoreapp2.1) (== netcoreapp2.2) (== netstandard2.0) (&& (== xamarinmac) (>= netstandard2.0))
    NuGet.Common (4.9.3) - restriction: || (== netcoreapp2.1) (== netcoreapp2.2) (&& (== netstandard2.0) (>= netcoreapp1.0)) (&& (== xamarinmac) (>= netcoreapp1.0))
      NETStandard.Library (>= 1.6.1)
      NuGet.Frameworks (>= 4.9.3)
      System.Diagnostics.Process (>= 4.3)
      System.Threading.Thread (>= 4.3)
    NuGet.Configuration (4.9.3) - restriction: || (== netcoreapp2.1) (== netcoreapp2.2) (&& (== netstandard2.0) (>= netcoreapp1.0)) (&& (== xamarinmac) (>= netcoreapp1.0))
      NETStandard.Library (>= 1.6.1)
      NuGet.Common (>= 4.9.3)
      System.Security.Cryptography.ProtectedData (>= 4.3)
    NuGet.Frameworks (4.9.3) - restriction: || (== netcoreapp2.1) (== netcoreapp2.2) (&& (== netstandard2.0) (>= netcoreapp1.0)) (&& (== xamarinmac) (>= netcoreapp1.0))
      NETStandard.Library (>= 1.6.1)
    NuGet.Packaging (4.9.3) - restriction: || (== netcoreapp2.1) (== netcoreapp2.2) (&& (== netstandard2.0) (>= netcoreapp1.0)) (&& (== xamarinmac) (>= netcoreapp1.0))
      NETStandard.Library (>= 1.6.1)
      Newtonsoft.Json (>= 9.0.1)
      NuGet.Configuration (>= 4.9.3)
      NuGet.Packaging.Core (>= 4.9.3)
      System.Dynamic.Runtime (>= 4.3)
    NuGet.Packaging.Core (4.9.3) - restriction: || (== netcoreapp2.1) (== netcoreapp2.2) (&& (== netstandard2.0) (>= netcoreapp1.0)) (&& (== xamarinmac) (>= netcoreapp1.0))
      NETStandard.Library (>= 1.6.1)
      NuGet.Common (>= 4.9.3)
      NuGet.Versioning (>= 4.9.3)
    NuGet.Versioning (4.9.3) - restriction: || (== netcoreapp2.1) (== netcoreapp2.2) (&& (== netstandard2.0) (>= netcoreapp1.0)) (&& (== xamarinmac) (>= netcoreapp1.0))
      NETStandard.Library (>= 1.6.1)
    Ooui (0.10.222) - restriction: || (== netcoreapp2.1) (== netcoreapp2.2) (== netstandard2.0) (&& (== xamarinmac) (>= netstandard2.0))
      Newtonsoft.Json (>= 10.0.2) - restriction: || (== netcoreapp2.1) (== netcoreapp2.2) (== netstandard2.0) (&& (== xamarinmac) (>= netstandard2.0))
    Ooui.Forms (0.10.222)
      Ooui (>= 0.10.222) - restriction: || (== netcoreapp2.1) (== netcoreapp2.2) (== netstandard2.0) (&& (== xamarinmac) (>= netstandard2.0))
      Xamarin.Forms (>= 2.5.0.122203) - restriction: || (== netcoreapp2.1) (== netcoreapp2.2) (== netstandard2.0) (&& (== xamarinmac) (>= netstandard2.0))
    PangoSharp (3.22.24.37) - restriction: || (== netcoreapp2.1) (== netcoreapp2.2) (== netstandard2.0) (&& (== xamarinmac) (>= netstandard2.0))
      CairoSharp (>= 3.22.24.37) - restriction: || (== netcoreapp2.1) (== netcoreapp2.2) (== netstandard2.0) (&& (== xamarinmac) (>= netstandard2.0))
      GLibSharp (>= 3.22.24.37) - restriction: || (== netcoreapp2.1) (== netcoreapp2.2) (== netstandard2.0) (&& (== xamarinmac) (>= netstandard2.0))
    runtime.debian.8-x64.runtime.native.System.Security.Cryptography.OpenSsl (4.3.3) - restriction: || (== netcoreapp2.1) (== netcoreapp2.2) (== netstandard2.0) (&& (== xamarinmac) (>= netstandard2.0))
    runtime.debian.9-x64.runtime.native.System.Security.Cryptography.OpenSsl (4.3.3) - restriction: || (== netcoreapp2.1) (== netcoreapp2.2) (== netstandard2.0) (&& (== xamarinmac) (>= netstandard2.0))
    runtime.fedora.23-x64.runtime.native.System.Security.Cryptography.OpenSsl (4.3.3) - restriction: || (== netcoreapp2.1) (== netcoreapp2.2) (== netstandard2.0) (&& (== xamarinmac) (>= netstandard2.0))
    runtime.fedora.24-x64.runtime.native.System.Security.Cryptography.OpenSsl (4.3.3) - restriction: || (== netcoreapp2.1) (== netcoreapp2.2) (== netstandard2.0) (&& (== xamarinmac) (>= netstandard2.0))
    runtime.fedora.27-x64.runtime.native.System.Security.Cryptography.OpenSsl (4.3.3) - restriction: || (== netcoreapp2.1) (== netcoreapp2.2) (== netstandard2.0) (&& (== xamarinmac) (>= netstandard2.0))
    runtime.fedora.28-x64.runtime.native.System.Security.Cryptography.OpenSsl (4.3.3) - restriction: || (== netcoreapp2.1) (== netcoreapp2.2) (== netstandard2.0) (&& (== xamarinmac) (>= netstandard2.0))
    runtime.native.System (4.3.1) - restriction: || (== netcoreapp2.1) (== netcoreapp2.2) (== netstandard2.0) (&& (== xamarinmac) (>= netstandard2.0))
      Microsoft.NETCore.Platforms (>= 1.1.1)
      Microsoft.NETCore.Targets (>= 1.1.3)
    runtime.native.System.IO.Compression (4.3.2) - restriction: || (== netcoreapp2.1) (== netcoreapp2.2) (== netstandard2.0) (&& (== xamarinmac) (>= netstandard2.0))
      Microsoft.NETCore.Platforms (>= 1.1.1)
      Microsoft.NETCore.Targets (>= 1.1.3)
    runtime.native.System.Net.Http (4.3.1) - restriction: || (== netcoreapp2.1) (== netcoreapp2.2) (== netstandard2.0) (&& (== xamarinmac) (>= netstandard2.0))
      Microsoft.NETCore.Platforms (>= 1.1.1)
      Microsoft.NETCore.Targets (>= 1.1.3)
    runtime.native.System.Security.Cryptography.OpenSsl (4.3.3) - restriction: || (== netcoreapp2.1) (== netcoreapp2.2) (== netstandard2.0) (&& (== xamarinmac) (>= netstandard2.0))
      runtime.debian.8-x64.runtime.native.System.Security.Cryptography.OpenSsl (>= 4.3.3)
      runtime.debian.9-x64.runtime.native.System.Security.Cryptography.OpenSsl (>= 4.3.3)
      runtime.fedora.23-x64.runtime.native.System.Security.Cryptography.OpenSsl (>= 4.3.3)
      runtime.fedora.24-x64.runtime.native.System.Security.Cryptography.OpenSsl (>= 4.3.3)
      runtime.fedora.27-x64.runtime.native.System.Security.Cryptography.OpenSsl (>= 4.3.3)
      runtime.fedora.28-x64.runtime.native.System.Security.Cryptography.OpenSsl (>= 4.3.3)
      runtime.opensuse.13.2-x64.runtime.native.System.Security.Cryptography.OpenSsl (>= 4.3.3)
      runtime.opensuse.42.1-x64.runtime.native.System.Security.Cryptography.OpenSsl (>= 4.3.3)
      runtime.opensuse.42.3-x64.runtime.native.System.Security.Cryptography.OpenSsl (>= 4.3.3)
      runtime.osx.10.10-x64.runtime.native.System.Security.Cryptography.OpenSsl (>= 4.3.3)
      runtime.rhel.7-x64.runtime.native.System.Security.Cryptography.OpenSsl (>= 4.3.3)
      runtime.ubuntu.14.04-x64.runtime.native.System.Security.Cryptography.OpenSsl (>= 4.3.3)
      runtime.ubuntu.16.04-x64.runtime.native.System.Security.Cryptography.OpenSsl (>= 4.3.3)
      runtime.ubuntu.16.10-x64.runtime.native.System.Security.Cryptography.OpenSsl (>= 4.3.3)
      runtime.ubuntu.18.04-x64.runtime.native.System.Security.Cryptography.OpenSsl (>= 4.3.3)
    runtime.opensuse.13.2-x64.runtime.native.System.Security.Cryptography.OpenSsl (4.3.3) - restriction: || (== netcoreapp2.1) (== netcoreapp2.2) (== netstandard2.0) (&& (== xamarinmac) (>= netstandard2.0))
    runtime.opensuse.42.1-x64.runtime.native.System.Security.Cryptography.OpenSsl (4.3.3) - restriction: || (== netcoreapp2.1) (== netcoreapp2.2) (== netstandard2.0) (&& (== xamarinmac) (>= netstandard2.0))
    runtime.opensuse.42.3-x64.runtime.native.System.Security.Cryptography.OpenSsl (4.3.3) - restriction: || (== netcoreapp2.1) (== netcoreapp2.2) (== netstandard2.0) (&& (== xamarinmac) (>= netstandard2.0))
    runtime.osx.10.10-x64.runtime.native.System.Security.Cryptography.OpenSsl (4.3.3) - restriction: || (== netcoreapp2.1) (== netcoreapp2.2) (== netstandard2.0) (&& (== xamarinmac) (>= netstandard2.0))
    runtime.rhel.7-x64.runtime.native.System.Security.Cryptography.OpenSsl (4.3.3) - restriction: || (== netcoreapp2.1) (== netcoreapp2.2) (== netstandard2.0) (&& (== xamarinmac) (>= netstandard2.0))
    runtime.ubuntu.14.04-x64.runtime.native.System.Security.Cryptography.OpenSsl (4.3.3) - restriction: || (== netcoreapp2.1) (== netcoreapp2.2) (== netstandard2.0) (&& (== xamarinmac) (>= netstandard2.0))
    runtime.ubuntu.16.04-x64.runtime.native.System.Security.Cryptography.OpenSsl (4.3.3) - restriction: || (== netcoreapp2.1) (== netcoreapp2.2) (== netstandard2.0) (&& (== xamarinmac) (>= netstandard2.0))
    runtime.ubuntu.16.10-x64.runtime.native.System.Security.Cryptography.OpenSsl (4.3.3) - restriction: || (== netcoreapp2.1) (== netcoreapp2.2) (== netstandard2.0) (&& (== xamarinmac) (>= netstandard2.0))
    runtime.ubuntu.18.04-x64.runtime.native.System.Security.Cryptography.OpenSsl (4.3.3) - restriction: || (== netcoreapp2.1) (== netcoreapp2.2) (== netstandard2.0) (&& (== xamarinmac) (>= netstandard2.0))
    Serilog (2.8) - restriction: || (== netcoreapp2.1) (== netcoreapp2.2) (== netstandard2.0) (&& (== xamarinmac) (>= netstandard2.0))
      System.Collections.NonGeneric (>= 4.3)
    Serilog.Enrichers.Thread (3.0) - restriction: || (== netcoreapp2.1) (== netcoreapp2.2) (== netstandard2.0) (&& (== xamarinmac) (>= netstandard2.0))
      Serilog (>= 2.0)
    Serilog.Formatting.Compact (1.0) - restriction: || (== netcoreapp2.1) (== netcoreapp2.2) (== netstandard2.0) (&& (== xamarinmac) (>= netstandard2.0))
      Serilog (>= 2.0)
    Serilog.Sinks.Console (3.1.1) - restriction: || (== netcoreapp2.1) (== netcoreapp2.2) (== netstandard2.0) (&& (== xamarinmac) (>= netstandard2.0))
      Serilog (>= 2.5)
      System.Console (>= 4.3)
      System.Runtime.InteropServices (>= 4.3) - restriction: || (== netcoreapp2.1) (== netcoreapp2.2) (&& (== netstandard2.0) (>= netcoreapp1.1)) (&& (== xamarinmac) (>= netcoreapp1.1))
      System.Runtime.InteropServices.RuntimeInformation (>= 4.3) - restriction: || (== netcoreapp2.1) (== netcoreapp2.2) (&& (== netstandard2.0) (>= netcoreapp1.1)) (&& (== xamarinmac) (>= netcoreapp1.1))
    Serilog.Sinks.File (4.0) - restriction: || (== netcoreapp2.1) (== netcoreapp2.2) (== netstandard2.0) (&& (== xamarinmac) (>= netstandard2.0))
      Serilog (>= 2.5)
      System.IO (>= 4.1)
      System.IO.FileSystem (>= 4.0.1)
      System.IO.FileSystem.Primitives (>= 4.0.1)
      System.Runtime.InteropServices (>= 4.1)
      System.Text.Encoding.Extensions (>= 4.0.11)
      System.Threading (>= 4.0.11)
      System.Threading.Timer (>= 4.0.1)
    Serilog.Sinks.PeriodicBatching (2.1.1) - restriction: || (== netcoreapp2.1) (== netcoreapp2.2) (== netstandard2.0) (&& (== xamarinmac) (>= netstandard2.0))
      Serilog (>= 2.0)
      System.Collections.Concurrent (>= 4.0.12)
      System.Threading.Timer (>= 4.0.1)
    Serilog.Sinks.Seq (4.0) - restriction: || (== netcoreapp2.1) (== netcoreapp2.2) (== netstandard2.0) (&& (== xamarinmac) (>= netstandard2.0))
      NETStandard.Library (>= 1.6.1)
      Serilog (>= 2.5)
      Serilog.Formatting.Compact (>= 1.0)
      Serilog.Sinks.File (>= 4.0)
      Serilog.Sinks.PeriodicBatching (>= 2.1.1)
      System.Net.Http (>= 4.3.2)
    System.AppContext (4.3) - restriction: || (&& (== netcoreapp2.1) (< netstandard1.4)) (&& (== netcoreapp2.1) (< netstandard1.5)) (&& (== netcoreapp2.1) (< netstandard1.6)) (&& (== netcoreapp2.1) (< netstandard2.0)) (&& (== netcoreapp2.2) (< netstandard1.4)) (&& (== netcoreapp2.2) (< netstandard1.5)) (&& (== netcoreapp2.2) (< netstandard1.6)) (&& (== netcoreapp2.2) (< netstandard2.0)) (== xamarinmac)
    System.Buffers (4.5) - restriction: || (== netcoreapp2.1) (== netcoreapp2.2) (== netstandard2.0) (&& (== xamarinmac) (>= netstandard2.0)) (&& (== xamarinmac) (>= xamarinios))
    System.CodeDom (4.5) - restriction: || (== netcoreapp2.1) (== netcoreapp2.2) (== netstandard2.0) (&& (== xamarinmac) (>= netstandard2.0))
    System.Collections (4.3)
    System.Collections.Concurrent (4.3)
    System.Collections.Immutable (1.5) - restriction: || (== netcoreapp2.1) (== netcoreapp2.2) (== netstandard2.0) (&& (== xamarinmac) (>= netstandard2.0))
    System.Collections.NonGeneric (4.3) - restriction: || (== netcoreapp2.1) (== netcoreapp2.2) (== netstandard2.0) (&& (== xamarinmac) (>= netstandard2.0))
      System.Diagnostics.Debug (>= 4.3) - restriction: || (== netcoreapp2.1) (== netcoreapp2.2) (== netstandard2.0)
      System.Globalization (>= 4.3) - restriction: || (== netcoreapp2.1) (== netcoreapp2.2) (== netstandard2.0)
      System.Resources.ResourceManager (>= 4.3) - restriction: || (== netcoreapp2.1) (== netcoreapp2.2) (== netstandard2.0)
      System.Runtime (>= 4.3) - restriction: || (== netcoreapp2.1) (== netcoreapp2.2) (== netstandard2.0)
      System.Runtime.Extensions (>= 4.3) - restriction: || (== netcoreapp2.1) (== netcoreapp2.2) (== netstandard2.0)
      System.Threading (>= 4.3) - restriction: || (== netcoreapp2.1) (== netcoreapp2.2) (== netstandard2.0)
    System.Console (4.3.1)
    System.Diagnostics.Debug (4.3)
    System.Diagnostics.DiagnosticSource (4.5.1) - restriction: || (== netcoreapp2.1) (== netcoreapp2.2) (== netstandard2.0) (&& (== xamarinmac) (>= netstandard2.0))
    System.Diagnostics.FileVersionInfo (4.3) - restriction: || (== netcoreapp2.1) (== netcoreapp2.2) (== netstandard2.0) (&& (== xamarinmac) (>= netstandard2.0))
      Microsoft.NETCore.Platforms (>= 1.1) - restriction: || (== netcoreapp2.1) (== netcoreapp2.2) (== netstandard2.0) (&& (== xamarinmac) (< netstandard1.3))
      System.Globalization (>= 4.3) - restriction: || (== netcoreapp2.1) (== netcoreapp2.2) (== netstandard2.0)
      System.IO (>= 4.3) - restriction: || (== netcoreapp2.1) (== netcoreapp2.2) (== netstandard2.0) (&& (== xamarinmac) (< netstandard1.3))
      System.IO.FileSystem (>= 4.3) - restriction: || (== netcoreapp2.1) (== netcoreapp2.2) (== netstandard2.0) (&& (== xamarinmac) (< netstandard1.3))
      System.IO.FileSystem.Primitives (>= 4.3) - restriction: || (== netcoreapp2.1) (== netcoreapp2.2) (== netstandard2.0) (&& (== xamarinmac) (< netstandard1.3))
      System.Reflection.Metadata (>= 1.4.1) - restriction: || (== netcoreapp2.1) (== netcoreapp2.2) (== netstandard2.0) (&& (== xamarinmac) (< netstandard1.3))
      System.Runtime (>= 4.3) - restriction: || (== netcoreapp2.1) (== netcoreapp2.2) (== netstandard2.0) (&& (== xamarinmac) (< netstandard1.3))
      System.Runtime.Extensions (>= 4.3) - restriction: || (== netcoreapp2.1) (== netcoreapp2.2) (== netstandard2.0) (&& (== xamarinmac) (< netstandard1.3))
      System.Runtime.InteropServices (>= 4.3) - restriction: || (== netcoreapp2.1) (== netcoreapp2.2) (== netstandard2.0)
    System.Diagnostics.Process (4.3) - restriction: || (== netcoreapp2.1) (== netcoreapp2.2) (== netstandard2.0) (&& (== xamarinmac) (>= netcoreapp1.0)) (&& (== xamarinmac) (>= netstandard2.0))
      Microsoft.NETCore.Platforms (>= 1.1) - restriction: || (== netcoreapp2.1) (== netcoreapp2.2) (== netstandard2.0)
      Microsoft.Win32.Primitives (>= 4.3) - restriction: || (== netcoreapp2.1) (== netcoreapp2.2) (== netstandard2.0)
      Microsoft.Win32.Registry (>= 4.3) - restriction: || (== netcoreapp2.1) (== netcoreapp2.2) (== netstandard2.0)
      runtime.native.System (>= 4.3) - restriction: || (== netcoreapp2.1) (== netcoreapp2.2) (== netstandard2.0)
      System.Collections (>= 4.3) - restriction: || (== netcoreapp2.1) (== netcoreapp2.2) (== netstandard2.0)
      System.Diagnostics.Debug (>= 4.3) - restriction: || (== netcoreapp2.1) (== netcoreapp2.2) (== netstandard2.0)
      System.Globalization (>= 4.3) - restriction: || (== netcoreapp2.1) (== netcoreapp2.2) (== netstandard2.0)
      System.IO (>= 4.3) - restriction: || (== netcoreapp2.1) (== netcoreapp2.2) (== netstandard2.0) (&& (== xamarinmac) (< netstandard1.4))
      System.IO.FileSystem (>= 4.3) - restriction: || (== netcoreapp2.1) (== netcoreapp2.2) (== netstandard2.0)
      System.IO.FileSystem.Primitives (>= 4.3) - restriction: || (== netcoreapp2.1) (== netcoreapp2.2) (== netstandard2.0)
      System.Resources.ResourceManager (>= 4.3) - restriction: || (== netcoreapp2.1) (== netcoreapp2.2) (== netstandard2.0)
      System.Runtime (>= 4.3) - restriction: || (== netcoreapp2.1) (== netcoreapp2.2) (== netstandard2.0) (&& (== xamarinmac) (< netstandard1.4))
      System.Runtime.Extensions (>= 4.3) - restriction: || (== netcoreapp2.1) (== netcoreapp2.2) (== netstandard2.0)
      System.Runtime.Handles (>= 4.3) - restriction: || (== netcoreapp2.1) (== netcoreapp2.2) (== netstandard2.0) (&& (== xamarinmac) (< netstandard1.4))
      System.Runtime.InteropServices (>= 4.3) - restriction: || (== netcoreapp2.1) (== netcoreapp2.2) (== netstandard2.0)
      System.Text.Encoding (>= 4.3) - restriction: || (== netcoreapp2.1) (== netcoreapp2.2) (== netstandard2.0) (&& (== xamarinmac) (< netstandard1.4))
      System.Text.Encoding.Extensions (>= 4.3) - restriction: || (== netcoreapp2.1) (== netcoreapp2.2) (== netstandard2.0)
      System.Threading (>= 4.3) - restriction: || (== netcoreapp2.1) (== netcoreapp2.2) (== netstandard2.0)
      System.Threading.Tasks (>= 4.3) - restriction: || (== netcoreapp2.1) (== netcoreapp2.2) (== netstandard2.0)
      System.Threading.Thread (>= 4.3) - restriction: || (== netcoreapp2.1) (== netcoreapp2.2) (== netstandard2.0)
      System.Threading.ThreadPool (>= 4.3) - restriction: || (== netcoreapp2.1) (== netcoreapp2.2) (== netstandard2.0)
    System.Diagnostics.Tools (4.3) - restriction: || (&& (== netcoreapp2.1) (< netstandard1.2)) (&& (== netcoreapp2.1) (< netstandard1.3)) (&& (== netcoreapp2.1) (< netstandard1.4)) (&& (== netcoreapp2.1) (< netstandard1.5)) (&& (== netcoreapp2.1) (< netstandard1.6)) (&& (== netcoreapp2.1) (< netstandard2.0)) (&& (== netcoreapp2.1) (< portable-net45+win8+wpa81)) (&& (== netcoreapp2.2) (< netstandard1.2)) (&& (== netcoreapp2.2) (< netstandard1.3)) (&& (== netcoreapp2.2) (< netstandard1.4)) (&& (== netcoreapp2.2) (< netstandard1.5)) (&& (== netcoreapp2.2) (< netstandard1.6)) (&& (== netcoreapp2.2) (< netstandard2.0)) (&& (== netcoreapp2.2) (< portable-net45+win8+wpa81)) (== xamarinmac)
    System.Diagnostics.TraceSource (4.3) - restriction: || (== netcoreapp2.1) (== netcoreapp2.2) (== netstandard2.0) (&& (== xamarinmac) (>= netcoreapp2.1)) (&& (== xamarinmac) (>= netstandard2.0))
      Microsoft.NETCore.Platforms (>= 1.1) - restriction: || (== netcoreapp2.1) (== netcoreapp2.2) (== netstandard2.0)
      runtime.native.System (>= 4.3) - restriction: || (== netcoreapp2.1) (== netcoreapp2.2) (== netstandard2.0)
      System.Collections (>= 4.3) - restriction: || (== netcoreapp2.1) (== netcoreapp2.2) (== netstandard2.0)
      System.Diagnostics.Debug (>= 4.3) - restriction: || (== netcoreapp2.1) (== netcoreapp2.2) (== netstandard2.0)
      System.Globalization (>= 4.3) - restriction: || (== netcoreapp2.1) (== netcoreapp2.2) (== netstandard2.0)
      System.Resources.ResourceManager (>= 4.3) - restriction: || (== netcoreapp2.1) (== netcoreapp2.2) (== netstandard2.0)
      System.Runtime (>= 4.3) - restriction: || (== netcoreapp2.1) (== netcoreapp2.2) (== netstandard2.0)
      System.Runtime.Extensions (>= 4.3) - restriction: || (== netcoreapp2.1) (== netcoreapp2.2) (== netstandard2.0)
      System.Threading (>= 4.3) - restriction: || (== netcoreapp2.1) (== netcoreapp2.2) (== netstandard2.0)
    System.Diagnostics.Tracing (4.3)
    System.Dynamic.Runtime (4.3) - restriction: || (== netcoreapp2.1) (== netcoreapp2.2) (&& (== netstandard2.0) (>= netcoreapp1.0)) (&& (== xamarinmac) (>= netcoreapp1.0))
      System.Collections (>= 4.3) - restriction: || (== netcoreapp2.1) (== netcoreapp2.2) (== netstandard2.0) (&& (== xamarinmac) (< portable-net45+win8+wp8+wpa81))
      System.Diagnostics.Debug (>= 4.3) - restriction: || (== netcoreapp2.1) (== netcoreapp2.2) (== netstandard2.0) (&& (== xamarinmac) (< portable-net45+win8+wp8+wpa81))
      System.Linq (>= 4.3) - restriction: || (== netcoreapp2.1) (== netcoreapp2.2) (== netstandard2.0) (&& (== xamarinmac) (< portable-net45+win8+wp8+wpa81))
      System.Linq.Expressions (>= 4.3) - restriction: || (== netcoreapp2.1) (== netcoreapp2.2) (== netstandard2.0) (&& (== xamarinmac) (< netstandard1.3)) (&& (== xamarinmac) (< portable-net45+win8+wp8+wpa81))
      System.ObjectModel (>= 4.3) - restriction: || (== netcoreapp2.1) (== netcoreapp2.2) (== netstandard2.0) (&& (== xamarinmac) (< netstandard1.3)) (&& (== xamarinmac) (< portable-net45+win8+wp8+wpa81))
      System.Reflection (>= 4.3) - restriction: || (== netcoreapp2.1) (== netcoreapp2.2) (== netstandard2.0) (&& (== xamarinmac) (< netstandard1.3)) (&& (== xamarinmac) (< portable-net45+win8+wp8+wpa81))
      System.Reflection.Emit (>= 4.3) - restriction: || (== netcoreapp2.1) (== netcoreapp2.2) (== netstandard2.0)
      System.Reflection.Emit.ILGeneration (>= 4.3) - restriction: || (== netcoreapp2.1) (== netcoreapp2.2) (== netstandard2.0)
      System.Reflection.Primitives (>= 4.3) - restriction: || (== netcoreapp2.1) (== netcoreapp2.2) (== netstandard2.0)
      System.Reflection.TypeExtensions (>= 4.3) - restriction: || (== netcoreapp2.1) (== netcoreapp2.2) (== netstandard2.0) (&& (== xamarinmac) (< portable-net45+win8+wp8+wpa81))
      System.Resources.ResourceManager (>= 4.3) - restriction: || (== netcoreapp2.1) (== netcoreapp2.2) (== netstandard2.0) (&& (== xamarinmac) (< portable-net45+win8+wp8+wpa81))
      System.Runtime (>= 4.3) - restriction: || (== netcoreapp2.1) (== netcoreapp2.2) (== netstandard2.0) (&& (== xamarinmac) (< netstandard1.3)) (&& (== xamarinmac) (< portable-net45+win8+wp8+wpa81))
      System.Runtime.Extensions (>= 4.3) - restriction: || (== netcoreapp2.1) (== netcoreapp2.2) (== netstandard2.0) (&& (== xamarinmac) (< portable-net45+win8+wp8+wpa81))
      System.Threading (>= 4.3) - restriction: || (== netcoreapp2.1) (== netcoreapp2.2) (== netstandard2.0) (&& (== xamarinmac) (< portable-net45+win8+wp8+wpa81))
    System.Globalization (4.3)
    System.Globalization.Calendars (4.3) - restriction: || (&& (== netcoreapp2.1) (< netstandard1.4)) (&& (== netcoreapp2.1) (< netstandard1.5)) (&& (== netcoreapp2.1) (< netstandard1.6)) (&& (== netcoreapp2.1) (< netstandard2.0)) (&& (== netcoreapp2.2) (< netstandard1.4)) (&& (== netcoreapp2.2) (< netstandard1.5)) (&& (== netcoreapp2.2) (< netstandard1.6)) (&& (== netcoreapp2.2) (< netstandard2.0)) (== xamarinmac)
    System.Globalization.Extensions (4.3) - restriction: || (== netcoreapp2.1) (== netcoreapp2.2) (== netstandard2.0) (&& (== xamarinmac) (>= netstandard2.0))
      Microsoft.NETCore.Platforms (>= 1.1) - restriction: || (== netcoreapp2.1) (== netcoreapp2.2) (== netstandard2.0)
      System.Globalization (>= 4.3) - restriction: || (== netcoreapp2.1) (== netcoreapp2.2) (== netstandard2.0)
      System.Resources.ResourceManager (>= 4.3) - restriction: || (== netcoreapp2.1) (== netcoreapp2.2) (== netstandard2.0)
      System.Runtime (>= 4.3) - restriction: || (== netcoreapp2.1) (== netcoreapp2.2) (== netstandard2.0)
      System.Runtime.Extensions (>= 4.3) - restriction: || (== netcoreapp2.1) (== netcoreapp2.2) (== netstandard2.0)
      System.Runtime.InteropServices (>= 4.3) - restriction: || (== netcoreapp2.1) (== netcoreapp2.2) (== netstandard2.0)
    System.IO (4.3)
    System.IO.Compression (4.3)
      Microsoft.NETCore.Platforms (>= 1.1) - restriction: || (== netcoreapp2.1) (== netcoreapp2.2) (== netstandard2.0)
      runtime.native.System (>= 4.3) - restriction: || (== netcoreapp2.1) (== netcoreapp2.2) (== netstandard2.0)
      runtime.native.System.IO.Compression (>= 4.3) - restriction: || (== netcoreapp2.1) (== netcoreapp2.2) (== netstandard2.0) (&& (== xamarinmac) (< portable-net45+win8+wpa81))
      System.Buffers (>= 4.3) - restriction: || (== netcoreapp2.1) (== netcoreapp2.2) (== netstandard2.0) (&& (== xamarinmac) (< portable-net45+win8+wpa81))
      System.Collections (>= 4.3) - restriction: || (== netcoreapp2.1) (== netcoreapp2.2) (== netstandard2.0) (&& (== xamarinmac) (< portable-net45+win8+wpa81))
      System.Diagnostics.Debug (>= 4.3) - restriction: || (== netcoreapp2.1) (== netcoreapp2.2) (== netstandard2.0) (&& (== xamarinmac) (< portable-net45+win8+wpa81))
      System.IO (>= 4.3) - restriction: || (== netcoreapp2.1) (== netcoreapp2.2) (== netstandard2.0) (&& (== xamarinmac) (< netstandard1.3)) (&& (== xamarinmac) (< portable-net45+win8+wpa81))
      System.Resources.ResourceManager (>= 4.3) - restriction: || (== netcoreapp2.1) (== netcoreapp2.2) (== netstandard2.0) (&& (== xamarinmac) (< portable-net45+win8+wpa81))
      System.Runtime (>= 4.3) - restriction: || (== netcoreapp2.1) (== netcoreapp2.2) (== netstandard2.0) (&& (== xamarinmac) (< netstandard1.3)) (&& (== xamarinmac) (< portable-net45+win8+wpa81))
      System.Runtime.Extensions (>= 4.3) - restriction: || (== netcoreapp2.1) (== netcoreapp2.2) (== netstandard2.0) (&& (== xamarinmac) (< portable-net45+win8+wpa81))
      System.Runtime.Handles (>= 4.3) - restriction: || (== netcoreapp2.1) (== netcoreapp2.2) (== netstandard2.0) (&& (== xamarinmac) (< portable-net45+win8+wpa81))
      System.Runtime.InteropServices (>= 4.3) - restriction: || (== netcoreapp2.1) (== netcoreapp2.2) (== netstandard2.0) (&& (== xamarinmac) (< portable-net45+win8+wpa81))
      System.Text.Encoding (>= 4.3) - restriction: || (== netcoreapp2.1) (== netcoreapp2.2) (== netstandard2.0) (&& (== xamarinmac) (< netstandard1.3)) (&& (== xamarinmac) (< portable-net45+win8+wpa81))
      System.Threading (>= 4.3) - restriction: || (== netcoreapp2.1) (== netcoreapp2.2) (== netstandard2.0) (&& (== xamarinmac) (< portable-net45+win8+wpa81))
      System.Threading.Tasks (>= 4.3) - restriction: || (== netcoreapp2.1) (== netcoreapp2.2) (== netstandard2.0) (&& (== xamarinmac) (< portable-net45+win8+wpa81))
    System.IO.Compression.ZipFile (4.3)
      System.Buffers (>= 4.3) - restriction: || (== netcoreapp2.1) (== netcoreapp2.2) (== netstandard2.0)
      System.IO (>= 4.3) - restriction: || (== netcoreapp2.1) (== netcoreapp2.2) (== netstandard2.0)
      System.IO.Compression (>= 4.3) - restriction: || (== netcoreapp2.1) (== netcoreapp2.2) (== netstandard2.0)
      System.IO.FileSystem (>= 4.3) - restriction: || (== netcoreapp2.1) (== netcoreapp2.2) (== netstandard2.0)
      System.IO.FileSystem.Primitives (>= 4.3) - restriction: || (== netcoreapp2.1) (== netcoreapp2.2) (== netstandard2.0)
      System.Resources.ResourceManager (>= 4.3) - restriction: || (== netcoreapp2.1) (== netcoreapp2.2) (== netstandard2.0)
      System.Runtime (>= 4.3) - restriction: || (== netcoreapp2.1) (== netcoreapp2.2) (== netstandard2.0)
      System.Runtime.Extensions (>= 4.3) - restriction: || (== netcoreapp2.1) (== netcoreapp2.2) (== netstandard2.0)
      System.Text.Encoding (>= 4.3) - restriction: || (== netcoreapp2.1) (== netcoreapp2.2) (== netstandard2.0)
    System.IO.FileSystem (4.3)
    System.IO.FileSystem.Primitives (4.3)
    System.IO.FileSystem.Watcher (4.3) - restriction: || (== netcoreapp2.1) (== netcoreapp2.2) (== netstandard2.0) (&& (== xamarinmac) (>= netstandard2.0))
      Microsoft.NETCore.Platforms (>= 1.1) - restriction: || (== netcoreapp2.1) (== netcoreapp2.2) (== netstandard2.0)
      Microsoft.Win32.Primitives (>= 4.3) - restriction: || (== netcoreapp2.1) (== netcoreapp2.2) (== netstandard2.0)
      runtime.native.System (>= 4.3) - restriction: || (== netcoreapp2.1) (== netcoreapp2.2) (== netstandard2.0)
      System.Collections (>= 4.3) - restriction: || (== netcoreapp2.1) (== netcoreapp2.2) (== netstandard2.0)
      System.IO.FileSystem (>= 4.3) - restriction: || (== netcoreapp2.1) (== netcoreapp2.2) (== netstandard2.0)
      System.IO.FileSystem.Primitives (>= 4.3) - restriction: || (== netcoreapp2.1) (== netcoreapp2.2) (== netstandard2.0)
      System.Resources.ResourceManager (>= 4.3) - restriction: || (== netcoreapp2.1) (== netcoreapp2.2) (== netstandard2.0)
      System.Runtime (>= 4.3) - restriction: || (== netcoreapp2.1) (== netcoreapp2.2) (== netstandard2.0)
      System.Runtime.Extensions (>= 4.3) - restriction: || (== netcoreapp2.1) (== netcoreapp2.2) (== netstandard2.0)
      System.Runtime.Handles (>= 4.3) - restriction: || (== netcoreapp2.1) (== netcoreapp2.2) (== netstandard2.0)
      System.Runtime.InteropServices (>= 4.3) - restriction: || (== netcoreapp2.1) (== netcoreapp2.2) (== netstandard2.0)
      System.Text.Encoding (>= 4.3) - restriction: || (== netcoreapp2.1) (== netcoreapp2.2) (== netstandard2.0)
      System.Threading (>= 4.3) - restriction: || (== netcoreapp2.1) (== netcoreapp2.2) (== netstandard2.0)
      System.Threading.Overlapped (>= 4.3) - restriction: || (== netcoreapp2.1) (== netcoreapp2.2) (== netstandard2.0)
      System.Threading.Tasks (>= 4.3) - restriction: || (== netcoreapp2.1) (== netcoreapp2.2) (== netstandard2.0)
      System.Threading.Thread (>= 4.3) - restriction: || (== netcoreapp2.1) (== netcoreapp2.2) (== netstandard2.0)
    System.Linq (4.3)
    System.Linq.Expressions (4.3) - restriction: || (== netcoreapp2.1) (== netcoreapp2.2) (&& (== netstandard2.0) (>= netcoreapp1.0)) (== xamarinmac)
    System.Linq.Parallel (4.3) - restriction: || (== netcoreapp2.1) (== netcoreapp2.2) (== netstandard2.0) (&& (== xamarinmac) (>= netstandard2.0))
      System.Collections (>= 4.3) - restriction: || (== netcoreapp2.1) (== netcoreapp2.2) (== netstandard2.0) (&& (== xamarinmac) (< netstandard1.3)) (&& (== xamarinmac) (< portable-net45+win8+wpa81))
      System.Collections.Concurrent (>= 4.3) - restriction: || (== netcoreapp2.1) (== netcoreapp2.2) (== netstandard2.0) (&& (== xamarinmac) (< netstandard1.3)) (&& (== xamarinmac) (< portable-net45+win8+wpa81))
      System.Diagnostics.Debug (>= 4.3) - restriction: || (== netcoreapp2.1) (== netcoreapp2.2) (== netstandard2.0) (&& (== xamarinmac) (< portable-net45+win8+wpa81))
      System.Diagnostics.Tracing (>= 4.3) - restriction: || (== netcoreapp2.1) (== netcoreapp2.2) (== netstandard2.0) (&& (== xamarinmac) (< portable-net45+win8+wpa81))
      System.Linq (>= 4.3) - restriction: || (== netcoreapp2.1) (== netcoreapp2.2) (== netstandard2.0) (&& (== xamarinmac) (< netstandard1.3)) (&& (== xamarinmac) (< portable-net45+win8+wpa81))
      System.Resources.ResourceManager (>= 4.3) - restriction: || (== netcoreapp2.1) (== netcoreapp2.2) (== netstandard2.0) (&& (== xamarinmac) (< portable-net45+win8+wpa81))
      System.Runtime (>= 4.3) - restriction: || (== netcoreapp2.1) (== netcoreapp2.2) (== netstandard2.0) (&& (== xamarinmac) (< netstandard1.3)) (&& (== xamarinmac) (< portable-net45+win8+wpa81))
      System.Runtime.Extensions (>= 4.3) - restriction: || (== netcoreapp2.1) (== netcoreapp2.2) (== netstandard2.0) (&& (== xamarinmac) (< portable-net45+win8+wpa81))
      System.Threading (>= 4.3) - restriction: || (== netcoreapp2.1) (== netcoreapp2.2) (== netstandard2.0) (&& (== xamarinmac) (< portable-net45+win8+wpa81))
      System.Threading.Tasks (>= 4.3) - restriction: || (== netcoreapp2.1) (== netcoreapp2.2) (== netstandard2.0) (&& (== xamarinmac) (< netstandard1.3)) (&& (== xamarinmac) (< portable-net45+win8+wpa81))
    System.Linq.Queryable (4.3) - restriction: || (&& (== netcoreapp2.1) (< netstandard2.0)) (&& (== netcoreapp2.2) (< netstandard2.0)) (== xamarinmac)
    System.Memory (4.5.2) - restriction: || (&& (== netcoreapp2.1) (== xamarinmac)) (&& (== netcoreapp2.1) (< netcoreapp2.0)) (&& (== netcoreapp2.1) (>= uap10.1)) (&& (== netcoreapp2.2) (== xamarinmac)) (&& (== netcoreapp2.2) (< netcoreapp2.0)) (&& (== netcoreapp2.2) (< netcoreapp2.1)) (&& (== netcoreapp2.2) (>= uap10.1)) (== netstandard2.0) (&& (== xamarinmac) (>= netcoreapp2.0)) (&& (== xamarinmac) (>= netstandard2.0))
      System.Buffers (>= 4.4) - restriction: || (&& (== netcoreapp2.1) (>= monotouch)) (&& (== netcoreapp2.1) (>= net461)) (&& (== netcoreapp2.1) (< netcoreapp2.0)) (&& (== netcoreapp2.1) (< netstandard1.1)) (&& (== netcoreapp2.1) (< netstandard2.0)) (&& (== netcoreapp2.1) (>= xamarinios)) (&& (== netcoreapp2.1) (>= xamarinmac)) (&& (== netcoreapp2.1) (>= xamarintvos)) (&& (== netcoreapp2.1) (>= xamarinwatchos)) (&& (== netcoreapp2.2) (>= monotouch)) (&& (== netcoreapp2.2) (>= net461)) (&& (== netcoreapp2.2) (< netcoreapp2.0)) (&& (== netcoreapp2.2) (< netstandard1.1)) (&& (== netcoreapp2.2) (< netstandard2.0)) (&& (== netcoreapp2.2) (>= xamarinios)) (&& (== netcoreapp2.2) (>= xamarinmac)) (&& (== netcoreapp2.2) (>= xamarintvos)) (&& (== netcoreapp2.2) (>= xamarinwatchos)) (== netstandard2.0) (== xamarinmac)
      System.Numerics.Vectors (>= 4.4) - restriction: || (&& (== netcoreapp2.1) (>= net461)) (&& (== netcoreapp2.1) (< netcoreapp2.0)) (&& (== netcoreapp2.2) (>= net461)) (&& (== netcoreapp2.2) (< netcoreapp2.0)) (== netstandard2.0) (&& (== xamarinmac) (>= net461)) (&& (== xamarinmac) (>= netstandard2.0))
      System.Runtime.CompilerServices.Unsafe (>= 4.5.2) - restriction: || (&& (== netcoreapp2.1) (>= monotouch)) (&& (== netcoreapp2.1) (>= net461)) (&& (== netcoreapp2.1) (< netcoreapp2.0)) (&& (== netcoreapp2.1) (< netstandard1.1)) (&& (== netcoreapp2.1) (< netstandard2.0)) (&& (== netcoreapp2.1) (>= uap10.1)) (&& (== netcoreapp2.1) (>= xamarinios)) (&& (== netcoreapp2.1) (>= xamarinmac)) (&& (== netcoreapp2.1) (>= xamarintvos)) (&& (== netcoreapp2.1) (>= xamarinwatchos)) (&& (== netcoreapp2.2) (>= monotouch)) (&& (== netcoreapp2.2) (>= net461)) (&& (== netcoreapp2.2) (< netcoreapp2.0)) (&& (== netcoreapp2.2) (< netcoreapp2.1)) (&& (== netcoreapp2.2) (< netstandard1.1)) (&& (== netcoreapp2.2) (< netstandard2.0)) (&& (== netcoreapp2.2) (>= uap10.1)) (&& (== netcoreapp2.2) (>= xamarinios)) (&& (== netcoreapp2.2) (>= xamarinmac)) (&& (== netcoreapp2.2) (>= xamarintvos)) (&& (== netcoreapp2.2) (>= xamarinwatchos)) (== netstandard2.0) (== xamarinmac)
    System.Net.Http (4.3.4)
      Microsoft.NETCore.Platforms (>= 1.1.1) - restriction: || (== netcoreapp2.1) (== netcoreapp2.2) (== netstandard2.0) (&& (== xamarinmac) (< netstandard1.6)) (&& (== xamarinmac) (< portable-net45+win8+wpa81))
      runtime.native.System (>= 4.3) - restriction: || (== netcoreapp2.1) (== netcoreapp2.2) (== netstandard2.0)
      runtime.native.System.Net.Http (>= 4.3) - restriction: || (== netcoreapp2.1) (== netcoreapp2.2) (== netstandard2.0)
      runtime.native.System.Security.Cryptography.OpenSsl (>= 4.3.2) - restriction: || (== netcoreapp2.1) (== netcoreapp2.2) (== netstandard2.0)
      System.Collections (>= 4.3) - restriction: || (== netcoreapp2.1) (== netcoreapp2.2) (== netstandard2.0) (&& (== xamarinmac) (< netstandard1.6)) (&& (== xamarinmac) (< portable-net45+win8+wpa81))
      System.Diagnostics.Debug (>= 4.3) - restriction: || (== netcoreapp2.1) (== netcoreapp2.2) (== netstandard2.0) (&& (== xamarinmac) (< netstandard1.6)) (&& (== xamarinmac) (< portable-net45+win8+wpa81))
      System.Diagnostics.DiagnosticSource (>= 4.3) - restriction: || (== netcoreapp2.1) (== netcoreapp2.2) (== netstandard2.0) (&& (== xamarinmac) (< netstandard1.6)) (&& (== xamarinmac) (< portable-net45+win8+wpa81))
      System.Diagnostics.Tracing (>= 4.3) - restriction: || (== netcoreapp2.1) (== netcoreapp2.2) (== netstandard2.0) (&& (== xamarinmac) (< netstandard1.6)) (&& (== xamarinmac) (< portable-net45+win8+wpa81))
      System.Globalization (>= 4.3) - restriction: || (== netcoreapp2.1) (== netcoreapp2.2) (== netstandard2.0) (&& (== xamarinmac) (< netstandard1.6)) (&& (== xamarinmac) (< portable-net45+win8+wpa81))
      System.Globalization.Extensions (>= 4.3) - restriction: || (== netcoreapp2.1) (== netcoreapp2.2) (== netstandard2.0)
      System.IO (>= 4.3) - restriction: || (== netcoreapp2.1) (== netcoreapp2.2) (== netstandard2.0) (&& (== xamarinmac) (< netstandard1.3)) (&& (== xamarinmac) (< netstandard1.6)) (&& (== xamarinmac) (< portable-net45+win8+wpa81))
      System.IO.FileSystem (>= 4.3) - restriction: || (== netcoreapp2.1) (== netcoreapp2.2) (== netstandard2.0)
      System.Net.Primitives (>= 4.3) - restriction: || (== netcoreapp2.1) (== netcoreapp2.2) (== netstandard2.0) (&& (== xamarinmac) (< netstandard1.3)) (&& (== xamarinmac) (< netstandard1.6)) (&& (== xamarinmac) (< portable-net45+win8+wpa81))
      System.Resources.ResourceManager (>= 4.3) - restriction: || (== netcoreapp2.1) (== netcoreapp2.2) (== netstandard2.0) (&& (== xamarinmac) (< netstandard1.6)) (&& (== xamarinmac) (< portable-net45+win8+wpa81))
      System.Runtime (>= 4.3) - restriction: || (== netcoreapp2.1) (== netcoreapp2.2) (== netstandard2.0) (&& (== xamarinmac) (< netstandard1.3)) (&& (== xamarinmac) (< netstandard1.6)) (&& (== xamarinmac) (< portable-net45+win8+wpa81))
      System.Runtime.Extensions (>= 4.3) - restriction: || (== netcoreapp2.1) (== netcoreapp2.2) (== netstandard2.0) (&& (== xamarinmac) (< netstandard1.6)) (&& (== xamarinmac) (< portable-net45+win8+wpa81))
      System.Runtime.Handles (>= 4.3) - restriction: || (== netcoreapp2.1) (== netcoreapp2.2) (== netstandard2.0) (&& (== xamarinmac) (< netstandard1.6))
      System.Runtime.InteropServices (>= 4.3) - restriction: || (== netcoreapp2.1) (== netcoreapp2.2) (== netstandard2.0) (&& (== xamarinmac) (< netstandard1.6)) (&& (== xamarinmac) (< portable-net45+win8+wpa81))
      System.Security.Cryptography.Algorithms (>= 4.3) - restriction: || (== netcoreapp2.1) (== netcoreapp2.2) (== netstandard2.0)
      System.Security.Cryptography.Encoding (>= 4.3) - restriction: || (== netcoreapp2.1) (== netcoreapp2.2) (== netstandard2.0) (&& (== xamarinmac) (< netstandard1.6))
      System.Security.Cryptography.OpenSsl (>= 4.3) - restriction: || (== netcoreapp2.1) (== netcoreapp2.2) (== netstandard2.0)
      System.Security.Cryptography.Primitives (>= 4.3) - restriction: || (== netcoreapp2.1) (== netcoreapp2.2) (== netstandard2.0)
      System.Security.Cryptography.X509Certificates (>= 4.3) - restriction: || (== netcoreapp2.1) (== netcoreapp2.2) (== netstandard2.0) (&& (== xamarinmac) (>= net46)) (&& (== xamarinmac) (< netstandard1.6)) (&& (== xamarinmac) (< portable-net45+win8+wpa81))
      System.Text.Encoding (>= 4.3) - restriction: || (== netcoreapp2.1) (== netcoreapp2.2) (== netstandard2.0) (&& (== xamarinmac) (< netstandard1.3)) (&& (== xamarinmac) (< netstandard1.6)) (&& (== xamarinmac) (< portable-net45+win8+wpa81))
      System.Threading (>= 4.3) - restriction: || (== netcoreapp2.1) (== netcoreapp2.2) (== netstandard2.0) (&& (== xamarinmac) (< netstandard1.6)) (&& (== xamarinmac) (< portable-net45+win8+wpa81))
      System.Threading.Tasks (>= 4.3) - restriction: || (== netcoreapp2.1) (== netcoreapp2.2) (== netstandard2.0) (&& (== xamarinmac) (< netstandard1.3)) (&& (== xamarinmac) (< netstandard1.6)) (&& (== xamarinmac) (< portable-net45+win8+wpa81))
    System.Net.Primitives (4.3)
    System.Net.Requests (4.3) - restriction: || (&& (== netcoreapp2.1) (< netstandard2.0)) (&& (== netcoreapp2.2) (< netstandard2.0)) (== xamarinmac)
    System.Net.Sockets (4.3) - restriction: || (&& (== netcoreapp2.1) (< netstandard1.4)) (&& (== netcoreapp2.1) (< netstandard1.5)) (&& (== netcoreapp2.1) (< netstandard1.6)) (&& (== netcoreapp2.1) (< netstandard2.0)) (&& (== netcoreapp2.2) (< netstandard1.4)) (&& (== netcoreapp2.2) (< netstandard1.5)) (&& (== netcoreapp2.2) (< netstandard1.6)) (&& (== netcoreapp2.2) (< netstandard2.0)) (== xamarinmac)
    System.Numerics.Vectors (4.5)
    System.ObjectModel (4.3) - restriction: || (== netcoreapp2.1) (== netcoreapp2.2) (&& (== netstandard2.0) (>= netcoreapp1.0)) (== xamarinmac)
    System.Reactive (4.1.3) - restriction: || (== netcoreapp2.1) (== netcoreapp2.2) (== netstandard2.0) (&& (== xamarinmac) (>= netstandard2.0))
      System.Runtime.InteropServices.WindowsRuntime (>= 4.3) - restriction: || (== netcoreapp2.1) (== netcoreapp2.2) (== netstandard2.0) (&& (== xamarinmac) (>= netstandard2.0))
      System.Threading.Tasks.Extensions (>= 4.5.2) - restriction: || (== netcoreapp2.1) (== netcoreapp2.2) (== netstandard2.0) (&& (== xamarinmac) (>= net46)) (&& (== xamarinmac) (>= netstandard2.0)) (&& (== xamarinmac) (>= uap10.0))
    System.Reactive.Compatibility (4.1.3) - restriction: || (== netcoreapp2.1) (== netcoreapp2.2) (== netstandard2.0) (&& (== xamarinmac) (>= netstandard2.0))
      System.Reactive.Core (>= 4.1.3)
      System.Reactive.Interfaces (>= 4.1.3)
      System.Reactive.Linq (>= 4.1.3)
      System.Reactive.PlatformServices (>= 4.1.3)
      System.Reactive.Providers (>= 4.1.3)
    System.Reactive.Core (4.1.3) - restriction: || (== netcoreapp2.1) (== netcoreapp2.2) (== netstandard2.0) (&& (== xamarinmac) (>= netstandard2.0))
      System.Reactive (>= 4.1.3) - restriction: || (== netcoreapp2.1) (== netcoreapp2.2) (== netstandard2.0) (&& (== xamarinmac) (>= net46)) (&& (== xamarinmac) (>= netstandard2.0)) (&& (== xamarinmac) (>= uap10.0))
      System.Threading.Tasks.Extensions (>= 4.5.2) - restriction: || (== netcoreapp2.1) (== netcoreapp2.2) (== netstandard2.0) (&& (== xamarinmac) (>= net46)) (&& (== xamarinmac) (>= netstandard2.0)) (&& (== xamarinmac) (>= uap10.0))
    System.Reactive.Interfaces (4.1.3) - restriction: || (== netcoreapp2.1) (== netcoreapp2.2) (== netstandard2.0) (&& (== xamarinmac) (>= netstandard2.0))
      System.Reactive (>= 4.1.3) - restriction: || (== netcoreapp2.1) (== netcoreapp2.2) (== netstandard2.0) (&& (== xamarinmac) (>= net46)) (&& (== xamarinmac) (>= netstandard2.0)) (&& (== xamarinmac) (>= uap10.0))
      System.Threading.Tasks.Extensions (>= 4.5.2) - restriction: || (== netcoreapp2.1) (== netcoreapp2.2) (== netstandard2.0) (&& (== xamarinmac) (>= net46)) (&& (== xamarinmac) (>= netstandard2.0)) (&& (== xamarinmac) (>= uap10.0))
    System.Reactive.Linq (4.1.3) - restriction: || (== netcoreapp2.1) (== netcoreapp2.2) (== netstandard2.0) (&& (== xamarinmac) (>= netstandard2.0))
      System.Reactive (>= 4.1.3) - restriction: || (== netcoreapp2.1) (== netcoreapp2.2) (== netstandard2.0) (&& (== xamarinmac) (>= net46)) (&& (== xamarinmac) (>= netstandard2.0)) (&& (== xamarinmac) (>= uap10.0))
      System.Threading.Tasks.Extensions (>= 4.5.2) - restriction: || (== netcoreapp2.1) (== netcoreapp2.2) (== netstandard2.0) (&& (== xamarinmac) (>= net46)) (&& (== xamarinmac) (>= netstandard2.0)) (&& (== xamarinmac) (>= uap10.0))
    System.Reactive.PlatformServices (4.1.3) - restriction: || (== netcoreapp2.1) (== netcoreapp2.2) (== netstandard2.0) (&& (== xamarinmac) (>= netstandard2.0))
      System.Reactive (>= 4.1.3) - restriction: || (== netcoreapp2.1) (== netcoreapp2.2) (== netstandard2.0) (&& (== xamarinmac) (>= net46)) (&& (== xamarinmac) (>= netstandard2.0)) (&& (== xamarinmac) (>= uap10.0))
      System.Threading.Tasks.Extensions (>= 4.5.2) - restriction: || (== netcoreapp2.1) (== netcoreapp2.2) (== netstandard2.0) (&& (== xamarinmac) (>= net46)) (&& (== xamarinmac) (>= netstandard2.0)) (&& (== xamarinmac) (>= uap10.0))
    System.Reactive.Providers (4.1.3) - restriction: || (== netcoreapp2.1) (== netcoreapp2.2) (== netstandard2.0) (&& (== xamarinmac) (>= netstandard2.0))
      System.Reactive (>= 4.1.3) - restriction: || (== netcoreapp2.1) (== netcoreapp2.2) (== netstandard2.0) (&& (== xamarinmac) (>= net46)) (&& (== xamarinmac) (>= netstandard2.0)) (&& (== xamarinmac) (>= uap10.0))
      System.Threading.Tasks.Extensions (>= 4.5.2) - restriction: || (== netcoreapp2.1) (== netcoreapp2.2) (== netstandard2.0) (&& (== xamarinmac) (>= net46)) (&& (== xamarinmac) (>= netstandard2.0)) (&& (== xamarinmac) (>= uap10.0))
    System.Reflection (4.3)
    System.Reflection.Emit (4.3) - restriction: || (== netcoreapp2.1) (== netcoreapp2.2) (&& (== netstandard2.0) (>= netcoreapp1.0)) (&& (== xamarinmac) (>= netcoreapp1.0))
      System.IO (>= 4.3) - restriction: || (== netcoreapp2.1) (== netcoreapp2.2) (== netstandard2.0)
      System.Reflection (>= 4.3) - restriction: || (== netcoreapp2.1) (== netcoreapp2.2) (== netstandard2.0)
      System.Reflection.Emit.ILGeneration (>= 4.3) - restriction: || (== netcoreapp2.1) (== netcoreapp2.2) (== netstandard2.0)
      System.Reflection.Primitives (>= 4.3) - restriction: || (== netcoreapp2.1) (== netcoreapp2.2) (== netstandard2.0)
      System.Runtime (>= 4.3) - restriction: || (== netcoreapp2.1) (== netcoreapp2.2) (== netstandard2.0)
    System.Reflection.Emit.ILGeneration (4.3) - restriction: || (== netcoreapp2.1) (== netcoreapp2.2) (&& (== netstandard2.0) (>= netcoreapp1.0)) (&& (== xamarinmac) (>= netcoreapp1.0))
      System.Reflection (>= 4.3) - restriction: || (== netcoreapp2.1) (== netcoreapp2.2) (== netstandard2.0)
      System.Reflection.Primitives (>= 4.3) - restriction: || (== netcoreapp2.1) (== netcoreapp2.2) (== netstandard2.0)
      System.Runtime (>= 4.3) - restriction: || (== netcoreapp2.1) (== netcoreapp2.2) (== netstandard2.0)
    System.Reflection.Extensions (4.3) - restriction: || (&& (== netcoreapp2.1) (< netstandard1.2)) (&& (== netcoreapp2.1) (< netstandard1.3)) (&& (== netcoreapp2.1) (< netstandard1.4)) (&& (== netcoreapp2.1) (< netstandard1.5)) (&& (== netcoreapp2.1) (< netstandard1.6)) (&& (== netcoreapp2.1) (< netstandard2.0)) (&& (== netcoreapp2.1) (< portable-net45+win8+wpa81)) (&& (== netcoreapp2.2) (< netstandard1.2)) (&& (== netcoreapp2.2) (< netstandard1.3)) (&& (== netcoreapp2.2) (< netstandard1.4)) (&& (== netcoreapp2.2) (< netstandard1.5)) (&& (== netcoreapp2.2) (< netstandard1.6)) (&& (== netcoreapp2.2) (< netstandard2.0)) (&& (== netcoreapp2.2) (< portable-net45+win8+wpa81)) (== xamarinmac)
    System.Reflection.Metadata (1.6) - restriction: || (== netcoreapp2.1) (== netcoreapp2.2) (== netstandard2.0) (&& (== xamarinmac) (>= netcoreapp1.0)) (&& (== xamarinmac) (>= netcoreapp2.1)) (&& (== xamarinmac) (>= netstandard2.0))
    System.Reflection.Primitives (4.3) - restriction: || (== netcoreapp2.1) (== netcoreapp2.2) (&& (== netstandard2.0) (>= netcoreapp1.0)) (== xamarinmac)
    System.Reflection.TypeExtensions (4.5.1) - restriction: || (== netcoreapp2.1) (== netcoreapp2.2) (== netstandard2.0) (&& (== xamarinmac) (>= netcoreapp1.0)) (&& (== xamarinmac) (>= netcoreapp2.1)) (&& (== xamarinmac) (>= netstandard2.0))
    System.Resources.ResourceManager (4.3)
    System.Resources.Writer (4.3) - restriction: || (== netcoreapp2.1) (== netcoreapp2.2) (== netstandard2.0) (&& (== xamarinmac) (>= netstandard2.0))
      System.Collections (>= 4.3) - restriction: || (== netcoreapp2.1) (== netcoreapp2.2) (== netstandard2.0)
      System.IO (>= 4.3) - restriction: || (== netcoreapp2.1) (== netcoreapp2.2) (== netstandard2.0)
      System.Resources.ResourceManager (>= 4.3) - restriction: || (== netcoreapp2.1) (== netcoreapp2.2) (== netstandard2.0)
      System.Runtime (>= 4.3) - restriction: || (== netcoreapp2.1) (== netcoreapp2.2) (== netstandard2.0)
      System.Runtime.Extensions (>= 4.3) - restriction: || (== netcoreapp2.1) (== netcoreapp2.2) (== netstandard2.0)
      System.Text.Encoding (>= 4.3) - restriction: || (== netcoreapp2.1) (== netcoreapp2.2) (== netstandard2.0)
    System.Runtime (4.3.1)
    System.Runtime.CompilerServices.Unsafe (4.5.2) - restriction: || (== netcoreapp2.1) (== netcoreapp2.2) (== netstandard2.0) (&& (== xamarinmac) (>= netcoreapp2.0)) (&& (== xamarinmac) (>= netstandard2.0))
    System.Runtime.Extensions (4.3.1)
    System.Runtime.Handles (4.3)
    System.Runtime.InteropServices (4.3)
    System.Runtime.InteropServices.RuntimeInformation (4.3)
    System.Runtime.InteropServices.WindowsRuntime (4.3) - restriction: || (== netcoreapp2.1) (== netcoreapp2.2) (== netstandard2.0) (&& (== xamarinmac) (>= netstandard2.0))
      System.Runtime (>= 4.3) - restriction: || (== netcoreapp2.1) (== netcoreapp2.2) (== netstandard2.0) (&& (== xamarinmac) (< portable-net45+win8+wp8+wpa81))
    System.Runtime.Loader (4.3) - restriction: || (== netcoreapp2.1) (== netcoreapp2.2) (== netstandard2.0) (&& (== xamarinmac) (>= netcoreapp2.1)) (&& (== xamarinmac) (>= netstandard2.0))
      System.IO (>= 4.3) - restriction: || (== netcoreapp2.1) (== netcoreapp2.2) (== netstandard2.0)
      System.Reflection (>= 4.3) - restriction: || (== netcoreapp2.1) (== netcoreapp2.2) (== netstandard2.0)
      System.Runtime (>= 4.3) - restriction: || (== netcoreapp2.1) (== netcoreapp2.2) (== netstandard2.0)
    System.Runtime.Numerics (4.3)
    System.Runtime.Serialization.Primitives (4.3) - restriction: || (== netcoreapp2.1) (== netcoreapp2.2) (== netstandard2.0) (&& (== xamarinmac) (>= netstandard2.0))
      System.Resources.ResourceManager (>= 4.3) - restriction: || (== netcoreapp2.1) (== netcoreapp2.2) (== netstandard2.0) (&& (== xamarinmac) (< portable-net45+win8+wp8+wpa81))
      System.Runtime (>= 4.3) - restriction: || (== netcoreapp2.1) (== netcoreapp2.2) (== netstandard2.0) (&& (== xamarinmac) (< netstandard1.3)) (&& (== xamarinmac) (< portable-net45+win8+wp8+wpa81))
    System.Security.AccessControl (4.5) - restriction: || (== netcoreapp2.1) (== netcoreapp2.2) (== netstandard2.0) (&& (== xamarinmac) (>= netcoreapp2.0)) (&& (== xamarinmac) (>= netstandard2.0)) (&& (== xamarinmac) (>= xamarinios))
      Microsoft.NETCore.Platforms (>= 2.0) - restriction: || (== netcoreapp2.1) (== netcoreapp2.2) (&& (== netstandard2.0) (>= netcoreapp2.0)) (&& (== xamarinmac) (>= netcoreapp2.0))
      System.Security.Principal.Windows (>= 4.5) - restriction: || (== netcoreapp2.1) (== netcoreapp2.2) (== netstandard2.0) (&& (== xamarinmac) (>= net461)) (&& (== xamarinmac) (>= netcoreapp2.0)) (&& (== xamarinmac) (>= netstandard2.0))
    System.Security.Cryptography.Algorithms (4.3.1)
    System.Security.Cryptography.Encoding (4.3)
    System.Security.Cryptography.OpenSsl (4.5) - restriction: || (== netcoreapp2.1) (== netcoreapp2.2) (== netstandard2.0) (&& (== xamarinmac) (>= netstandard2.0))
    System.Security.Cryptography.Primitives (4.3)
    System.Security.Cryptography.ProtectedData (4.5) - restriction: || (== netcoreapp2.1) (== netcoreapp2.2) (&& (== netstandard2.0) (>= netcoreapp1.0)) (&& (== xamarinmac) (>= netcoreapp1.0))
    System.Security.Cryptography.X509Certificates (4.3.2)
    System.Security.Principal.Windows (4.5.1) - restriction: || (== netcoreapp2.1) (== netcoreapp2.2) (== netstandard2.0) (&& (== xamarinmac) (>= netcoreapp2.0)) (&& (== xamarinmac) (>= netcoreapp2.1)) (&& (== xamarinmac) (>= netstandard2.0)) (&& (== xamarinmac) (>= xamarinios))
      Microsoft.NETCore.Platforms (>= 2.0) - restriction: || (== netcoreapp2.1) (== netcoreapp2.2) (&& (== netstandard2.0) (>= netcoreapp2.0)) (&& (== xamarinmac) (>= netcoreapp2.0))
    System.Text.Encoding (4.3)
    System.Text.Encoding.CodePages (4.5.1) - restriction: || (== netcoreapp2.1) (== netcoreapp2.2) (== netstandard2.0) (&& (== xamarinmac) (>= netstandard2.0))
      Microsoft.NETCore.Platforms (>= 2.1.2) - restriction: || (== netcoreapp2.1) (== netcoreapp2.2) (&& (== netstandard2.0) (>= netcoreapp2.0)) (&& (== xamarinmac) (>= netcoreapp2.0))
      System.Runtime.CompilerServices.Unsafe (>= 4.5.2) - restriction: || (== netcoreapp2.1) (== netcoreapp2.2) (== netstandard2.0) (&& (== xamarinmac) (>= net461)) (&& (== xamarinmac) (>= netcoreapp2.0)) (&& (== xamarinmac) (>= netstandard2.0))
    System.Text.Encoding.Extensions (4.3)
    System.Text.RegularExpressions (4.3) - restriction: || (&& (== netcoreapp2.1) (< netstandard1.2)) (&& (== netcoreapp2.1) (< netstandard1.3)) (&& (== netcoreapp2.1) (< netstandard1.4)) (&& (== netcoreapp2.1) (< netstandard1.5)) (&& (== netcoreapp2.1) (< netstandard1.6)) (&& (== netcoreapp2.1) (< netstandard2.0)) (&& (== netcoreapp2.1) (< portable-net45+win8+wpa81)) (&& (== netcoreapp2.2) (< netstandard1.2)) (&& (== netcoreapp2.2) (< netstandard1.3)) (&& (== netcoreapp2.2) (< netstandard1.4)) (&& (== netcoreapp2.2) (< netstandard1.5)) (&& (== netcoreapp2.2) (< netstandard1.6)) (&& (== netcoreapp2.2) (< netstandard2.0)) (&& (== netcoreapp2.2) (< portable-net45+win8+wpa81)) (== xamarinmac)
    System.Threading (4.3)
    System.Threading.Overlapped (4.3) - restriction: || (== netcoreapp2.1) (== netcoreapp2.2) (== netstandard2.0) (&& (== xamarinmac) (>= netstandard2.0))
      Microsoft.NETCore.Platforms (>= 1.1)
      System.Resources.ResourceManager (>= 4.3)
      System.Runtime (>= 4.3)
      System.Runtime.Handles (>= 4.3)
    System.Threading.Tasks (4.3)
    System.Threading.Tasks.Dataflow (4.9) - restriction: || (== netcoreapp2.1) (== netcoreapp2.2) (== netstandard2.0) (&& (== xamarinmac) (>= netcoreapp2.1)) (&& (== xamarinmac) (>= netstandard2.0))
    System.Threading.Tasks.Extensions (4.5.2) - restriction: || (== netcoreapp2.1) (== netcoreapp2.2) (== netstandard2.0) (&& (== xamarinmac) (>= netstandard2.0))
      System.Runtime.CompilerServices.Unsafe (>= 4.5.2) - restriction: || (&& (== netcoreapp2.1) (>= net45)) (&& (== netcoreapp2.1) (< netstandard1.0)) (&& (== netcoreapp2.1) (< netstandard2.0)) (&& (== netcoreapp2.1) (>= wp8)) (&& (== netcoreapp2.2) (>= net45)) (&& (== netcoreapp2.2) (< netcoreapp2.1)) (&& (== netcoreapp2.2) (< netstandard1.0)) (&& (== netcoreapp2.2) (< netstandard2.0)) (&& (== netcoreapp2.2) (>= wp8)) (== netstandard2.0) (&& (== xamarinmac) (>= net45)) (&& (== xamarinmac) (< netstandard1.0)) (&& (== xamarinmac) (>= netstandard2.0)) (&& (== xamarinmac) (>= wp8)) (&& (== xamarinmac) (>= wpa81))
    System.Threading.Tasks.Parallel (4.3) - restriction: || (&& (== netcoreapp2.1) (< netstandard2.0)) (&& (== netcoreapp2.2) (< netstandard2.0)) (== xamarinmac)
    System.Threading.Thread (4.3)
    System.Threading.ThreadPool (4.3)
    System.Threading.Timer (4.3)
    System.ValueTuple (4.5)
    System.Xml.ReaderWriter (4.3.1)
    System.Xml.XDocument (4.3)
    System.Xml.XmlDocument (4.3) - restriction: || (== netcoreapp2.1) (== netcoreapp2.2) (== netstandard2.0) (&& (== xamarinmac) (>= netstandard2.0))
      System.Collections (>= 4.3) - restriction: || (== netcoreapp2.1) (== netcoreapp2.2) (== netstandard2.0)
      System.Diagnostics.Debug (>= 4.3) - restriction: || (== netcoreapp2.1) (== netcoreapp2.2) (== netstandard2.0)
      System.Globalization (>= 4.3) - restriction: || (== netcoreapp2.1) (== netcoreapp2.2) (== netstandard2.0)
      System.IO (>= 4.3) - restriction: || (== netcoreapp2.1) (== netcoreapp2.2) (== netstandard2.0)
      System.Resources.ResourceManager (>= 4.3) - restriction: || (== netcoreapp2.1) (== netcoreapp2.2) (== netstandard2.0)
      System.Runtime (>= 4.3) - restriction: || (== netcoreapp2.1) (== netcoreapp2.2) (== netstandard2.0)
      System.Runtime.Extensions (>= 4.3) - restriction: || (== netcoreapp2.1) (== netcoreapp2.2) (== netstandard2.0)
      System.Text.Encoding (>= 4.3) - restriction: || (== netcoreapp2.1) (== netcoreapp2.2) (== netstandard2.0)
      System.Threading (>= 4.3) - restriction: || (== netcoreapp2.1) (== netcoreapp2.2) (== netstandard2.0)
      System.Xml.ReaderWriter (>= 4.3) - restriction: || (== netcoreapp2.1) (== netcoreapp2.2) (== netstandard2.0)
    System.Xml.XPath (4.3) - restriction: || (== netcoreapp2.1) (== netcoreapp2.2) (== netstandard2.0) (&& (== xamarinmac) (>= netstandard2.0))
      System.Collections (>= 4.3) - restriction: || (== netcoreapp2.1) (== netcoreapp2.2) (== netstandard2.0)
      System.Diagnostics.Debug (>= 4.3) - restriction: || (== netcoreapp2.1) (== netcoreapp2.2) (== netstandard2.0)
      System.Globalization (>= 4.3) - restriction: || (== netcoreapp2.1) (== netcoreapp2.2) (== netstandard2.0)
      System.IO (>= 4.3) - restriction: || (== netcoreapp2.1) (== netcoreapp2.2) (== netstandard2.0)
      System.Resources.ResourceManager (>= 4.3) - restriction: || (== netcoreapp2.1) (== netcoreapp2.2) (== netstandard2.0)
      System.Runtime (>= 4.3) - restriction: || (== netcoreapp2.1) (== netcoreapp2.2) (== netstandard2.0)
      System.Runtime.Extensions (>= 4.3) - restriction: || (== netcoreapp2.1) (== netcoreapp2.2) (== netstandard2.0)
      System.Threading (>= 4.3) - restriction: || (== netcoreapp2.1) (== netcoreapp2.2) (== netstandard2.0)
      System.Xml.ReaderWriter (>= 4.3) - restriction: || (== netcoreapp2.1) (== netcoreapp2.2) (== netstandard2.0)
    System.Xml.XPath.XDocument (4.3) - restriction: || (== netcoreapp2.1) (== netcoreapp2.2) (== netstandard2.0) (&& (== xamarinmac) (>= netstandard2.0))
      System.Diagnostics.Debug (>= 4.3) - restriction: || (== netcoreapp2.1) (== netcoreapp2.2) (== netstandard2.0)
      System.Linq (>= 4.3) - restriction: || (== netcoreapp2.1) (== netcoreapp2.2) (== netstandard2.0)
      System.Resources.ResourceManager (>= 4.3) - restriction: || (== netcoreapp2.1) (== netcoreapp2.2) (== netstandard2.0)
      System.Runtime (>= 4.3) - restriction: || (== netcoreapp2.1) (== netcoreapp2.2) (== netstandard2.0)
      System.Runtime.Extensions (>= 4.3) - restriction: || (== netcoreapp2.1) (== netcoreapp2.2) (== netstandard2.0)
      System.Threading (>= 4.3) - restriction: || (== netcoreapp2.1) (== netcoreapp2.2) (== netstandard2.0)
      System.Xml.ReaderWriter (>= 4.3) - restriction: || (== netcoreapp2.1) (== netcoreapp2.2) (== netstandard2.0)
      System.Xml.XDocument (>= 4.3) - restriction: || (== netcoreapp2.1) (== netcoreapp2.2) (== netstandard2.0)
      System.Xml.XPath (>= 4.3) - restriction: || (== netcoreapp2.1) (== netcoreapp2.2) (== netstandard2.0) (&& (== xamarinmac) (>= net46))
    System.Xml.XPath.XmlDocument (4.3) - restriction: || (== netcoreapp2.1) (== netcoreapp2.2) (== netstandard2.0) (&& (== xamarinmac) (>= netstandard2.0))
      System.Collections (>= 4.3) - restriction: || (== netcoreapp2.1) (== netcoreapp2.2) (== netstandard2.0)
      System.Globalization (>= 4.3) - restriction: || (== netcoreapp2.1) (== netcoreapp2.2) (== netstandard2.0)
      System.IO (>= 4.3) - restriction: || (== netcoreapp2.1) (== netcoreapp2.2) (== netstandard2.0)
      System.Resources.ResourceManager (>= 4.3) - restriction: || (== netcoreapp2.1) (== netcoreapp2.2) (== netstandard2.0)
      System.Runtime (>= 4.3) - restriction: || (== netcoreapp2.1) (== netcoreapp2.2) (== netstandard2.0)
      System.Runtime.Extensions (>= 4.3) - restriction: || (== netcoreapp2.1) (== netcoreapp2.2) (== netstandard2.0)
      System.Threading (>= 4.3) - restriction: || (== netcoreapp2.1) (== netcoreapp2.2) (== netstandard2.0)
      System.Xml.ReaderWriter (>= 4.3) - restriction: || (== netcoreapp2.1) (== netcoreapp2.2) (== netstandard2.0)
      System.Xml.XmlDocument (>= 4.3) - restriction: || (== netcoreapp2.1) (== netcoreapp2.2) (== netstandard2.0) (&& (== xamarinmac) (>= net46))
      System.Xml.XPath (>= 4.3) - restriction: || (== netcoreapp2.1) (== netcoreapp2.2) (== netstandard2.0) (&& (== xamarinmac) (>= net46))
    TaskBuilder.fs (2.1) - restriction: || (== netcoreapp2.1) (== netcoreapp2.2) (== netstandard2.0) (&& (== xamarinmac) (>= netstandard2.0))
      FSharp.Core (>= 4.1.17)
      NETStandard.Library (>= 1.6.1)
      System.ValueTuple (>= 4.4)
    Thoth.Json.Net (2.5) - restriction: || (== netcoreapp2.1) (== netcoreapp2.2) (== netstandard2.0) (&& (== xamarinmac) (>= netstandard2.0))
      FSharp.Core (>= 4.5.2) - restriction: || (== netcoreapp2.1) (== netcoreapp2.2) (== netstandard2.0) (&& (== xamarinmac) (>= net46)) (&& (== xamarinmac) (>= netstandard2.0))
      Newtonsoft.Json (>= 11.0.2) - restriction: || (== netcoreapp2.1) (== netcoreapp2.2) (== netstandard2.0) (&& (== xamarinmac) (>= net46)) (&& (== xamarinmac) (>= netstandard2.0))
    Xamarin.Essentials (1.0.1)
      NETStandard.Library (>= 1.6.1) - restriction: || (&& (== netcoreapp2.1) (< netstandard2.0)) (&& (== netcoreapp2.2) (< netstandard2.0)) (== xamarinmac)
      System.Numerics.Vectors (>= 4.5)
      System.ValueTuple (>= 4.5) - restriction: || (&& (== netcoreapp2.1) (< netstandard2.0)) (&& (== netcoreapp2.2) (< netstandard2.0)) (== xamarinmac)
    Xamarin.Forms (3.5.0.169047)
  remote: https://nuget.yjpark.org/nuget/dap
    Dap.Archive (0.6.0) - restriction: || (== netcoreapp2.1) (== netcoreapp2.2) (== netstandard2.0) (&& (== xamarinmac) (>= netstandard2.0))
      Dap.Remote (>= 0.6) - restriction: || (== netcoreapp2.1) (== netcoreapp2.2) (== netstandard2.0) (&& (== xamarinmac) (>= netstandard2.0))
      FSharp.Core (>= 4.5.4) - restriction: || (== netcoreapp2.1) (== netcoreapp2.2) (== netstandard2.0) (&& (== xamarinmac) (>= netstandard2.0))
    Dap.Local (0.6.0)
      Dap.Archive (>= 0.6) - restriction: || (== netcoreapp2.1) (== netcoreapp2.2) (== netstandard2.0) (&& (== xamarinmac) (>= netstandard2.0))
    Dap.Prelude (0.6.0)
      FSharp.Core (>= 4.5.4) - restriction: || (== netcoreapp2.1) (== netcoreapp2.2) (== netstandard2.0) (&& (== xamarinmac) (>= netstandard2.0))
      Serilog (>= 2.7.1) - restriction: || (== netcoreapp2.1) (== netcoreapp2.2) (== netstandard2.0) (&& (== xamarinmac) (>= netstandard2.0))
      Serilog.Enrichers.Thread (>= 3.0) - restriction: || (== netcoreapp2.1) (== netcoreapp2.2) (== netstandard2.0) (&& (== xamarinmac) (>= netstandard2.0))
      Serilog.Formatting.Compact (>= 1.0) - restriction: || (== netcoreapp2.1) (== netcoreapp2.2) (== netstandard2.0) (&& (== xamarinmac) (>= netstandard2.0))
      Serilog.Sinks.Console (>= 3.1.1) - restriction: || (== netcoreapp2.1) (== netcoreapp2.2) (== netstandard2.0) (&& (== xamarinmac) (>= netstandard2.0))
      Serilog.Sinks.File (>= 4.0) - restriction: || (== netcoreapp2.1) (== netcoreapp2.2) (== netstandard2.0) (&& (== xamarinmac) (>= netstandard2.0))
      Serilog.Sinks.Seq (>= 4.0) - restriction: || (== netcoreapp2.1) (== netcoreapp2.2) (== netstandard2.0) (&& (== xamarinmac) (>= netstandard2.0))
      TaskBuilder.fs (>= 2.1) - restriction: || (== netcoreapp2.1) (== netcoreapp2.2) (== netstandard2.0) (&& (== xamarinmac) (>= netstandard2.0))
    Dap.Remote (0.6.0) - restriction: || (== netcoreapp2.1) (== netcoreapp2.2) (== netstandard2.0) (&& (== xamarinmac) (>= netstandard2.0))
      Dap.WebSocket (>= 0.6) - restriction: || (== netcoreapp2.1) (== netcoreapp2.2) (== netstandard2.0) (&& (== xamarinmac) (>= netstandard2.0))
    Dap.WebSocket (0.6.0) - restriction: || (== netcoreapp2.1) (== netcoreapp2.2) (== netstandard2.0) (&& (== xamarinmac) (>= netstandard2.0))
      Dap.Platform (>= 0.6.4) - restriction: || (== netcoreapp2.1) (== netcoreapp2.2) (== netstandard2.0) (&& (== xamarinmac) (>= netstandard2.0))
      FSharp.Core (>= 4.5.4) - restriction: || (== netcoreapp2.1) (== netcoreapp2.2) (== netstandard2.0) (&& (== xamarinmac) (>= netstandard2.0))
