STORAGE: NONE
RESTRICTION: || (== netcoreapp2.1) (== netcoreapp2.2) (== netstandard2.0) (== xamarinmac)
NUGET
  remote: https://www.nuget.org/api/v2
    Argu (5.2)
      FSharp.Core (>= 4.3.2)
      System.Configuration.ConfigurationManager (>= 4.4)
    AtkSharp (3.22.24.37)
      GLibSharp (>= 3.22.24.37)
    BlackFox.VsWhere (1.0)
      FSharp.Core (>= 4.2.3)
    CairoSharp (3.22.24.37)
    Dap.Build (0.6.12)
      Fake.Core.Process (>= 5.13.3)
      Fake.Core.ReleaseNotes (>= 5.13.3)
      Fake.Core.String (>= 5.13.3)
      Fake.Core.Target (>= 5.13.3)
      Fake.DotNet.Cli (>= 5.13.3)
      Fake.DotNet.NuGet (>= 5.13.3)
      Fake.IO.FileSystem (>= 5.13.3)
      Fake.IO.Zip (>= 5.13.3)
      Fake.JavaScript.Yarn (>= 5.13.3)
      Fake.Net.Http (>= 5.13.3)
      Fake.Tools.Git (>= 5.13.3)
      FSharp.Core (>= 4.6.2)
    Dap.Context (0.7)
      Dap.Prelude (>= 0.7)
      Thoth.Json.Net (>= 3.0)
    Dap.Local (0.7)
      Argu (>= 5.2)
      Dap.Platform (>= 0.7)
    Dap.Platform (0.7)
      Dap.Context (>= 0.7)
      Dap.Platform.Cli (>= 0.7)
      Elmish (>= 3.0)
      NodaTime (>= 2.4.5)
    Dap.Platform.Cli (0.7)
    Dap.Prelude (0.7)
      FSharp.Core (>= 4.6.2)
      Serilog (>= 2.8)
      Serilog.Enrichers.Thread (>= 3.0)
      Serilog.Formatting.Compact (>= 1.0)
      Serilog.Sinks.Console (>= 3.1.1)
      Serilog.Sinks.File (>= 4.0)
      Serilog.Sinks.Seq (>= 4.0)
      TaskBuilder.fs (>= 2.1)
    dotnet-sourcelink (2.8.3) - clitool: true
      Microsoft.Extensions.CommandLineUtils (>= 1.1.1) - restriction: || (== netcoreapp2.1) (== netcoreapp2.2) (&& (== netstandard2.0) (>= netcoreapp1.0)) (&& (== xamarinmac) (>= netcoreapp1.0))
      Microsoft.NETCore.App (>= 2.0) - restriction: || (== netcoreapp2.1) (== netcoreapp2.2) (&& (== netstandard2.0) (>= netcoreapp2.0)) (&& (== xamarinmac) (>= netcoreapp2.0))
      Newtonsoft.Json (>= 10.0.3) - restriction: || (== netcoreapp2.1) (== netcoreapp2.2) (&& (== netstandard2.0) (>= netcoreapp1.0)) (&& (== xamarinmac) (>= netcoreapp1.0))
      NuGet.Packaging (>= 4.4) - restriction: || (== netcoreapp2.1) (== netcoreapp2.2) (&& (== netstandard2.0) (>= netcoreapp1.0)) (&& (== xamarinmac) (>= netcoreapp1.0))
      System.Reflection.Metadata (>= 1.5) - restriction: || (== netcoreapp2.1) (== netcoreapp2.2) (&& (== netstandard2.0) (>= netcoreapp1.0)) (&& (== xamarinmac) (>= netcoreapp1.0))
      System.ValueTuple (>= 4.4) - restriction: || (== netcoreapp2.1) (== netcoreapp2.2) (&& (== netstandard2.0) (>= netcoreapp1.0)) (&& (== xamarinmac) (>= netcoreapp1.0))
    Elmish (3.0)
      FSharp.Core (>= 4.6.2)
    Facebook.Yoga (1.5.0-pre1)
    Fake.Core.CommandLineParsing (5.13.3)
      FParsec (>= 1.0.3)
      FSharp.Core (>= 4.3.4)
    Fake.Core.Context (5.13.3)
      FSharp.Core (>= 4.3.4)
    Fake.Core.Environment (5.13.3)
      FSharp.Core (>= 4.3.4)
    Fake.Core.FakeVar (5.13.3)
      Fake.Core.Context (>= 5.13.3)
      FSharp.Core (>= 4.3.4)
    Fake.Core.Process (5.13.3)
      Fake.Core.Environment (>= 5.13.3)
      Fake.Core.FakeVar (>= 5.13.3)
      Fake.Core.String (>= 5.13.3)
      Fake.Core.Trace (>= 5.13.3)
      Fake.IO.FileSystem (>= 5.13.3)
      FSharp.Core (>= 4.3.4)
      System.Diagnostics.Process (>= 4.3)
    Fake.Core.ReleaseNotes (5.13.3)
      Fake.Core.SemVer (>= 5.13.3)
      Fake.Core.String (>= 5.13.3)
      FSharp.Core (>= 4.3.4)
    Fake.Core.SemVer (5.13.3)
      FSharp.Core (>= 4.3.4)
      System.Runtime.Numerics (>= 4.3)
    Fake.Core.String (5.13.3)
      FSharp.Core (>= 4.3.4)
    Fake.Core.Target (5.13.3)
      Fake.Core.CommandLineParsing (>= 5.13.3)
      Fake.Core.Context (>= 5.13.3)
      Fake.Core.Environment (>= 5.13.3)
      Fake.Core.FakeVar (>= 5.13.3)
      Fake.Core.Process (>= 5.13.3)
      Fake.Core.String (>= 5.13.3)
      Fake.Core.Trace (>= 5.13.3)
      FSharp.Control.Reactive (>= 4.2)
      FSharp.Core (>= 4.3.4)
      System.Reactive.Compatibility (>= 4.1.5)
    Fake.Core.Tasks (5.13.3)
      Fake.Core.Trace (>= 5.13.3)
      FSharp.Core (>= 4.3.4)
    Fake.Core.Trace (5.13.3)
      Fake.Core.Environment (>= 5.13.3)
      Fake.Core.FakeVar (>= 5.13.3)
      FSharp.Core (>= 4.3.4)
    Fake.Core.Xml (5.13.3)
      Fake.Core.String (>= 5.13.3)
      FSharp.Core (>= 4.3.4)
      System.Xml.ReaderWriter (>= 4.3.1)
      System.Xml.XDocument (>= 4.3)
      System.Xml.XPath (>= 4.3)
      System.Xml.XPath.XDocument (>= 4.3)
      System.Xml.XPath.XmlDocument (>= 4.3)
    Fake.DotNet.Cli (5.13.3)
      Fake.Core.Environment (>= 5.13.3)
      Fake.Core.Process (>= 5.13.3)
      Fake.Core.String (>= 5.13.3)
      Fake.Core.Trace (>= 5.13.3)
      Fake.DotNet.MSBuild (>= 5.13.3)
      Fake.DotNet.NuGet (>= 5.13.3)
      Fake.IO.FileSystem (>= 5.13.3)
      FSharp.Core (>= 4.3.4)
      Newtonsoft.Json (>= 12.0.2)
    Fake.DotNet.MSBuild (5.13.3)
      BlackFox.VsWhere (>= 1.0)
      Fake.Core.Environment (>= 5.13.3)
      Fake.Core.Process (>= 5.13.3)
      Fake.Core.String (>= 5.13.3)
      Fake.Core.Trace (>= 5.13.3)
      Fake.IO.FileSystem (>= 5.13.3)
      FSharp.Core (>= 4.3.4)
      MSBuild.StructuredLogger (>= 2.0.88)
    Fake.DotNet.NuGet (5.13.3)
      Fake.Core.Environment (>= 5.13.3)
      Fake.Core.Process (>= 5.13.3)
      Fake.Core.SemVer (>= 5.13.3)
      Fake.Core.String (>= 5.13.3)
      Fake.Core.Tasks (>= 5.13.3)
      Fake.Core.Trace (>= 5.13.3)
      Fake.Core.Xml (>= 5.13.3)
      Fake.IO.FileSystem (>= 5.13.3)
      Fake.Net.Http (>= 5.13.3)
      FSharp.Core (>= 4.3.4)
      Newtonsoft.Json (>= 12.0.2)
      NuGet.Protocol (>= 4.9.4)
      System.Net.Http (>= 4.3.4)
    Fake.IO.FileSystem (5.13.3)
      Fake.Core.String (>= 5.13.3)
      FSharp.Core (>= 4.3.4)
      System.Diagnostics.FileVersionInfo (>= 4.3)
      System.IO.FileSystem.Watcher (>= 4.3)
    Fake.IO.Zip (5.13.3)
      Fake.Core.String (>= 5.13.3)
      Fake.IO.FileSystem (>= 5.13.3)
      FSharp.Core (>= 4.3.4)
      System.IO.Compression (>= 4.3)
      System.IO.Compression.ZipFile (>= 4.3)
    Fake.JavaScript.Yarn (5.13.3)
      Fake.Core.Environment (>= 5.13.3)
      Fake.Core.Process (>= 5.13.3)
      FSharp.Core (>= 4.3.4)
    Fake.Net.Http (5.13.3)
      Fake.Core.Trace (>= 5.13.3)
      FSharp.Core (>= 4.3.4)
      System.Net.Http (>= 4.3.4)
    Fake.Tools.Git (5.13.3)
      Fake.Core.Environment (>= 5.13.3)
      Fake.Core.Process (>= 5.13.3)
      Fake.Core.SemVer (>= 5.13.3)
      Fake.Core.String (>= 5.13.3)
      Fake.Core.Trace (>= 5.13.3)
      Fake.IO.FileSystem (>= 5.13.3)
      FSharp.Core (>= 4.3.4)
    FParsec (1.0.3)
      FSharp.Core (>= 4.2.3)
      NETStandard.Library (>= 1.6.1)
    FSharp.Control.Reactive (4.2)
      FSharp.Core (>= 4.2.3)
      System.Reactive (>= 4.0)
    FSharp.Core (4.6.2)
    FSharp.Data (3.1.1)
      FSharp.Core (>= 4.3.4)
    GdkSharp (3.22.24.37)
      CairoSharp (>= 3.22.24.37)
      GioSharp (>= 3.22.24.37)
      GLibSharp (>= 3.22.24.37)
      PangoSharp (>= 3.22.24.37)
    GioSharp (3.22.24.37)
      GLibSharp (>= 3.22.24.37)
    GLibSharp (3.22.24.37)
    GtkSharp (3.22.24.37)
      AtkSharp (>= 3.22.24.37)
      CairoSharp (>= 3.22.24.37)
      GdkSharp (>= 3.22.24.37)
      GioSharp (>= 3.22.24.37)
      GLibSharp (>= 3.22.24.37)
      PangoSharp (>= 3.22.24.37)
    Microsoft.Build (16.0.461)
      Microsoft.Build.Framework (>= 16.0.461) - restriction: || (== netcoreapp2.1) (== netcoreapp2.2) (&& (== netstandard2.0) (>= net472)) (&& (== netstandard2.0) (>= netcoreapp2.1)) (&& (== xamarinmac) (>= net472)) (&& (== xamarinmac) (>= netcoreapp2.1))
      Microsoft.Win32.Registry (>= 4.3) - restriction: || (== netcoreapp2.1) (== netcoreapp2.2) (&& (== netstandard2.0) (>= netcoreapp2.1)) (&& (== xamarinmac) (>= netcoreapp2.1))
      System.Collections.Immutable (>= 1.5) - restriction: || (== netcoreapp2.1) (== netcoreapp2.2) (&& (== netstandard2.0) (>= net472)) (&& (== netstandard2.0) (>= netcoreapp2.1)) (&& (== xamarinmac) (>= net472)) (&& (== xamarinmac) (>= netcoreapp2.1))
      System.Diagnostics.TraceSource (>= 4.0) - restriction: || (== netcoreapp2.1) (== netcoreapp2.2) (&& (== netstandard2.0) (>= netcoreapp2.1)) (&& (== xamarinmac) (>= netcoreapp2.1))
      System.Reflection.Metadata (>= 1.6) - restriction: || (== netcoreapp2.1) (== netcoreapp2.2) (&& (== netstandard2.0) (>= netcoreapp2.1)) (&& (== xamarinmac) (>= netcoreapp2.1))
      System.Reflection.TypeExtensions (>= 4.1) - restriction: || (== netcoreapp2.1) (== netcoreapp2.2) (&& (== netstandard2.0) (>= netcoreapp2.1)) (&& (== xamarinmac) (>= netcoreapp2.1))
      System.Runtime.Loader (>= 4.0) - restriction: || (== netcoreapp2.1) (== netcoreapp2.2) (&& (== netstandard2.0) (>= netcoreapp2.1)) (&& (== xamarinmac) (>= netcoreapp2.1))
      System.Security.Principal.Windows (>= 4.3) - restriction: || (== netcoreapp2.1) (== netcoreapp2.2) (&& (== netstandard2.0) (>= netcoreapp2.1)) (&& (== xamarinmac) (>= netcoreapp2.1))
      System.Text.Encoding.CodePages (>= 4.0.1) - restriction: || (== netcoreapp2.1) (== netcoreapp2.2) (&& (== netstandard2.0) (>= netcoreapp2.1)) (&& (== xamarinmac) (>= netcoreapp2.1))
      System.Threading.Tasks.Dataflow (>= 4.6) - restriction: || (== netcoreapp2.1) (== netcoreapp2.2) (&& (== netstandard2.0) (>= netcoreapp2.1)) (&& (== xamarinmac) (>= netcoreapp2.1))
    Microsoft.Build.Framework (16.0.461)
      System.Runtime.Serialization.Primitives (>= 4.1.1)
      System.Threading.Thread (>= 4.0)
    Microsoft.Build.Tasks.Core (16.0.461)
      Microsoft.Build.Framework (>= 16.0.461)
      Microsoft.Build.Utilities.Core (>= 16.0.461)
      Microsoft.Win32.Registry (>= 4.3)
      System.CodeDom (>= 4.4)
      System.Collections.Immutable (>= 1.5)
      System.Linq.Parallel (>= 4.0.1)
      System.Net.Http (>= 4.3)
      System.Reflection.Metadata (>= 1.6)
      System.Reflection.TypeExtensions (>= 4.1)
      System.Resources.Writer (>= 4.0)
      System.Threading.Tasks.Dataflow (>= 4.6)
    Microsoft.Build.Tasks.Git (1.0.0-beta2-18618-05)
    Microsoft.Build.Utilities.Core (16.0.461)
      Microsoft.Build.Framework (>= 16.0.461)
      Microsoft.Win32.Registry (>= 4.3)
      System.Collections.Immutable (>= 1.5)
      System.Text.Encoding.CodePages (>= 4.0.1)
    Microsoft.Extensions.CommandLineUtils (1.1.1) - restriction: || (== netcoreapp2.1) (== netcoreapp2.2) (&& (== netstandard2.0) (>= netcoreapp1.0)) (&& (== xamarinmac) (>= netcoreapp1.0))
      NETStandard.Library (>= 1.6.1)
    Microsoft.NETCore.App (2.2.4) - restriction: || (== netcoreapp2.1) (== netcoreapp2.2) (&& (== netstandard2.0) (>= netcoreapp2.0)) (&& (== xamarinmac) (>= netcoreapp2.0))
      Microsoft.NETCore.DotNetHostPolicy (>= 2.2.4) - restriction: || (&& (== netcoreapp2.1) (>= netcoreapp2.2)) (== netcoreapp2.2) (&& (== netstandard2.0) (>= netcoreapp2.2)) (&& (== xamarinmac) (>= netcoreapp2.2))
      Microsoft.NETCore.Platforms (>= 2.2) - restriction: || (&& (== netcoreapp2.1) (>= netcoreapp2.2)) (== netcoreapp2.2) (&& (== netstandard2.0) (>= netcoreapp2.2)) (&& (== xamarinmac) (>= netcoreapp2.2))
      Microsoft.NETCore.Targets (>= 2.0) - restriction: || (&& (== netcoreapp2.1) (>= netcoreapp2.2)) (== netcoreapp2.2) (&& (== netstandard2.0) (>= netcoreapp2.2)) (&& (== xamarinmac) (>= netcoreapp2.2))
      NETStandard.Library (>= 2.0.3) - restriction: || (&& (== netcoreapp2.1) (>= netcoreapp2.2)) (== netcoreapp2.2) (&& (== netstandard2.0) (>= netcoreapp2.2)) (&& (== xamarinmac) (>= netcoreapp2.2))
    Microsoft.NETCore.DotNetAppHost (2.2.4) - restriction: || (&& (== netcoreapp2.1) (>= netcoreapp2.2)) (== netcoreapp2.2) (&& (== netstandard2.0) (>= netcoreapp2.2)) (&& (== xamarinmac) (>= netcoreapp2.2))
    Microsoft.NETCore.DotNetHostPolicy (2.2.4) - restriction: || (&& (== netcoreapp2.1) (>= netcoreapp2.2)) (== netcoreapp2.2) (&& (== netstandard2.0) (>= netcoreapp2.2)) (&& (== xamarinmac) (>= netcoreapp2.2))
      Microsoft.NETCore.DotNetHostResolver (>= 2.2.4)
    Microsoft.NETCore.DotNetHostResolver (2.2.4) - restriction: || (&& (== netcoreapp2.1) (>= netcoreapp2.2)) (== netcoreapp2.2) (&& (== netstandard2.0) (>= netcoreapp2.2)) (&& (== xamarinmac) (>= netcoreapp2.2))
      Microsoft.NETCore.DotNetAppHost (>= 2.2.4)
    Microsoft.NETCore.Platforms (2.2) - restriction: || (== netcoreapp2.1) (== netcoreapp2.2) (== netstandard2.0) (&& (== xamarinmac) (>= netcoreapp2.1)) (&& (== xamarinmac) (>= netcoreapp2.2)) (&& (== xamarinmac) (< netstandard1.6)) (&& (== xamarinmac) (< portable-net45+win8+wpa81))
    Microsoft.NETCore.Targets (2.1) - restriction: || (== netcoreapp2.1) (== netcoreapp2.2) (== netstandard2.0) (&& (== xamarinmac) (>= netcoreapp1.0)) (&& (== xamarinmac) (>= netcoreapp2.2)) (&& (== xamarinmac) (< portable-net45+win8+wpa81))
    Microsoft.SourceLink.Common (1.0.0-beta2-18618-05)
    Microsoft.SourceLink.GitHub (1.0.0-beta2-18618-05)
      Microsoft.Build.Tasks.Git (>= 1.0.0-beta2-18618-05)
      Microsoft.SourceLink.Common (>= 1.0.0-beta2-18618-05)
    Microsoft.Win32.Primitives (4.3) - restriction: || (== netcoreapp2.1) (== netcoreapp2.2) (== netstandard2.0)
      Microsoft.NETCore.Platforms (>= 1.1) - restriction: || (== netcoreapp2.1) (== netcoreapp2.2) (== netstandard2.0)
      Microsoft.NETCore.Targets (>= 1.1) - restriction: || (== netcoreapp2.1) (== netcoreapp2.2) (== netstandard2.0)
      System.Runtime (>= 4.3) - restriction: || (== netcoreapp2.1) (== netcoreapp2.2) (== netstandard2.0)
    Microsoft.Win32.Registry (4.5)
      System.Buffers (>= 4.4) - restriction: || (&& (== netcoreapp2.1) (>= monoandroid) (< netstandard2.0)) (&& (== netcoreapp2.1) (>= monotouch)) (&& (== netcoreapp2.1) (< netcoreapp2.0)) (&& (== netcoreapp2.1) (>= xamarinios)) (&& (== netcoreapp2.1) (>= xamarinmac)) (&& (== netcoreapp2.1) (>= xamarintvos)) (&& (== netcoreapp2.1) (>= xamarinwatchos)) (&& (== netcoreapp2.2) (>= monoandroid) (< netstandard2.0)) (&& (== netcoreapp2.2) (>= monotouch)) (&& (== netcoreapp2.2) (< netcoreapp2.0)) (&& (== netcoreapp2.2) (>= xamarinios)) (&& (== netcoreapp2.2) (>= xamarinmac)) (&& (== netcoreapp2.2) (>= xamarintvos)) (&& (== netcoreapp2.2) (>= xamarinwatchos)) (== netstandard2.0) (== xamarinmac)
      System.Memory (>= 4.5) - restriction: || (&& (== netcoreapp2.1) (< netcoreapp2.0)) (&& (== netcoreapp2.1) (>= uap10.1)) (&& (== netcoreapp2.2) (< netcoreapp2.0)) (&& (== netcoreapp2.2) (< netcoreapp2.1)) (&& (== netcoreapp2.2) (>= uap10.1)) (== netstandard2.0) (== xamarinmac)
      System.Security.AccessControl (>= 4.5)
      System.Security.Principal.Windows (>= 4.5)
    MonoGame.Framework.DesktopGL.Core (3.7.0.7)
    MSBuild.StructuredLogger (2.0.94)
      Microsoft.Build (>= 15.8.166)
      Microsoft.Build.Framework (>= 15.8.166)
      Microsoft.Build.Tasks.Core (>= 15.8.166)
      Microsoft.Build.Utilities.Core (>= 15.8.166)
    Myra (0.8.7.167)
    NETStandard.Library (2.0.3)
      Microsoft.NETCore.Platforms (>= 1.1)
    Newtonsoft.Json (12.0.2)
    NodaTime (2.4.5)
    NuGet.Common (5.0) - restriction: || (== netcoreapp2.1) (== netcoreapp2.2) (&& (== netstandard2.0) (>= netcoreapp1.0)) (&& (== xamarinmac) (>= netcoreapp1.0))
      NuGet.Frameworks (>= 5.0)
      System.Diagnostics.Process (>= 4.3)
      System.Threading.Thread (>= 4.3)
    NuGet.Configuration (5.0) - restriction: || (== netcoreapp2.1) (== netcoreapp2.2) (&& (== netstandard2.0) (>= netcoreapp1.0)) (&& (== xamarinmac) (>= netcoreapp1.0))
      NuGet.Common (>= 5.0)
      System.Security.Cryptography.ProtectedData (>= 4.3)
    NuGet.Frameworks (5.0) - restriction: || (== netcoreapp2.1) (== netcoreapp2.2) (&& (== netstandard2.0) (>= netcoreapp1.0)) (&& (== xamarinmac) (>= netcoreapp1.0))
    NuGet.Packaging (5.0)
      Newtonsoft.Json (>= 9.0.1)
      NuGet.Configuration (>= 5.0)
      NuGet.Versioning (>= 5.0)
      System.Dynamic.Runtime (>= 4.3)
    NuGet.Protocol (5.0)
      NuGet.Packaging (>= 5.0)
      System.Dynamic.Runtime (>= 4.3)
    NuGet.Versioning (5.0) - restriction: || (== netcoreapp2.1) (== netcoreapp2.2) (&& (== netstandard2.0) (>= netcoreapp1.0)) (&& (== xamarinmac) (>= netcoreapp1.0))
    PangoSharp (3.22.24.37)
      CairoSharp (>= 3.22.24.37)
      GLibSharp (>= 3.22.24.37)
    runtime.debian.8-x64.runtime.native.System.Security.Cryptography.OpenSsl (4.3.3) - restriction: || (== netcoreapp2.1) (== netcoreapp2.2) (== netstandard2.0)
    runtime.debian.9-x64.runtime.native.System.Security.Cryptography.OpenSsl (4.3.3) - restriction: || (== netcoreapp2.1) (== netcoreapp2.2) (== netstandard2.0)
    runtime.fedora.23-x64.runtime.native.System.Security.Cryptography.OpenSsl (4.3.3) - restriction: || (== netcoreapp2.1) (== netcoreapp2.2) (== netstandard2.0)
    runtime.fedora.24-x64.runtime.native.System.Security.Cryptography.OpenSsl (4.3.3) - restriction: || (== netcoreapp2.1) (== netcoreapp2.2) (== netstandard2.0)
    runtime.fedora.27-x64.runtime.native.System.Security.Cryptography.OpenSsl (4.3.3) - restriction: || (== netcoreapp2.1) (== netcoreapp2.2) (== netstandard2.0)
    runtime.fedora.28-x64.runtime.native.System.Security.Cryptography.OpenSsl (4.3.3) - restriction: || (== netcoreapp2.1) (== netcoreapp2.2) (== netstandard2.0)
    runtime.native.System (4.3.1) - restriction: || (== netcoreapp2.1) (== netcoreapp2.2) (== netstandard2.0) (&& (== xamarinmac) (>= netcoreapp1.1))
      Microsoft.NETCore.Platforms (>= 1.1.1)
      Microsoft.NETCore.Targets (>= 1.1.3)
    runtime.native.System.IO.Compression (4.3.2) - restriction: || (== netcoreapp2.1) (== netcoreapp2.2) (== netstandard2.0) (&& (== xamarinmac) (< portable-net45+win8+wpa81))
      Microsoft.NETCore.Platforms (>= 1.1.1)
      Microsoft.NETCore.Targets (>= 1.1.3)
    runtime.native.System.Net.Http (4.3.1) - restriction: || (== netcoreapp2.1) (== netcoreapp2.2) (== netstandard2.0)
      Microsoft.NETCore.Platforms (>= 1.1.1)
      Microsoft.NETCore.Targets (>= 1.1.3)
    runtime.native.System.Security.Cryptography.Apple (4.3.1) - restriction: || (== netcoreapp2.1) (== netcoreapp2.2) (== netstandard2.0)
      runtime.osx.10.10-x64.runtime.native.System.Security.Cryptography.Apple (>= 4.3.1)
    runtime.native.System.Security.Cryptography.OpenSsl (4.3.3) - restriction: || (== netcoreapp2.1) (== netcoreapp2.2) (== netstandard2.0)
      runtime.debian.8-x64.runtime.native.System.Security.Cryptography.OpenSsl (>= 4.3.3)
      runtime.debian.9-x64.runtime.native.System.Security.Cryptography.OpenSsl (>= 4.3.3)
      runtime.fedora.23-x64.runtime.native.System.Security.Cryptography.OpenSsl (>= 4.3.3)
      runtime.fedora.24-x64.runtime.native.System.Security.Cryptography.OpenSsl (>= 4.3.3)
      runtime.fedora.27-x64.runtime.native.System.Security.Cryptography.OpenSsl (>= 4.3.3)
      runtime.fedora.28-x64.runtime.native.System.Security.Cryptography.OpenSsl (>= 4.3.3)
      runtime.opensuse.13.2-x64.runtime.native.System.Security.Cryptography.OpenSsl (>= 4.3.3)
      runtime.opensuse.42.1-x64.runtime.native.System.Security.Cryptography.OpenSsl (>= 4.3.3)
      runtime.opensuse.42.3-x64.runtime.native.System.Security.Cryptography.OpenSsl (>= 4.3.3)
      runtime.osx.10.10-x64.runtime.native.System.Security.Cryptography.OpenSsl (>= 4.3.3)
      runtime.rhel.7-x64.runtime.native.System.Security.Cryptography.OpenSsl (>= 4.3.3)
      runtime.ubuntu.14.04-x64.runtime.native.System.Security.Cryptography.OpenSsl (>= 4.3.3)
      runtime.ubuntu.16.04-x64.runtime.native.System.Security.Cryptography.OpenSsl (>= 4.3.3)
      runtime.ubuntu.16.10-x64.runtime.native.System.Security.Cryptography.OpenSsl (>= 4.3.3)
      runtime.ubuntu.18.04-x64.runtime.native.System.Security.Cryptography.OpenSsl (>= 4.3.3)
    runtime.opensuse.13.2-x64.runtime.native.System.Security.Cryptography.OpenSsl (4.3.3) - restriction: || (== netcoreapp2.1) (== netcoreapp2.2) (== netstandard2.0)
    runtime.opensuse.42.1-x64.runtime.native.System.Security.Cryptography.OpenSsl (4.3.3) - restriction: || (== netcoreapp2.1) (== netcoreapp2.2) (== netstandard2.0)
    runtime.opensuse.42.3-x64.runtime.native.System.Security.Cryptography.OpenSsl (4.3.3) - restriction: || (== netcoreapp2.1) (== netcoreapp2.2) (== netstandard2.0)
    runtime.osx.10.10-x64.runtime.native.System.Security.Cryptography.Apple (4.3.1) - restriction: || (== netcoreapp2.1) (== netcoreapp2.2) (== netstandard2.0)
    runtime.osx.10.10-x64.runtime.native.System.Security.Cryptography.OpenSsl (4.3.3) - restriction: || (== netcoreapp2.1) (== netcoreapp2.2) (== netstandard2.0)
    runtime.rhel.7-x64.runtime.native.System.Security.Cryptography.OpenSsl (4.3.3) - restriction: || (== netcoreapp2.1) (== netcoreapp2.2) (== netstandard2.0)
    runtime.ubuntu.14.04-x64.runtime.native.System.Security.Cryptography.OpenSsl (4.3.3) - restriction: || (== netcoreapp2.1) (== netcoreapp2.2) (== netstandard2.0)
    runtime.ubuntu.16.04-x64.runtime.native.System.Security.Cryptography.OpenSsl (4.3.3) - restriction: || (== netcoreapp2.1) (== netcoreapp2.2) (== netstandard2.0)
    runtime.ubuntu.16.10-x64.runtime.native.System.Security.Cryptography.OpenSsl (4.3.3) - restriction: || (== netcoreapp2.1) (== netcoreapp2.2) (== netstandard2.0)
    runtime.ubuntu.18.04-x64.runtime.native.System.Security.Cryptography.OpenSsl (4.3.3) - restriction: || (== netcoreapp2.1) (== netcoreapp2.2) (== netstandard2.0)
    Serilog (2.8)
      System.Collections.NonGeneric (>= 4.3)
    Serilog.Enrichers.Thread (3.0)
      Serilog (>= 2.0)
    Serilog.Formatting.Compact (1.0)
      Serilog (>= 2.0)
    Serilog.Sinks.Console (3.1.1)
      Serilog (>= 2.5)
      System.Console (>= 4.3)
      System.Runtime.InteropServices (>= 4.3) - restriction: || (== netcoreapp2.1) (== netcoreapp2.2) (&& (== netstandard2.0) (>= netcoreapp1.1)) (&& (== xamarinmac) (>= netcoreapp1.1))
      System.Runtime.InteropServices.RuntimeInformation (>= 4.3) - restriction: || (== netcoreapp2.1) (== netcoreapp2.2) (&& (== netstandard2.0) (>= netcoreapp1.1)) (&& (== xamarinmac) (>= netcoreapp1.1))
    Serilog.Sinks.File (4.0)
      Serilog (>= 2.5)
      System.IO (>= 4.1)
      System.IO.FileSystem (>= 4.0.1)
      System.IO.FileSystem.Primitives (>= 4.0.1)
      System.Runtime.InteropServices (>= 4.1)
      System.Text.Encoding.Extensions (>= 4.0.11)
      System.Threading (>= 4.0.11)
      System.Threading.Timer (>= 4.0.1)
    Serilog.Sinks.PeriodicBatching (2.1.1)
      Serilog (>= 2.0)
      System.Collections.Concurrent (>= 4.0.12)
      System.Threading.Timer (>= 4.0.1)
    Serilog.Sinks.Seq (4.0)
      NETStandard.Library (>= 1.6.1)
      Serilog (>= 2.5)
      Serilog.Formatting.Compact (>= 1.0)
      Serilog.Sinks.File (>= 4.0)
      Serilog.Sinks.PeriodicBatching (>= 2.1.1)
      System.Net.Http (>= 4.3.2)
    SkiaSharp (1.68)
    SkiaSharp.Views (1.68)
      SkiaSharp (>= 1.68)
    SkiaSharp.Views.Forms (1.68)
      SkiaSharp (>= 1.68)
      SkiaSharp.Views (>= 1.68) - restriction: || (&& (== netcoreapp2.1) (>= monoandroid)) (&& (== netcoreapp2.1) (>= tizen4.0)) (&& (== netcoreapp2.1) (>= uap10.0)) (&& (== netcoreapp2.1) (>= xamarinios)) (&& (== netcoreapp2.1) (>= xamarinmac)) (&& (== netcoreapp2.2) (>= monoandroid)) (&& (== netcoreapp2.2) (>= tizen4.0)) (&& (== netcoreapp2.2) (>= uap10.0)) (&& (== netcoreapp2.2) (>= xamarinios)) (&& (== netcoreapp2.2) (>= xamarinmac)) (&& (== netstandard2.0) (>= monoandroid)) (&& (== netstandard2.0) (>= tizen4.0)) (&& (== netstandard2.0) (>= uap10.0)) (&& (== netstandard2.0) (>= xamarinios)) (&& (== netstandard2.0) (>= xamarinmac)) (== xamarinmac)
      Xamarin.Forms (>= 3.3.0.912540)
    System.Buffers (4.5) - restriction: || (== netcoreapp2.1) (== netcoreapp2.2) (== netstandard2.0) (&& (== xamarinmac) (< portable-net45+win8+wpa81))
    System.CodeDom (4.5)
    System.Collections (4.3) - restriction: || (== netcoreapp2.1) (== netcoreapp2.2) (== netstandard2.0) (&& (== xamarinmac) (>= netcoreapp1.0)) (&& (== xamarinmac) (< netstandard1.6)) (&& (== xamarinmac) (< portable-net45+win8+wp8+wpa81)) (&& (== xamarinmac) (< portable-net45+win8+wpa81))
      Microsoft.NETCore.Platforms (>= 1.1) - restriction: || (== netcoreapp2.1) (== netcoreapp2.2) (== netstandard2.0) (&& (== xamarinmac) (< netstandard1.3)) (&& (== xamarinmac) (< portable-net45+win8+wp8+wpa81))
      Microsoft.NETCore.Targets (>= 1.1) - restriction: || (== netcoreapp2.1) (== netcoreapp2.2) (== netstandard2.0) (&& (== xamarinmac) (< netstandard1.3)) (&& (== xamarinmac) (< portable-net45+win8+wp8+wpa81))
      System.Runtime (>= 4.3) - restriction: || (== netcoreapp2.1) (== netcoreapp2.2) (== netstandard2.0) (&& (== xamarinmac) (< netstandard1.3)) (&& (== xamarinmac) (< portable-net45+win8+wp8+wpa81))
    System.Collections.Concurrent (4.3)
      System.Collections (>= 4.3) - restriction: || (== netcoreapp2.1) (== netcoreapp2.2) (== netstandard2.0) (&& (== xamarinmac) (< portable-net45+win8+wpa81))
      System.Diagnostics.Debug (>= 4.3) - restriction: || (== netcoreapp2.1) (== netcoreapp2.2) (== netstandard2.0) (&& (== xamarinmac) (< portable-net45+win8+wpa81))
      System.Diagnostics.Tracing (>= 4.3) - restriction: || (== netcoreapp2.1) (== netcoreapp2.2) (== netstandard2.0) (&& (== xamarinmac) (< portable-net45+win8+wpa81))
      System.Globalization (>= 4.3) - restriction: || (== netcoreapp2.1) (== netcoreapp2.2) (== netstandard2.0) (&& (== xamarinmac) (< portable-net45+win8+wpa81))
      System.Reflection (>= 4.3) - restriction: || (== netcoreapp2.1) (== netcoreapp2.2) (== netstandard2.0)
      System.Resources.ResourceManager (>= 4.3) - restriction: || (== netcoreapp2.1) (== netcoreapp2.2) (== netstandard2.0) (&& (== xamarinmac) (< portable-net45+win8+wpa81))
      System.Runtime (>= 4.3) - restriction: || (== netcoreapp2.1) (== netcoreapp2.2) (== netstandard2.0) (&& (== xamarinmac) (< netstandard1.3)) (&& (== xamarinmac) (< portable-net45+win8+wpa81))
      System.Runtime.Extensions (>= 4.3) - restriction: || (== netcoreapp2.1) (== netcoreapp2.2) (== netstandard2.0) (&& (== xamarinmac) (< portable-net45+win8+wpa81))
      System.Threading (>= 4.3) - restriction: || (== netcoreapp2.1) (== netcoreapp2.2) (== netstandard2.0) (&& (== xamarinmac) (< portable-net45+win8+wpa81))
      System.Threading.Tasks (>= 4.3) - restriction: || (== netcoreapp2.1) (== netcoreapp2.2) (== netstandard2.0) (&& (== xamarinmac) (< netstandard1.3)) (&& (== xamarinmac) (< portable-net45+win8+wpa81))
    System.Collections.Immutable (1.5)
    System.Collections.NonGeneric (4.3)
      System.Diagnostics.Debug (>= 4.3) - restriction: || (== netcoreapp2.1) (== netcoreapp2.2) (== netstandard2.0)
      System.Globalization (>= 4.3) - restriction: || (== netcoreapp2.1) (== netcoreapp2.2) (== netstandard2.0)
      System.Resources.ResourceManager (>= 4.3) - restriction: || (== netcoreapp2.1) (== netcoreapp2.2) (== netstandard2.0)
      System.Runtime (>= 4.3) - restriction: || (== netcoreapp2.1) (== netcoreapp2.2) (== netstandard2.0)
      System.Runtime.Extensions (>= 4.3) - restriction: || (== netcoreapp2.1) (== netcoreapp2.2) (== netstandard2.0)
      System.Threading (>= 4.3) - restriction: || (== netcoreapp2.1) (== netcoreapp2.2) (== netstandard2.0)
    System.Configuration.ConfigurationManager (4.5)
      System.Security.Cryptography.ProtectedData (>= 4.5)
      System.Security.Permissions (>= 4.5)
    System.Console (4.3.1)
      Microsoft.NETCore.Platforms (>= 1.1) - restriction: || (== netcoreapp2.1) (== netcoreapp2.2) (== netstandard2.0)
      Microsoft.NETCore.Targets (>= 1.1.2) - restriction: || (== netcoreapp2.1) (== netcoreapp2.2) (== netstandard2.0)
      System.IO (>= 4.3) - restriction: || (== netcoreapp2.1) (== netcoreapp2.2) (== netstandard2.0)
      System.Runtime (>= 4.3) - restriction: || (== netcoreapp2.1) (== netcoreapp2.2) (== netstandard2.0)
      System.Text.Encoding (>= 4.3) - restriction: || (== netcoreapp2.1) (== netcoreapp2.2) (== netstandard2.0)
    System.Diagnostics.Debug (4.3) - restriction: || (== netcoreapp2.1) (== netcoreapp2.2) (== netstandard2.0) (&& (== xamarinmac) (>= netcoreapp1.0)) (&& (== xamarinmac) (< netstandard1.6)) (&& (== xamarinmac) (< portable-net45+win8+wpa81))
      Microsoft.NETCore.Platforms (>= 1.1) - restriction: || (== netcoreapp2.1) (== netcoreapp2.2) (== netstandard2.0) (&& (== xamarinmac) (< netstandard1.3)) (&& (== xamarinmac) (< portable-net45+win8+wp8+wpa81))
      Microsoft.NETCore.Targets (>= 1.1) - restriction: || (== netcoreapp2.1) (== netcoreapp2.2) (== netstandard2.0) (&& (== xamarinmac) (< netstandard1.3)) (&& (== xamarinmac) (< portable-net45+win8+wp8+wpa81))
      System.Runtime (>= 4.3) - restriction: || (== netcoreapp2.1) (== netcoreapp2.2) (== netstandard2.0) (&& (== xamarinmac) (< netstandard1.3)) (&& (== xamarinmac) (< portable-net45+win8+wp8+wpa81))
    System.Diagnostics.DiagnosticSource (4.5.1) - restriction: || (== netcoreapp2.1) (== netcoreapp2.2) (== netstandard2.0) (&& (== xamarinmac) (< netstandard1.6)) (&& (== xamarinmac) (< portable-net45+win8+wpa81))
    System.Diagnostics.FileVersionInfo (4.3)
      Microsoft.NETCore.Platforms (>= 1.1) - restriction: || (== netcoreapp2.1) (== netcoreapp2.2) (== netstandard2.0) (&& (== xamarinmac) (< netstandard1.3))
      System.Globalization (>= 4.3) - restriction: || (== netcoreapp2.1) (== netcoreapp2.2) (== netstandard2.0)
      System.IO (>= 4.3) - restriction: || (== netcoreapp2.1) (== netcoreapp2.2) (== netstandard2.0) (&& (== xamarinmac) (< netstandard1.3))
      System.IO.FileSystem (>= 4.3) - restriction: || (== netcoreapp2.1) (== netcoreapp2.2) (== netstandard2.0) (&& (== xamarinmac) (< netstandard1.3))
      System.IO.FileSystem.Primitives (>= 4.3) - restriction: || (== netcoreapp2.1) (== netcoreapp2.2) (== netstandard2.0) (&& (== xamarinmac) (< netstandard1.3))
      System.Reflection.Metadata (>= 1.4.1) - restriction: || (== netcoreapp2.1) (== netcoreapp2.2) (== netstandard2.0) (&& (== xamarinmac) (< netstandard1.3))
      System.Runtime (>= 4.3) - restriction: || (== netcoreapp2.1) (== netcoreapp2.2) (== netstandard2.0) (&& (== xamarinmac) (< netstandard1.3))
      System.Runtime.Extensions (>= 4.3) - restriction: || (== netcoreapp2.1) (== netcoreapp2.2) (== netstandard2.0) (&& (== xamarinmac) (< netstandard1.3))
      System.Runtime.InteropServices (>= 4.3) - restriction: || (== netcoreapp2.1) (== netcoreapp2.2) (== netstandard2.0)
    System.Diagnostics.Process (4.3)
      Microsoft.NETCore.Platforms (>= 1.1) - restriction: || (== netcoreapp2.1) (== netcoreapp2.2) (== netstandard2.0)
      Microsoft.Win32.Primitives (>= 4.3) - restriction: || (== netcoreapp2.1) (== netcoreapp2.2) (== netstandard2.0)
      Microsoft.Win32.Registry (>= 4.3) - restriction: || (== netcoreapp2.1) (== netcoreapp2.2) (== netstandard2.0)
      runtime.native.System (>= 4.3) - restriction: || (== netcoreapp2.1) (== netcoreapp2.2) (== netstandard2.0)
      System.Collections (>= 4.3) - restriction: || (== netcoreapp2.1) (== netcoreapp2.2) (== netstandard2.0)
      System.Diagnostics.Debug (>= 4.3) - restriction: || (== netcoreapp2.1) (== netcoreapp2.2) (== netstandard2.0)
      System.Globalization (>= 4.3) - restriction: || (== netcoreapp2.1) (== netcoreapp2.2) (== netstandard2.0)
      System.IO (>= 4.3) - restriction: || (== netcoreapp2.1) (== netcoreapp2.2) (== netstandard2.0) (&& (== xamarinmac) (< netstandard1.4))
      System.IO.FileSystem (>= 4.3) - restriction: || (== netcoreapp2.1) (== netcoreapp2.2) (== netstandard2.0)
      System.IO.FileSystem.Primitives (>= 4.3) - restriction: || (== netcoreapp2.1) (== netcoreapp2.2) (== netstandard2.0)
      System.Resources.ResourceManager (>= 4.3) - restriction: || (== netcoreapp2.1) (== netcoreapp2.2) (== netstandard2.0)
      System.Runtime (>= 4.3) - restriction: || (== netcoreapp2.1) (== netcoreapp2.2) (== netstandard2.0) (&& (== xamarinmac) (< netstandard1.4))
      System.Runtime.Extensions (>= 4.3) - restriction: || (== netcoreapp2.1) (== netcoreapp2.2) (== netstandard2.0)
      System.Runtime.Handles (>= 4.3) - restriction: || (== netcoreapp2.1) (== netcoreapp2.2) (== netstandard2.0) (&& (== xamarinmac) (< netstandard1.4))
      System.Runtime.InteropServices (>= 4.3) - restriction: || (== netcoreapp2.1) (== netcoreapp2.2) (== netstandard2.0)
      System.Text.Encoding (>= 4.3) - restriction: || (== netcoreapp2.1) (== netcoreapp2.2) (== netstandard2.0) (&& (== xamarinmac) (< netstandard1.4))
      System.Text.Encoding.Extensions (>= 4.3) - restriction: || (== netcoreapp2.1) (== netcoreapp2.2) (== netstandard2.0)
      System.Threading (>= 4.3) - restriction: || (== netcoreapp2.1) (== netcoreapp2.2) (== netstandard2.0)
      System.Threading.Tasks (>= 4.3) - restriction: || (== netcoreapp2.1) (== netcoreapp2.2) (== netstandard2.0)
      System.Threading.Thread (>= 4.3) - restriction: || (== netcoreapp2.1) (== netcoreapp2.2) (== netstandard2.0)
      System.Threading.ThreadPool (>= 4.3) - restriction: || (== netcoreapp2.1) (== netcoreapp2.2) (== netstandard2.0)
    System.Diagnostics.Tools (4.3) - restriction: || (== netcoreapp2.1) (== netcoreapp2.2) (== netstandard2.0) (&& (== xamarinmac) (< portable-net45+win8+wp8+wpa81))
      Microsoft.NETCore.Platforms (>= 1.1) - restriction: || (== netcoreapp2.1) (== netcoreapp2.2) (== netstandard2.0) (&& (== xamarinmac) (< portable-net45+win8+wp8+wpa81))
      Microsoft.NETCore.Targets (>= 1.1) - restriction: || (== netcoreapp2.1) (== netcoreapp2.2) (== netstandard2.0) (&& (== xamarinmac) (< portable-net45+win8+wp8+wpa81))
      System.Runtime (>= 4.3) - restriction: || (== netcoreapp2.1) (== netcoreapp2.2) (== netstandard2.0) (&& (== xamarinmac) (< portable-net45+win8+wp8+wpa81))
    System.Diagnostics.TraceSource (4.3) - restriction: || (== netcoreapp2.1) (== netcoreapp2.2) (&& (== netstandard2.0) (>= netcoreapp2.1)) (&& (== xamarinmac) (>= netcoreapp2.1))
      Microsoft.NETCore.Platforms (>= 1.1) - restriction: || (== netcoreapp2.1) (== netcoreapp2.2) (== netstandard2.0)
      runtime.native.System (>= 4.3) - restriction: || (== netcoreapp2.1) (== netcoreapp2.2) (== netstandard2.0)
      System.Collections (>= 4.3) - restriction: || (== netcoreapp2.1) (== netcoreapp2.2) (== netstandard2.0)
      System.Diagnostics.Debug (>= 4.3) - restriction: || (== netcoreapp2.1) (== netcoreapp2.2) (== netstandard2.0)
      System.Globalization (>= 4.3) - restriction: || (== netcoreapp2.1) (== netcoreapp2.2) (== netstandard2.0)
      System.Resources.ResourceManager (>= 4.3) - restriction: || (== netcoreapp2.1) (== netcoreapp2.2) (== netstandard2.0)
      System.Runtime (>= 4.3) - restriction: || (== netcoreapp2.1) (== netcoreapp2.2) (== netstandard2.0)
      System.Runtime.Extensions (>= 4.3) - restriction: || (== netcoreapp2.1) (== netcoreapp2.2) (== netstandard2.0)
      System.Threading (>= 4.3) - restriction: || (== netcoreapp2.1) (== netcoreapp2.2) (== netstandard2.0)
    System.Diagnostics.Tracing (4.3) - restriction: || (== netcoreapp2.1) (== netcoreapp2.2) (== netstandard2.0) (&& (== xamarinmac) (< netstandard1.6)) (&& (== xamarinmac) (< portable-net45+win8+wpa81))
      Microsoft.NETCore.Platforms (>= 1.1) - restriction: || (== netcoreapp2.1) (== netcoreapp2.2) (== netstandard2.0) (&& (== xamarinmac) (< netstandard1.2)) (&& (== xamarinmac) (< netstandard1.3)) (&& (== xamarinmac) (< netstandard1.5)) (&& (== xamarinmac) (< portable-net45+win8+wpa81))
      Microsoft.NETCore.Targets (>= 1.1) - restriction: || (== netcoreapp2.1) (== netcoreapp2.2) (== netstandard2.0) (&& (== xamarinmac) (< netstandard1.2)) (&& (== xamarinmac) (< netstandard1.3)) (&& (== xamarinmac) (< netstandard1.5)) (&& (== xamarinmac) (< portable-net45+win8+wpa81))
      System.Runtime (>= 4.3) - restriction: || (== netcoreapp2.1) (== netcoreapp2.2) (== netstandard2.0) (&& (== xamarinmac) (< netstandard1.2)) (&& (== xamarinmac) (< netstandard1.3)) (&& (== xamarinmac) (< netstandard1.5)) (&& (== xamarinmac) (< portable-net45+win8+wpa81))
    System.Dynamic.Runtime (4.3)
      System.Collections (>= 4.3) - restriction: || (== netcoreapp2.1) (== netcoreapp2.2) (== netstandard2.0) (&& (== xamarinmac) (< portable-net45+win8+wp8+wpa81))
      System.Diagnostics.Debug (>= 4.3) - restriction: || (== netcoreapp2.1) (== netcoreapp2.2) (== netstandard2.0) (&& (== xamarinmac) (< portable-net45+win8+wp8+wpa81))
      System.Linq (>= 4.3) - restriction: || (== netcoreapp2.1) (== netcoreapp2.2) (== netstandard2.0) (&& (== xamarinmac) (< portable-net45+win8+wp8+wpa81))
      System.Linq.Expressions (>= 4.3) - restriction: || (== netcoreapp2.1) (== netcoreapp2.2) (== netstandard2.0) (&& (== xamarinmac) (< netstandard1.3)) (&& (== xamarinmac) (< portable-net45+win8+wp8+wpa81))
      System.ObjectModel (>= 4.3) - restriction: || (== netcoreapp2.1) (== netcoreapp2.2) (== netstandard2.0) (&& (== xamarinmac) (< netstandard1.3)) (&& (== xamarinmac) (< portable-net45+win8+wp8+wpa81))
      System.Reflection (>= 4.3) - restriction: || (== netcoreapp2.1) (== netcoreapp2.2) (== netstandard2.0) (&& (== xamarinmac) (< netstandard1.3)) (&& (== xamarinmac) (< portable-net45+win8+wp8+wpa81))
      System.Reflection.Emit (>= 4.3) - restriction: || (== netcoreapp2.1) (== netcoreapp2.2) (== netstandard2.0)
      System.Reflection.Emit.ILGeneration (>= 4.3) - restriction: || (== netcoreapp2.1) (== netcoreapp2.2) (== netstandard2.0)
      System.Reflection.Primitives (>= 4.3) - restriction: || (== netcoreapp2.1) (== netcoreapp2.2) (== netstandard2.0)
      System.Reflection.TypeExtensions (>= 4.3) - restriction: || (== netcoreapp2.1) (== netcoreapp2.2) (== netstandard2.0) (&& (== xamarinmac) (< portable-net45+win8+wp8+wpa81))
      System.Resources.ResourceManager (>= 4.3) - restriction: || (== netcoreapp2.1) (== netcoreapp2.2) (== netstandard2.0) (&& (== xamarinmac) (< portable-net45+win8+wp8+wpa81))
      System.Runtime (>= 4.3) - restriction: || (== netcoreapp2.1) (== netcoreapp2.2) (== netstandard2.0) (&& (== xamarinmac) (< netstandard1.3)) (&& (== xamarinmac) (< portable-net45+win8+wp8+wpa81))
      System.Runtime.Extensions (>= 4.3) - restriction: || (== netcoreapp2.1) (== netcoreapp2.2) (== netstandard2.0) (&& (== xamarinmac) (< portable-net45+win8+wp8+wpa81))
      System.Threading (>= 4.3) - restriction: || (== netcoreapp2.1) (== netcoreapp2.2) (== netstandard2.0) (&& (== xamarinmac) (< portable-net45+win8+wp8+wpa81))
    System.Globalization (4.3) - restriction: || (== netcoreapp2.1) (== netcoreapp2.2) (== netstandard2.0) (&& (== xamarinmac) (>= netcoreapp1.0)) (&& (== xamarinmac) (< netstandard1.6)) (&& (== xamarinmac) (< portable-net45+win8+wp8+wpa81)) (&& (== xamarinmac) (< portable-net45+win8+wpa81))
      Microsoft.NETCore.Platforms (>= 1.1) - restriction: || (== netcoreapp2.1) (== netcoreapp2.2) (== netstandard2.0) (&& (== xamarinmac) (< netstandard1.3)) (&& (== xamarinmac) (< portable-net45+win8+wp8+wpa81))
      Microsoft.NETCore.Targets (>= 1.1) - restriction: || (== netcoreapp2.1) (== netcoreapp2.2) (== netstandard2.0) (&& (== xamarinmac) (< netstandard1.3)) (&& (== xamarinmac) (< portable-net45+win8+wp8+wpa81))
      System.Runtime (>= 4.3) - restriction: || (== netcoreapp2.1) (== netcoreapp2.2) (== netstandard2.0) (&& (== xamarinmac) (< netstandard1.3)) (&& (== xamarinmac) (< portable-net45+win8+wp8+wpa81))
    System.Globalization.Calendars (4.3) - restriction: || (== netcoreapp2.1) (== netcoreapp2.2) (== netstandard2.0) (&& (== xamarinmac) (>= net46)) (&& (== xamarinmac) (< netstandard1.3)) (&& (== xamarinmac) (< netstandard1.6)) (&& (== xamarinmac) (< portable-net45+win8+wpa81))
      Microsoft.NETCore.Platforms (>= 1.1) - restriction: || (== netcoreapp2.1) (== netcoreapp2.2) (== netstandard2.0)
      Microsoft.NETCore.Targets (>= 1.1) - restriction: || (== netcoreapp2.1) (== netcoreapp2.2) (== netstandard2.0)
      System.Globalization (>= 4.3) - restriction: || (== netcoreapp2.1) (== netcoreapp2.2) (== netstandard2.0)
      System.Runtime (>= 4.3) - restriction: || (== netcoreapp2.1) (== netcoreapp2.2) (== netstandard2.0)
    System.Globalization.Extensions (4.3) - restriction: || (== netcoreapp2.1) (== netcoreapp2.2) (== netstandard2.0)
      Microsoft.NETCore.Platforms (>= 1.1) - restriction: || (== netcoreapp2.1) (== netcoreapp2.2) (== netstandard2.0)
      System.Globalization (>= 4.3) - restriction: || (== netcoreapp2.1) (== netcoreapp2.2) (== netstandard2.0)
      System.Resources.ResourceManager (>= 4.3) - restriction: || (== netcoreapp2.1) (== netcoreapp2.2) (== netstandard2.0)
      System.Runtime (>= 4.3) - restriction: || (== netcoreapp2.1) (== netcoreapp2.2) (== netstandard2.0)
      System.Runtime.Extensions (>= 4.3) - restriction: || (== netcoreapp2.1) (== netcoreapp2.2) (== netstandard2.0)
      System.Runtime.InteropServices (>= 4.3) - restriction: || (== netcoreapp2.1) (== netcoreapp2.2) (== netstandard2.0)
    System.IO (4.3)
      Microsoft.NETCore.Platforms (>= 1.1) - restriction: || (== netcoreapp2.1) (== netcoreapp2.2) (== netstandard2.0) (&& (== xamarinmac) (< netstandard1.3)) (&& (== xamarinmac) (< netstandard1.5)) (&& (== xamarinmac) (< portable-net45+win8+wp8+wpa81))
      Microsoft.NETCore.Targets (>= 1.1) - restriction: || (== netcoreapp2.1) (== netcoreapp2.2) (== netstandard2.0) (&& (== xamarinmac) (< netstandard1.3)) (&& (== xamarinmac) (< netstandard1.5)) (&& (== xamarinmac) (< portable-net45+win8+wp8+wpa81))
      System.Runtime (>= 4.3) - restriction: || (== netcoreapp2.1) (== netcoreapp2.2) (== netstandard2.0) (&& (== xamarinmac) (< netstandard1.3)) (&& (== xamarinmac) (< netstandard1.5)) (&& (== xamarinmac) (< portable-net45+win8+wp8+wpa81))
      System.Text.Encoding (>= 4.3) - restriction: || (== netcoreapp2.1) (== netcoreapp2.2) (== netstandard2.0) (&& (== xamarinmac) (< netstandard1.3)) (&& (== xamarinmac) (< netstandard1.5)) (&& (== xamarinmac) (< portable-net45+win8+wp8+wpa81))
      System.Threading.Tasks (>= 4.3) - restriction: || (== netcoreapp2.1) (== netcoreapp2.2) (== netstandard2.0) (&& (== xamarinmac) (< netstandard1.3)) (&& (== xamarinmac) (< netstandard1.5)) (&& (== xamarinmac) (< portable-net45+win8+wp8+wpa81))
    System.IO.Compression (4.3)
      Microsoft.NETCore.Platforms (>= 1.1) - restriction: || (== netcoreapp2.1) (== netcoreapp2.2) (== netstandard2.0)
      runtime.native.System (>= 4.3) - restriction: || (== netcoreapp2.1) (== netcoreapp2.2) (== netstandard2.0)
      runtime.native.System.IO.Compression (>= 4.3) - restriction: || (== netcoreapp2.1) (== netcoreapp2.2) (== netstandard2.0) (&& (== xamarinmac) (< portable-net45+win8+wpa81))
      System.Buffers (>= 4.3) - restriction: || (== netcoreapp2.1) (== netcoreapp2.2) (== netstandard2.0) (&& (== xamarinmac) (< portable-net45+win8+wpa81))
      System.Collections (>= 4.3) - restriction: || (== netcoreapp2.1) (== netcoreapp2.2) (== netstandard2.0) (&& (== xamarinmac) (< portable-net45+win8+wpa81))
      System.Diagnostics.Debug (>= 4.3) - restriction: || (== netcoreapp2.1) (== netcoreapp2.2) (== netstandard2.0) (&& (== xamarinmac) (< portable-net45+win8+wpa81))
      System.IO (>= 4.3) - restriction: || (== netcoreapp2.1) (== netcoreapp2.2) (== netstandard2.0) (&& (== xamarinmac) (< netstandard1.3)) (&& (== xamarinmac) (< portable-net45+win8+wpa81))
      System.Resources.ResourceManager (>= 4.3) - restriction: || (== netcoreapp2.1) (== netcoreapp2.2) (== netstandard2.0) (&& (== xamarinmac) (< portable-net45+win8+wpa81))
      System.Runtime (>= 4.3) - restriction: || (== netcoreapp2.1) (== netcoreapp2.2) (== netstandard2.0) (&& (== xamarinmac) (< netstandard1.3)) (&& (== xamarinmac) (< portable-net45+win8+wpa81))
      System.Runtime.Extensions (>= 4.3) - restriction: || (== netcoreapp2.1) (== netcoreapp2.2) (== netstandard2.0) (&& (== xamarinmac) (< portable-net45+win8+wpa81))
      System.Runtime.Handles (>= 4.3) - restriction: || (== netcoreapp2.1) (== netcoreapp2.2) (== netstandard2.0) (&& (== xamarinmac) (< portable-net45+win8+wpa81))
      System.Runtime.InteropServices (>= 4.3) - restriction: || (== netcoreapp2.1) (== netcoreapp2.2) (== netstandard2.0) (&& (== xamarinmac) (< portable-net45+win8+wpa81))
      System.Text.Encoding (>= 4.3) - restriction: || (== netcoreapp2.1) (== netcoreapp2.2) (== netstandard2.0) (&& (== xamarinmac) (< netstandard1.3)) (&& (== xamarinmac) (< portable-net45+win8+wpa81))
      System.Threading (>= 4.3) - restriction: || (== netcoreapp2.1) (== netcoreapp2.2) (== netstandard2.0) (&& (== xamarinmac) (< portable-net45+win8+wpa81))
      System.Threading.Tasks (>= 4.3) - restriction: || (== netcoreapp2.1) (== netcoreapp2.2) (== netstandard2.0) (&& (== xamarinmac) (< portable-net45+win8+wpa81))
    System.IO.Compression.ZipFile (4.3)
      System.Buffers (>= 4.3) - restriction: || (== netcoreapp2.1) (== netcoreapp2.2) (== netstandard2.0)
      System.IO (>= 4.3) - restriction: || (== netcoreapp2.1) (== netcoreapp2.2) (== netstandard2.0)
      System.IO.Compression (>= 4.3) - restriction: || (== netcoreapp2.1) (== netcoreapp2.2) (== netstandard2.0)
      System.IO.FileSystem (>= 4.3) - restriction: || (== netcoreapp2.1) (== netcoreapp2.2) (== netstandard2.0)
      System.IO.FileSystem.Primitives (>= 4.3) - restriction: || (== netcoreapp2.1) (== netcoreapp2.2) (== netstandard2.0)
      System.Resources.ResourceManager (>= 4.3) - restriction: || (== netcoreapp2.1) (== netcoreapp2.2) (== netstandard2.0)
      System.Runtime (>= 4.3) - restriction: || (== netcoreapp2.1) (== netcoreapp2.2) (== netstandard2.0)
      System.Runtime.Extensions (>= 4.3) - restriction: || (== netcoreapp2.1) (== netcoreapp2.2) (== netstandard2.0)
      System.Text.Encoding (>= 4.3) - restriction: || (== netcoreapp2.1) (== netcoreapp2.2) (== netstandard2.0)
    System.IO.FileSystem (4.3)
      Microsoft.NETCore.Platforms (>= 1.1) - restriction: || (== netcoreapp2.1) (== netcoreapp2.2) (== netstandard2.0)
      Microsoft.NETCore.Targets (>= 1.1) - restriction: || (== netcoreapp2.1) (== netcoreapp2.2) (== netstandard2.0)
      System.IO (>= 4.3) - restriction: || (== netcoreapp2.1) (== netcoreapp2.2) (== netstandard2.0)
      System.IO.FileSystem.Primitives (>= 4.3) - restriction: || (== netcoreapp2.1) (== netcoreapp2.2) (== netstandard2.0) (&& (== xamarinmac) (>= net46))
      System.Runtime (>= 4.3) - restriction: || (== netcoreapp2.1) (== netcoreapp2.2) (== netstandard2.0)
      System.Runtime.Handles (>= 4.3) - restriction: || (== netcoreapp2.1) (== netcoreapp2.2) (== netstandard2.0)
      System.Text.Encoding (>= 4.3) - restriction: || (== netcoreapp2.1) (== netcoreapp2.2) (== netstandard2.0)
      System.Threading.Tasks (>= 4.3) - restriction: || (== netcoreapp2.1) (== netcoreapp2.2) (== netstandard2.0)
    System.IO.FileSystem.Primitives (4.3)
      System.Runtime (>= 4.3) - restriction: || (== netcoreapp2.1) (== netcoreapp2.2) (== netstandard2.0)
    System.IO.FileSystem.Watcher (4.3)
      Microsoft.NETCore.Platforms (>= 1.1) - restriction: || (== netcoreapp2.1) (== netcoreapp2.2) (== netstandard2.0)
      Microsoft.Win32.Primitives (>= 4.3) - restriction: || (== netcoreapp2.1) (== netcoreapp2.2) (== netstandard2.0)
      runtime.native.System (>= 4.3) - restriction: || (== netcoreapp2.1) (== netcoreapp2.2) (== netstandard2.0)
      System.Collections (>= 4.3) - restriction: || (== netcoreapp2.1) (== netcoreapp2.2) (== netstandard2.0)
      System.IO.FileSystem (>= 4.3) - restriction: || (== netcoreapp2.1) (== netcoreapp2.2) (== netstandard2.0)
      System.IO.FileSystem.Primitives (>= 4.3) - restriction: || (== netcoreapp2.1) (== netcoreapp2.2) (== netstandard2.0)
      System.Resources.ResourceManager (>= 4.3) - restriction: || (== netcoreapp2.1) (== netcoreapp2.2) (== netstandard2.0)
      System.Runtime (>= 4.3) - restriction: || (== netcoreapp2.1) (== netcoreapp2.2) (== netstandard2.0)
      System.Runtime.Extensions (>= 4.3) - restriction: || (== netcoreapp2.1) (== netcoreapp2.2) (== netstandard2.0)
      System.Runtime.Handles (>= 4.3) - restriction: || (== netcoreapp2.1) (== netcoreapp2.2) (== netstandard2.0)
      System.Runtime.InteropServices (>= 4.3) - restriction: || (== netcoreapp2.1) (== netcoreapp2.2) (== netstandard2.0)
      System.Text.Encoding (>= 4.3) - restriction: || (== netcoreapp2.1) (== netcoreapp2.2) (== netstandard2.0)
      System.Threading (>= 4.3) - restriction: || (== netcoreapp2.1) (== netcoreapp2.2) (== netstandard2.0)
      System.Threading.Overlapped (>= 4.3) - restriction: || (== netcoreapp2.1) (== netcoreapp2.2) (== netstandard2.0)
      System.Threading.Tasks (>= 4.3) - restriction: || (== netcoreapp2.1) (== netcoreapp2.2) (== netstandard2.0)
      System.Threading.Thread (>= 4.3) - restriction: || (== netcoreapp2.1) (== netcoreapp2.2) (== netstandard2.0)
    System.Linq (4.3) - restriction: || (== netcoreapp2.1) (== netcoreapp2.2) (== netstandard2.0) (&& (== xamarinmac) (>= netcoreapp1.0))
      System.Collections (>= 4.3) - restriction: || (== netcoreapp2.1) (== netcoreapp2.2) (== netstandard2.0) (&& (== xamarinmac) (< netstandard1.6)) (&& (== xamarinmac) (< portable-net45+win8+wp8+wpa81))
      System.Diagnostics.Debug (>= 4.3) - restriction: || (== netcoreapp2.1) (== netcoreapp2.2) (== netstandard2.0) (&& (== xamarinmac) (< portable-net45+win8+wp8+wpa81))
      System.Resources.ResourceManager (>= 4.3) - restriction: || (== netcoreapp2.1) (== netcoreapp2.2) (== netstandard2.0) (&& (== xamarinmac) (< portable-net45+win8+wp8+wpa81))
      System.Runtime (>= 4.3) - restriction: || (== netcoreapp2.1) (== netcoreapp2.2) (== netstandard2.0) (&& (== xamarinmac) (< netstandard1.6)) (&& (== xamarinmac) (< portable-net45+win8+wp8+wpa81))
      System.Runtime.Extensions (>= 4.3) - restriction: || (== netcoreapp2.1) (== netcoreapp2.2) (== netstandard2.0) (&& (== xamarinmac) (< portable-net45+win8+wp8+wpa81))
    System.Linq.Expressions (4.3) - restriction: || (== netcoreapp2.1) (== netcoreapp2.2) (&& (== netstandard2.0) (>= netcoreapp1.0)) (&& (== xamarinmac) (>= netcoreapp1.0))
      System.Collections (>= 4.3) - restriction: || (== netcoreapp2.1) (== netcoreapp2.2) (== netstandard2.0) (&& (== xamarinmac) (< portable-net45+win8+wp8+wpa81))
      System.Diagnostics.Debug (>= 4.3) - restriction: || (== netcoreapp2.1) (== netcoreapp2.2) (== netstandard2.0) (&& (== xamarinmac) (< portable-net45+win8+wp8+wpa81))
      System.Globalization (>= 4.3) - restriction: || (== netcoreapp2.1) (== netcoreapp2.2) (== netstandard2.0) (&& (== xamarinmac) (< portable-net45+win8+wp8+wpa81))
      System.IO (>= 4.3) - restriction: || (== netcoreapp2.1) (== netcoreapp2.2) (== netstandard2.0) (&& (== xamarinmac) (< portable-net45+win8+wp8+wpa81))
      System.Linq (>= 4.3) - restriction: || (== netcoreapp2.1) (== netcoreapp2.2) (== netstandard2.0) (&& (== xamarinmac) (< portable-net45+win8+wp8+wpa81))
      System.ObjectModel (>= 4.3) - restriction: || (== netcoreapp2.1) (== netcoreapp2.2) (== netstandard2.0)
      System.Reflection (>= 4.3) - restriction: || (== netcoreapp2.1) (== netcoreapp2.2) (== netstandard2.0) (&& (== xamarinmac) (< netstandard1.3)) (&& (== xamarinmac) (< netstandard1.6)) (&& (== xamarinmac) (< portable-net45+win8+wp8+wpa81))
      System.Reflection.Emit (>= 4.3) - restriction: || (== netcoreapp2.1) (== netcoreapp2.2) (== netstandard2.0)
      System.Reflection.Emit.ILGeneration (>= 4.3) - restriction: || (== netcoreapp2.1) (== netcoreapp2.2) (== netstandard2.0) (&& (== xamarinmac) (< portable-net45+win8+wp8+wpa81))
      System.Reflection.Emit.Lightweight (>= 4.3) - restriction: || (== netcoreapp2.1) (== netcoreapp2.2) (== netstandard2.0) (&& (== xamarinmac) (< portable-net45+win8+wp8+wpa81))
      System.Reflection.Extensions (>= 4.3) - restriction: || (== netcoreapp2.1) (== netcoreapp2.2) (== netstandard2.0) (&& (== xamarinmac) (< portable-net45+win8+wp8+wpa81))
      System.Reflection.Primitives (>= 4.3) - restriction: || (== netcoreapp2.1) (== netcoreapp2.2) (== netstandard2.0) (&& (== xamarinmac) (< portable-net45+win8+wp8+wpa81))
      System.Reflection.TypeExtensions (>= 4.3) - restriction: || (== netcoreapp2.1) (== netcoreapp2.2) (== netstandard2.0) (&& (== xamarinmac) (< portable-net45+win8+wp8+wpa81))
      System.Resources.ResourceManager (>= 4.3) - restriction: || (== netcoreapp2.1) (== netcoreapp2.2) (== netstandard2.0) (&& (== xamarinmac) (< portable-net45+win8+wp8+wpa81))
      System.Runtime (>= 4.3) - restriction: || (== netcoreapp2.1) (== netcoreapp2.2) (== netstandard2.0) (&& (== xamarinmac) (< netstandard1.3)) (&& (== xamarinmac) (< netstandard1.6)) (&& (== xamarinmac) (< portable-net45+win8+wp8+wpa81))
      System.Runtime.Extensions (>= 4.3) - restriction: || (== netcoreapp2.1) (== netcoreapp2.2) (== netstandard2.0) (&& (== xamarinmac) (< portable-net45+win8+wp8+wpa81))
      System.Threading (>= 4.3) - restriction: || (== netcoreapp2.1) (== netcoreapp2.2) (== netstandard2.0) (&& (== xamarinmac) (< portable-net45+win8+wp8+wpa81))
    System.Linq.Parallel (4.3)
      System.Collections (>= 4.3) - restriction: || (== netcoreapp2.1) (== netcoreapp2.2) (== netstandard2.0) (&& (== xamarinmac) (< netstandard1.3)) (&& (== xamarinmac) (< portable-net45+win8+wpa81))
      System.Collections.Concurrent (>= 4.3) - restriction: || (== netcoreapp2.1) (== netcoreapp2.2) (== netstandard2.0) (&& (== xamarinmac) (< netstandard1.3)) (&& (== xamarinmac) (< portable-net45+win8+wpa81))
      System.Diagnostics.Debug (>= 4.3) - restriction: || (== netcoreapp2.1) (== netcoreapp2.2) (== netstandard2.0) (&& (== xamarinmac) (< portable-net45+win8+wpa81))
      System.Diagnostics.Tracing (>= 4.3) - restriction: || (== netcoreapp2.1) (== netcoreapp2.2) (== netstandard2.0) (&& (== xamarinmac) (< portable-net45+win8+wpa81))
      System.Linq (>= 4.3) - restriction: || (== netcoreapp2.1) (== netcoreapp2.2) (== netstandard2.0) (&& (== xamarinmac) (< netstandard1.3)) (&& (== xamarinmac) (< portable-net45+win8+wpa81))
      System.Resources.ResourceManager (>= 4.3) - restriction: || (== netcoreapp2.1) (== netcoreapp2.2) (== netstandard2.0) (&& (== xamarinmac) (< portable-net45+win8+wpa81))
      System.Runtime (>= 4.3) - restriction: || (== netcoreapp2.1) (== netcoreapp2.2) (== netstandard2.0) (&& (== xamarinmac) (< netstandard1.3)) (&& (== xamarinmac) (< portable-net45+win8+wpa81))
      System.Runtime.Extensions (>= 4.3) - restriction: || (== netcoreapp2.1) (== netcoreapp2.2) (== netstandard2.0) (&& (== xamarinmac) (< portable-net45+win8+wpa81))
      System.Threading (>= 4.3) - restriction: || (== netcoreapp2.1) (== netcoreapp2.2) (== netstandard2.0) (&& (== xamarinmac) (< portable-net45+win8+wpa81))
      System.Threading.Tasks (>= 4.3) - restriction: || (== netcoreapp2.1) (== netcoreapp2.2) (== netstandard2.0) (&& (== xamarinmac) (< netstandard1.3)) (&& (== xamarinmac) (< portable-net45+win8+wpa81))
    System.Memory (4.5.2) - restriction: || (&& (== netcoreapp2.1) (< netcoreapp2.0)) (&& (== netcoreapp2.1) (>= uap10.1)) (&& (== netcoreapp2.2) (< netcoreapp2.0)) (&& (== netcoreapp2.2) (< netcoreapp2.1)) (&& (== netcoreapp2.2) (>= uap10.1)) (== netstandard2.0) (== xamarinmac)
      System.Buffers (>= 4.4) - restriction: || (&& (== netcoreapp2.1) (>= monotouch)) (&& (== netcoreapp2.1) (>= net461)) (&& (== netcoreapp2.1) (< netcoreapp2.0)) (&& (== netcoreapp2.1) (< netstandard1.1)) (&& (== netcoreapp2.1) (< netstandard2.0)) (&& (== netcoreapp2.1) (>= xamarinios)) (&& (== netcoreapp2.1) (>= xamarinmac)) (&& (== netcoreapp2.1) (>= xamarintvos)) (&& (== netcoreapp2.1) (>= xamarinwatchos)) (&& (== netcoreapp2.2) (>= monotouch)) (&& (== netcoreapp2.2) (>= net461)) (&& (== netcoreapp2.2) (< netcoreapp2.0)) (&& (== netcoreapp2.2) (< netstandard1.1)) (&& (== netcoreapp2.2) (< netstandard2.0)) (&& (== netcoreapp2.2) (>= xamarinios)) (&& (== netcoreapp2.2) (>= xamarinmac)) (&& (== netcoreapp2.2) (>= xamarintvos)) (&& (== netcoreapp2.2) (>= xamarinwatchos)) (== netstandard2.0) (== xamarinmac)
      System.Numerics.Vectors (>= 4.4) - restriction: || (&& (== netcoreapp2.1) (>= net461)) (&& (== netcoreapp2.1) (< netcoreapp2.0)) (&& (== netcoreapp2.2) (>= net461)) (&& (== netcoreapp2.2) (< netcoreapp2.0)) (== netstandard2.0) (== xamarinmac)
      System.Runtime.CompilerServices.Unsafe (>= 4.5.2) - restriction: || (&& (== netcoreapp2.1) (>= monotouch)) (&& (== netcoreapp2.1) (>= net461)) (&& (== netcoreapp2.1) (< netcoreapp2.0)) (&& (== netcoreapp2.1) (< netstandard1.1)) (&& (== netcoreapp2.1) (< netstandard2.0)) (&& (== netcoreapp2.1) (>= uap10.1)) (&& (== netcoreapp2.1) (>= xamarinios)) (&& (== netcoreapp2.1) (>= xamarinmac)) (&& (== netcoreapp2.1) (>= xamarintvos)) (&& (== netcoreapp2.1) (>= xamarinwatchos)) (&& (== netcoreapp2.2) (>= monotouch)) (&& (== netcoreapp2.2) (>= net461)) (&& (== netcoreapp2.2) (< netcoreapp2.0)) (&& (== netcoreapp2.2) (< netcoreapp2.1)) (&& (== netcoreapp2.2) (< netstandard1.1)) (&& (== netcoreapp2.2) (< netstandard2.0)) (&& (== netcoreapp2.2) (>= uap10.1)) (&& (== netcoreapp2.2) (>= xamarinios)) (&& (== netcoreapp2.2) (>= xamarinmac)) (&& (== netcoreapp2.2) (>= xamarintvos)) (&& (== netcoreapp2.2) (>= xamarinwatchos)) (== netstandard2.0) (== xamarinmac)
    System.Net.Http (4.3.4)
      Microsoft.NETCore.Platforms (>= 1.1.1) - restriction: || (== netcoreapp2.1) (== netcoreapp2.2) (== netstandard2.0) (&& (== xamarinmac) (< netstandard1.6)) (&& (== xamarinmac) (< portable-net45+win8+wpa81))
      runtime.native.System (>= 4.3) - restriction: || (== netcoreapp2.1) (== netcoreapp2.2) (== netstandard2.0)
      runtime.native.System.Net.Http (>= 4.3) - restriction: || (== netcoreapp2.1) (== netcoreapp2.2) (== netstandard2.0)
      runtime.native.System.Security.Cryptography.OpenSsl (>= 4.3.2) - restriction: || (== netcoreapp2.1) (== netcoreapp2.2) (== netstandard2.0)
      System.Collections (>= 4.3) - restriction: || (== netcoreapp2.1) (== netcoreapp2.2) (== netstandard2.0) (&& (== xamarinmac) (< netstandard1.6)) (&& (== xamarinmac) (< portable-net45+win8+wpa81))
      System.Diagnostics.Debug (>= 4.3) - restriction: || (== netcoreapp2.1) (== netcoreapp2.2) (== netstandard2.0) (&& (== xamarinmac) (< netstandard1.6)) (&& (== xamarinmac) (< portable-net45+win8+wpa81))
      System.Diagnostics.DiagnosticSource (>= 4.3) - restriction: || (== netcoreapp2.1) (== netcoreapp2.2) (== netstandard2.0) (&& (== xamarinmac) (< netstandard1.6)) (&& (== xamarinmac) (< portable-net45+win8+wpa81))
      System.Diagnostics.Tracing (>= 4.3) - restriction: || (== netcoreapp2.1) (== netcoreapp2.2) (== netstandard2.0) (&& (== xamarinmac) (< netstandard1.6)) (&& (== xamarinmac) (< portable-net45+win8+wpa81))
      System.Globalization (>= 4.3) - restriction: || (== netcoreapp2.1) (== netcoreapp2.2) (== netstandard2.0) (&& (== xamarinmac) (< netstandard1.6)) (&& (== xamarinmac) (< portable-net45+win8+wpa81))
      System.Globalization.Extensions (>= 4.3) - restriction: || (== netcoreapp2.1) (== netcoreapp2.2) (== netstandard2.0)
      System.IO (>= 4.3) - restriction: || (== netcoreapp2.1) (== netcoreapp2.2) (== netstandard2.0) (&& (== xamarinmac) (< netstandard1.3)) (&& (== xamarinmac) (< netstandard1.6)) (&& (== xamarinmac) (< portable-net45+win8+wpa81))
      System.IO.FileSystem (>= 4.3) - restriction: || (== netcoreapp2.1) (== netcoreapp2.2) (== netstandard2.0)
      System.Net.Primitives (>= 4.3) - restriction: || (== netcoreapp2.1) (== netcoreapp2.2) (== netstandard2.0) (&& (== xamarinmac) (< netstandard1.3)) (&& (== xamarinmac) (< netstandard1.6)) (&& (== xamarinmac) (< portable-net45+win8+wpa81))
      System.Resources.ResourceManager (>= 4.3) - restriction: || (== netcoreapp2.1) (== netcoreapp2.2) (== netstandard2.0) (&& (== xamarinmac) (< netstandard1.6)) (&& (== xamarinmac) (< portable-net45+win8+wpa81))
      System.Runtime (>= 4.3) - restriction: || (== netcoreapp2.1) (== netcoreapp2.2) (== netstandard2.0) (&& (== xamarinmac) (< netstandard1.3)) (&& (== xamarinmac) (< netstandard1.6)) (&& (== xamarinmac) (< portable-net45+win8+wpa81))
      System.Runtime.Extensions (>= 4.3) - restriction: || (== netcoreapp2.1) (== netcoreapp2.2) (== netstandard2.0) (&& (== xamarinmac) (< netstandard1.6)) (&& (== xamarinmac) (< portable-net45+win8+wpa81))
      System.Runtime.Handles (>= 4.3) - restriction: || (== netcoreapp2.1) (== netcoreapp2.2) (== netstandard2.0) (&& (== xamarinmac) (< netstandard1.6))
      System.Runtime.InteropServices (>= 4.3) - restriction: || (== netcoreapp2.1) (== netcoreapp2.2) (== netstandard2.0) (&& (== xamarinmac) (< netstandard1.6)) (&& (== xamarinmac) (< portable-net45+win8+wpa81))
      System.Security.Cryptography.Algorithms (>= 4.3) - restriction: || (== netcoreapp2.1) (== netcoreapp2.2) (== netstandard2.0)
      System.Security.Cryptography.Encoding (>= 4.3) - restriction: || (== netcoreapp2.1) (== netcoreapp2.2) (== netstandard2.0) (&& (== xamarinmac) (< netstandard1.6))
      System.Security.Cryptography.OpenSsl (>= 4.3) - restriction: || (== netcoreapp2.1) (== netcoreapp2.2) (== netstandard2.0)
      System.Security.Cryptography.Primitives (>= 4.3) - restriction: || (== netcoreapp2.1) (== netcoreapp2.2) (== netstandard2.0)
      System.Security.Cryptography.X509Certificates (>= 4.3) - restriction: || (== netcoreapp2.1) (== netcoreapp2.2) (== netstandard2.0) (&& (== xamarinmac) (>= net46)) (&& (== xamarinmac) (< netstandard1.6)) (&& (== xamarinmac) (< portable-net45+win8+wpa81))
      System.Text.Encoding (>= 4.3) - restriction: || (== netcoreapp2.1) (== netcoreapp2.2) (== netstandard2.0) (&& (== xamarinmac) (< netstandard1.3)) (&& (== xamarinmac) (< netstandard1.6)) (&& (== xamarinmac) (< portable-net45+win8+wpa81))
      System.Threading (>= 4.3) - restriction: || (== netcoreapp2.1) (== netcoreapp2.2) (== netstandard2.0) (&& (== xamarinmac) (< netstandard1.6)) (&& (== xamarinmac) (< portable-net45+win8+wpa81))
      System.Threading.Tasks (>= 4.3) - restriction: || (== netcoreapp2.1) (== netcoreapp2.2) (== netstandard2.0) (&& (== xamarinmac) (< netstandard1.3)) (&& (== xamarinmac) (< netstandard1.6)) (&& (== xamarinmac) (< portable-net45+win8+wpa81))
    System.Net.Primitives (4.3) - restriction: || (== netcoreapp2.1) (== netcoreapp2.2) (== netstandard2.0) (&& (== xamarinmac) (< netstandard1.3)) (&& (== xamarinmac) (< netstandard1.6)) (&& (== xamarinmac) (< portable-net45+win8+wpa81))
      Microsoft.NETCore.Platforms (>= 1.1) - restriction: || (== netcoreapp2.1) (== netcoreapp2.2) (== netstandard2.0) (&& (== xamarinmac) (< netstandard1.1)) (&& (== xamarinmac) (< netstandard1.3)) (&& (== xamarinmac) (< portable-net45+win8+wp8+wpa81))
      Microsoft.NETCore.Targets (>= 1.1) - restriction: || (== netcoreapp2.1) (== netcoreapp2.2) (== netstandard2.0) (&& (== xamarinmac) (< netstandard1.1)) (&& (== xamarinmac) (< netstandard1.3)) (&& (== xamarinmac) (< portable-net45+win8+wp8+wpa81))
      System.Runtime (>= 4.3) - restriction: || (== netcoreapp2.1) (== netcoreapp2.2) (== netstandard2.0) (&& (== xamarinmac) (< netstandard1.1)) (&& (== xamarinmac) (< netstandard1.3)) (&& (== xamarinmac) (< portable-net45+win8+wp8+wpa81))
      System.Runtime.Handles (>= 4.3) - restriction: || (== netcoreapp2.1) (== netcoreapp2.2) (== netstandard2.0) (&& (== xamarinmac) (< portable-net45+win8+wp8+wpa81))
    System.Numerics.Vectors (4.5)
    System.ObjectModel (4.3) - restriction: || (== netcoreapp2.1) (== netcoreapp2.2) (&& (== netstandard2.0) (>= netcoreapp1.0)) (&& (== xamarinmac) (>= netcoreapp1.0))
      System.Collections (>= 4.3) - restriction: || (== netcoreapp2.1) (== netcoreapp2.2) (== netstandard2.0) (&& (== xamarinmac) (< portable-net45+win8+wp8+wpa81))
      System.Diagnostics.Debug (>= 4.3) - restriction: || (== netcoreapp2.1) (== netcoreapp2.2) (== netstandard2.0) (&& (== xamarinmac) (< portable-net45+win8+wp8+wpa81))
      System.Resources.ResourceManager (>= 4.3) - restriction: || (== netcoreapp2.1) (== netcoreapp2.2) (== netstandard2.0) (&& (== xamarinmac) (< portable-net45+win8+wp8+wpa81))
      System.Runtime (>= 4.3) - restriction: || (== netcoreapp2.1) (== netcoreapp2.2) (== netstandard2.0) (&& (== xamarinmac) (< netstandard1.3)) (&& (== xamarinmac) (< portable-net45+win8+wp8+wpa81))
      System.Threading (>= 4.3) - restriction: || (== netcoreapp2.1) (== netcoreapp2.2) (== netstandard2.0) (&& (== xamarinmac) (< portable-net45+win8+wp8+wpa81))
    System.Reactive (4.1.5)
      System.Runtime.InteropServices.WindowsRuntime (>= 4.3)
      System.Threading.Tasks.Extensions (>= 4.5.2)
    System.Reactive.Compatibility (4.1.5)
      System.Reactive.Core (>= 4.1.5)
      System.Reactive.Interfaces (>= 4.1.5)
      System.Reactive.Linq (>= 4.1.5)
      System.Reactive.PlatformServices (>= 4.1.5)
      System.Reactive.Providers (>= 4.1.5)
    System.Reactive.Core (4.1.5)
      System.Reactive (>= 4.1.5)
      System.Threading.Tasks.Extensions (>= 4.5.2)
    System.Reactive.Interfaces (4.1.5)
      System.Reactive (>= 4.1.5)
      System.Threading.Tasks.Extensions (>= 4.5.2)
    System.Reactive.Linq (4.1.5)
      System.Reactive (>= 4.1.5)
      System.Threading.Tasks.Extensions (>= 4.5.2)
    System.Reactive.PlatformServices (4.1.5)
      System.Reactive (>= 4.1.5)
      System.Threading.Tasks.Extensions (>= 4.5.2)
    System.Reactive.Providers (4.1.5)
      System.Reactive (>= 4.1.5)
      System.Threading.Tasks.Extensions (>= 4.5.2)
    System.Reflection (4.3) - restriction: || (== netcoreapp2.1) (== netcoreapp2.2) (== netstandard2.0) (&& (== xamarinmac) (>= netcoreapp1.0)) (&& (== xamarinmac) (< portable-net45+win8+wp8+wpa81))
      Microsoft.NETCore.Platforms (>= 1.1) - restriction: || (== netcoreapp2.1) (== netcoreapp2.2) (== netstandard2.0) (&& (== xamarinmac) (< netstandard1.3)) (&& (== xamarinmac) (< netstandard1.5)) (&& (== xamarinmac) (< portable-net45+win8+wp8+wpa81))
      Microsoft.NETCore.Targets (>= 1.1) - restriction: || (== netcoreapp2.1) (== netcoreapp2.2) (== netstandard2.0) (&& (== xamarinmac) (< netstandard1.3)) (&& (== xamarinmac) (< netstandard1.5)) (&& (== xamarinmac) (< portable-net45+win8+wp8+wpa81))
      System.IO (>= 4.3) - restriction: || (== netcoreapp2.1) (== netcoreapp2.2) (== netstandard2.0) (&& (== xamarinmac) (< netstandard1.3)) (&& (== xamarinmac) (< netstandard1.5)) (&& (== xamarinmac) (< portable-net45+win8+wp8+wpa81))
      System.Reflection.Primitives (>= 4.3) - restriction: || (== netcoreapp2.1) (== netcoreapp2.2) (== netstandard2.0) (&& (== xamarinmac) (< netstandard1.3)) (&& (== xamarinmac) (< netstandard1.5)) (&& (== xamarinmac) (< portable-net45+win8+wp8+wpa81))
      System.Runtime (>= 4.3) - restriction: || (== netcoreapp2.1) (== netcoreapp2.2) (== netstandard2.0) (&& (== xamarinmac) (< netstandard1.3)) (&& (== xamarinmac) (< netstandard1.5)) (&& (== xamarinmac) (< portable-net45+win8+wp8+wpa81))
    System.Reflection.Emit (4.3) - restriction: || (== netcoreapp2.1) (== netcoreapp2.2) (&& (== netstandard2.0) (>= netcoreapp1.0)) (&& (== xamarinmac) (>= netcoreapp1.0))
      System.IO (>= 4.3) - restriction: || (== netcoreapp2.1) (== netcoreapp2.2) (== netstandard2.0)
      System.Reflection (>= 4.3) - restriction: || (== netcoreapp2.1) (== netcoreapp2.2) (== netstandard2.0)
      System.Reflection.Emit.ILGeneration (>= 4.3) - restriction: || (== netcoreapp2.1) (== netcoreapp2.2) (== netstandard2.0)
      System.Reflection.Primitives (>= 4.3) - restriction: || (== netcoreapp2.1) (== netcoreapp2.2) (== netstandard2.0)
      System.Runtime (>= 4.3) - restriction: || (== netcoreapp2.1) (== netcoreapp2.2) (== netstandard2.0)
    System.Reflection.Emit.ILGeneration (4.3) - restriction: || (== netcoreapp2.1) (== netcoreapp2.2) (&& (== netstandard2.0) (>= netcoreapp1.0)) (&& (== xamarinmac) (>= netcoreapp1.0))
      System.Reflection (>= 4.3) - restriction: || (== netcoreapp2.1) (== netcoreapp2.2) (== netstandard2.0)
      System.Reflection.Primitives (>= 4.3) - restriction: || (== netcoreapp2.1) (== netcoreapp2.2) (== netstandard2.0)
      System.Runtime (>= 4.3) - restriction: || (== netcoreapp2.1) (== netcoreapp2.2) (== netstandard2.0)
    System.Reflection.Emit.Lightweight (4.3) - restriction: || (== netcoreapp2.1) (== netcoreapp2.2) (&& (== netstandard2.0) (>= netcoreapp1.0)) (&& (== xamarinmac) (>= netcoreapp1.0))
      System.Reflection (>= 4.3) - restriction: || (== netcoreapp2.1) (== netcoreapp2.2) (== netstandard2.0)
      System.Reflection.Emit.ILGeneration (>= 4.3) - restriction: || (== netcoreapp2.1) (== netcoreapp2.2) (== netstandard2.0)
      System.Reflection.Primitives (>= 4.3) - restriction: || (== netcoreapp2.1) (== netcoreapp2.2) (== netstandard2.0)
      System.Runtime (>= 4.3) - restriction: || (== netcoreapp2.1) (== netcoreapp2.2) (== netstandard2.0)
    System.Reflection.Extensions (4.3) - restriction: || (== netcoreapp2.1) (== netcoreapp2.2) (&& (== netstandard2.0) (>= netcoreapp1.1)) (&& (== xamarinmac) (>= netcoreapp1.1))
      Microsoft.NETCore.Platforms (>= 1.1) - restriction: || (== netcoreapp2.1) (== netcoreapp2.2) (== netstandard2.0) (&& (== xamarinmac) (< portable-net45+win8+wp8+wpa81))
      Microsoft.NETCore.Targets (>= 1.1) - restriction: || (== netcoreapp2.1) (== netcoreapp2.2) (== netstandard2.0) (&& (== xamarinmac) (< portable-net45+win8+wp8+wpa81))
      System.Reflection (>= 4.3) - restriction: || (== netcoreapp2.1) (== netcoreapp2.2) (== netstandard2.0) (&& (== xamarinmac) (< portable-net45+win8+wp8+wpa81))
      System.Runtime (>= 4.3) - restriction: || (== netcoreapp2.1) (== netcoreapp2.2) (== netstandard2.0) (&& (== xamarinmac) (< portable-net45+win8+wp8+wpa81))
    System.Reflection.Metadata (1.6)
    System.Reflection.Primitives (4.3) - restriction: || (== netcoreapp2.1) (== netcoreapp2.2) (&& (== netstandard2.0) (>= netcoreapp1.0)) (&& (== xamarinmac) (>= netcoreapp1.0))
      Microsoft.NETCore.Platforms (>= 1.1) - restriction: || (== netcoreapp2.1) (== netcoreapp2.2) (== netstandard2.0) (&& (== xamarinmac) (< portable-net45+win8+wp8+wpa81))
      Microsoft.NETCore.Targets (>= 1.1) - restriction: || (== netcoreapp2.1) (== netcoreapp2.2) (== netstandard2.0) (&& (== xamarinmac) (< portable-net45+win8+wp8+wpa81))
      System.Runtime (>= 4.3) - restriction: || (== netcoreapp2.1) (== netcoreapp2.2) (== netstandard2.0) (&& (== xamarinmac) (< portable-net45+win8+wp8+wpa81))
    System.Reflection.TypeExtensions (4.5.1)
    System.Resources.ResourceManager (4.3) - restriction: || (== netcoreapp2.1) (== netcoreapp2.2) (== netstandard2.0) (&& (== xamarinmac) (>= netcoreapp1.0)) (&& (== xamarinmac) (< netstandard1.6)) (&& (== xamarinmac) (< portable-net45+win8+wp8+wpa81)) (&& (== xamarinmac) (< portable-net45+win8+wpa81))
      Microsoft.NETCore.Platforms (>= 1.1) - restriction: || (== netcoreapp2.1) (== netcoreapp2.2) (== netstandard2.0) (&& (== xamarinmac) (< portable-net45+win8+wp8+wpa81))
      Microsoft.NETCore.Targets (>= 1.1) - restriction: || (== netcoreapp2.1) (== netcoreapp2.2) (== netstandard2.0) (&& (== xamarinmac) (< portable-net45+win8+wp8+wpa81))
      System.Globalization (>= 4.3) - restriction: || (== netcoreapp2.1) (== netcoreapp2.2) (== netstandard2.0) (&& (== xamarinmac) (< portable-net45+win8+wp8+wpa81))
      System.Reflection (>= 4.3) - restriction: || (== netcoreapp2.1) (== netcoreapp2.2) (== netstandard2.0) (&& (== xamarinmac) (< portable-net45+win8+wp8+wpa81))
      System.Runtime (>= 4.3) - restriction: || (== netcoreapp2.1) (== netcoreapp2.2) (== netstandard2.0) (&& (== xamarinmac) (< portable-net45+win8+wp8+wpa81))
    System.Resources.Writer (4.3)
      System.Collections (>= 4.3) - restriction: || (== netcoreapp2.1) (== netcoreapp2.2) (== netstandard2.0)
      System.IO (>= 4.3) - restriction: || (== netcoreapp2.1) (== netcoreapp2.2) (== netstandard2.0)
      System.Resources.ResourceManager (>= 4.3) - restriction: || (== netcoreapp2.1) (== netcoreapp2.2) (== netstandard2.0)
      System.Runtime (>= 4.3) - restriction: || (== netcoreapp2.1) (== netcoreapp2.2) (== netstandard2.0)
      System.Runtime.Extensions (>= 4.3) - restriction: || (== netcoreapp2.1) (== netcoreapp2.2) (== netstandard2.0)
      System.Text.Encoding (>= 4.3) - restriction: || (== netcoreapp2.1) (== netcoreapp2.2) (== netstandard2.0)
    System.Runtime (4.3.1) - restriction: || (== netcoreapp2.1) (== netcoreapp2.2) (== netstandard2.0) (&& (== xamarinmac) (>= netcoreapp1.0)) (&& (== xamarinmac) (< netstandard1.3)) (&& (== xamarinmac) (< netstandard1.6)) (&& (== xamarinmac) (< portable-net45+win8+wpa81))
      Microsoft.NETCore.Platforms (>= 1.1.1) - restriction: || (== netcoreapp2.1) (== netcoreapp2.2) (== netstandard2.0) (&& (== xamarinmac) (< netstandard1.2)) (&& (== xamarinmac) (< netstandard1.3)) (&& (== xamarinmac) (< netstandard1.5)) (&& (== xamarinmac) (< portable-net45+win8+wp8+wpa81))
      Microsoft.NETCore.Targets (>= 1.1.3) - restriction: || (== netcoreapp2.1) (== netcoreapp2.2) (== netstandard2.0) (&& (== xamarinmac) (< netstandard1.2)) (&& (== xamarinmac) (< netstandard1.3)) (&& (== xamarinmac) (< netstandard1.5)) (&& (== xamarinmac) (< portable-net45+win8+wp8+wpa81))
    System.Runtime.CompilerServices.Unsafe (4.5.2)
    System.Runtime.Extensions (4.3.1) - restriction: || (== netcoreapp2.1) (== netcoreapp2.2) (== netstandard2.0) (&& (== xamarinmac) (>= netcoreapp1.0)) (&& (== xamarinmac) (< netstandard1.6)) (&& (== xamarinmac) (< portable-net45+win8+wp8+wpa81)) (&& (== xamarinmac) (< portable-net45+win8+wpa81))
      Microsoft.NETCore.Platforms (>= 1.1.1) - restriction: || (== netcoreapp2.1) (== netcoreapp2.2) (== netstandard2.0) (&& (== xamarinmac) (< netstandard1.3)) (&& (== xamarinmac) (< netstandard1.5)) (&& (== xamarinmac) (< portable-net45+win8+wp8+wpa81))
      Microsoft.NETCore.Targets (>= 1.1.3) - restriction: || (== netcoreapp2.1) (== netcoreapp2.2) (== netstandard2.0) (&& (== xamarinmac) (< netstandard1.3)) (&& (== xamarinmac) (< netstandard1.5)) (&& (== xamarinmac) (< portable-net45+win8+wp8+wpa81))
      System.Runtime (>= 4.3.1) - restriction: || (== netcoreapp2.1) (== netcoreapp2.2) (== netstandard2.0) (&& (== xamarinmac) (< netstandard1.3)) (&& (== xamarinmac) (< netstandard1.5)) (&& (== xamarinmac) (< portable-net45+win8+wp8+wpa81))
    System.Runtime.Handles (4.3) - restriction: || (== netcoreapp2.1) (== netcoreapp2.2) (== netstandard2.0) (&& (== xamarinmac) (>= netcoreapp1.1)) (&& (== xamarinmac) (< netstandard1.6))
      Microsoft.NETCore.Platforms (>= 1.1) - restriction: || (== netcoreapp2.1) (== netcoreapp2.2) (== netstandard2.0)
      Microsoft.NETCore.Targets (>= 1.1) - restriction: || (== netcoreapp2.1) (== netcoreapp2.2) (== netstandard2.0)
      System.Runtime (>= 4.3) - restriction: || (== netcoreapp2.1) (== netcoreapp2.2) (== netstandard2.0)
    System.Runtime.InteropServices (4.3)
      Microsoft.NETCore.Platforms (>= 1.1) - restriction: || (== netcoreapp2.1) (== netcoreapp2.2) (== netstandard2.0) (&& (== xamarinmac) (>= netcoreapp1.1)) (&& (== xamarinmac) (< netstandard1.2)) (&& (== xamarinmac) (< netstandard1.3)) (&& (== xamarinmac) (< netstandard1.5)) (&& (== xamarinmac) (< portable-net45+win8+wpa81))
      Microsoft.NETCore.Targets (>= 1.1) - restriction: || (== netcoreapp2.1) (== netcoreapp2.2) (== netstandard2.0) (&& (== xamarinmac) (>= netcoreapp1.1)) (&& (== xamarinmac) (< netstandard1.2)) (&& (== xamarinmac) (< netstandard1.3)) (&& (== xamarinmac) (< netstandard1.5)) (&& (== xamarinmac) (< portable-net45+win8+wpa81))
      System.Reflection (>= 4.3) - restriction: || (== netcoreapp2.1) (== netcoreapp2.2) (== netstandard2.0) (&& (== xamarinmac) (>= netcoreapp1.1)) (&& (== xamarinmac) (< netstandard1.2)) (&& (== xamarinmac) (< netstandard1.3)) (&& (== xamarinmac) (< netstandard1.5)) (&& (== xamarinmac) (< portable-net45+win8+wpa81))
      System.Reflection.Primitives (>= 4.3) - restriction: || (== netcoreapp2.1) (== netcoreapp2.2) (== netstandard2.0) (&& (== xamarinmac) (>= netcoreapp1.1)) (&& (== xamarinmac) (< netstandard1.2)) (&& (== xamarinmac) (< netstandard1.3)) (&& (== xamarinmac) (< netstandard1.5)) (&& (== xamarinmac) (< portable-net45+win8+wpa81))
      System.Runtime (>= 4.3) - restriction: || (== netcoreapp2.1) (== netcoreapp2.2) (== netstandard2.0) (&& (== xamarinmac) (>= net462)) (&& (== xamarinmac) (>= netcoreapp1.1)) (&& (== xamarinmac) (< netstandard1.2)) (&& (== xamarinmac) (< netstandard1.3)) (&& (== xamarinmac) (< netstandard1.5)) (&& (== xamarinmac) (< portable-net45+win8+wpa81))
      System.Runtime.Handles (>= 4.3) - restriction: || (== netcoreapp2.1) (== netcoreapp2.2) (== netstandard2.0) (&& (== xamarinmac) (>= netcoreapp1.1)) (&& (== xamarinmac) (< netstandard1.5)) (&& (== xamarinmac) (< portable-net45+win8+wpa81))
    System.Runtime.InteropServices.RuntimeInformation (4.3) - restriction: || (== netcoreapp2.1) (== netcoreapp2.2) (&& (== netstandard2.0) (>= netcoreapp1.1)) (&& (== xamarinmac) (>= netcoreapp1.1))
      runtime.native.System (>= 4.3) - restriction: || (== netcoreapp2.1) (== netcoreapp2.2) (== netstandard2.0)
      System.Reflection (>= 4.3) - restriction: || (== netcoreapp2.1) (== netcoreapp2.2) (== netstandard2.0) (&& (== xamarinmac) (< netstandard1.1))
      System.Reflection.Extensions (>= 4.3) - restriction: || (== netcoreapp2.1) (== netcoreapp2.2) (== netstandard2.0) (&& (== xamarinmac) (< netstandard1.1))
      System.Resources.ResourceManager (>= 4.3) - restriction: || (== netcoreapp2.1) (== netcoreapp2.2) (== netstandard2.0) (&& (== xamarinmac) (< netstandard1.1))
      System.Runtime (>= 4.3) - restriction: || (== netcoreapp2.1) (== netcoreapp2.2) (== netstandard2.0) (&& (== xamarinmac) (< netstandard1.1))
      System.Runtime.InteropServices (>= 4.3) - restriction: || (== netcoreapp2.1) (== netcoreapp2.2) (== netstandard2.0)
      System.Threading (>= 4.3) - restriction: || (== netcoreapp2.1) (== netcoreapp2.2) (== netstandard2.0) (&& (== xamarinmac) (< netstandard1.1))
    System.Runtime.InteropServices.WindowsRuntime (4.3)
      System.Runtime (>= 4.3) - restriction: || (== netcoreapp2.1) (== netcoreapp2.2) (== netstandard2.0) (&& (== xamarinmac) (< portable-net45+win8+wp8+wpa81))
    System.Runtime.Loader (4.3) - restriction: || (== netcoreapp2.1) (== netcoreapp2.2) (&& (== netstandard2.0) (>= netcoreapp2.1)) (&& (== xamarinmac) (>= netcoreapp2.1))
      System.IO (>= 4.3) - restriction: || (== netcoreapp2.1) (== netcoreapp2.2) (== netstandard2.0)
      System.Reflection (>= 4.3) - restriction: || (== netcoreapp2.1) (== netcoreapp2.2) (== netstandard2.0)
      System.Runtime (>= 4.3) - restriction: || (== netcoreapp2.1) (== netcoreapp2.2) (== netstandard2.0)
    System.Runtime.Numerics (4.3)
      System.Globalization (>= 4.3) - restriction: || (== netcoreapp2.1) (== netcoreapp2.2) (== netstandard2.0) (&& (== xamarinmac) (< portable-net45+win8+wpa81))
      System.Resources.ResourceManager (>= 4.3) - restriction: || (== netcoreapp2.1) (== netcoreapp2.2) (== netstandard2.0) (&& (== xamarinmac) (< portable-net45+win8+wpa81))
      System.Runtime (>= 4.3) - restriction: || (== netcoreapp2.1) (== netcoreapp2.2) (== netstandard2.0) (&& (== xamarinmac) (< netstandard1.3)) (&& (== xamarinmac) (< portable-net45+win8+wpa81))
      System.Runtime.Extensions (>= 4.3) - restriction: || (== netcoreapp2.1) (== netcoreapp2.2) (== netstandard2.0) (&& (== xamarinmac) (< portable-net45+win8+wpa81))
    System.Runtime.Serialization.Primitives (4.3)
      System.Resources.ResourceManager (>= 4.3) - restriction: || (== netcoreapp2.1) (== netcoreapp2.2) (== netstandard2.0) (&& (== xamarinmac) (< portable-net45+win8+wp8+wpa81))
      System.Runtime (>= 4.3) - restriction: || (== netcoreapp2.1) (== netcoreapp2.2) (== netstandard2.0) (&& (== xamarinmac) (< netstandard1.3)) (&& (== xamarinmac) (< portable-net45+win8+wp8+wpa81))
    System.Security.AccessControl (4.5)
      Microsoft.NETCore.Platforms (>= 2.0) - restriction: || (== netcoreapp2.1) (== netcoreapp2.2) (&& (== netstandard2.0) (>= netcoreapp2.0)) (&& (== xamarinmac) (>= netcoreapp2.0))
      System.Security.Principal.Windows (>= 4.5)
    System.Security.Cryptography.Algorithms (4.3.1) - restriction: || (== netcoreapp2.1) (== netcoreapp2.2) (== netstandard2.0)
      Microsoft.NETCore.Platforms (>= 1.1) - restriction: || (== netcoreapp2.1) (== netcoreapp2.2) (== netstandard2.0) (&& (== xamarinmac) (< netstandard1.3))
      runtime.native.System.Security.Cryptography.Apple (>= 4.3.1) - restriction: || (== netcoreapp2.1) (== netcoreapp2.2) (== netstandard2.0)
      runtime.native.System.Security.Cryptography.OpenSsl (>= 4.3.2) - restriction: || (== netcoreapp2.1) (== netcoreapp2.2) (== netstandard2.0)
      System.Collections (>= 4.3) - restriction: || (== netcoreapp2.1) (== netcoreapp2.2) (== netstandard2.0)
      System.IO (>= 4.3) - restriction: || (== netcoreapp2.1) (== netcoreapp2.2) (== netstandard2.0) (&& (== xamarinmac) (>= net463)) (&& (== xamarinmac) (< netstandard1.3)) (&& (== xamarinmac) (< netstandard1.4)) (&& (== xamarinmac) (< netstandard1.6))
      System.Resources.ResourceManager (>= 4.3) - restriction: || (== netcoreapp2.1) (== netcoreapp2.2) (== netstandard2.0) (&& (== xamarinmac) (< netstandard1.3))
      System.Runtime (>= 4.3) - restriction: || (== netcoreapp2.1) (== netcoreapp2.2) (== netstandard2.0) (&& (== xamarinmac) (>= net463)) (&& (== xamarinmac) (< netstandard1.3)) (&& (== xamarinmac) (< netstandard1.4)) (&& (== xamarinmac) (< netstandard1.6))
      System.Runtime.Extensions (>= 4.3) - restriction: || (== netcoreapp2.1) (== netcoreapp2.2) (== netstandard2.0) (&& (== xamarinmac) (< netstandard1.3))
      System.Runtime.Handles (>= 4.3) - restriction: || (== netcoreapp2.1) (== netcoreapp2.2) (== netstandard2.0) (&& (== xamarinmac) (< netstandard1.3))
      System.Runtime.InteropServices (>= 4.3) - restriction: || (== netcoreapp2.1) (== netcoreapp2.2) (== netstandard2.0) (&& (== xamarinmac) (< netstandard1.3))
      System.Runtime.Numerics (>= 4.3) - restriction: || (== netcoreapp2.1) (== netcoreapp2.2) (== netstandard2.0)
      System.Security.Cryptography.Encoding (>= 4.3) - restriction: || (== netcoreapp2.1) (== netcoreapp2.2) (== netstandard2.0) (&& (== xamarinmac) (>= net463)) (&& (== xamarinmac) (< netstandard1.3))
      System.Security.Cryptography.Primitives (>= 4.3) - restriction: || (== netcoreapp2.1) (== netcoreapp2.2) (== netstandard2.0) (&& (== xamarinmac) (>= net463)) (&& (== xamarinmac) (< netstandard1.3)) (&& (== xamarinmac) (< netstandard1.4)) (&& (== xamarinmac) (< netstandard1.6))
      System.Text.Encoding (>= 4.3) - restriction: || (== netcoreapp2.1) (== netcoreapp2.2) (== netstandard2.0) (&& (== xamarinmac) (< netstandard1.3))
    System.Security.Cryptography.Cng (4.5) - restriction: || (== netcoreapp2.1) (== netcoreapp2.2) (== netstandard2.0) (&& (== xamarinmac) (>= net46)) (&& (== xamarinmac) (< netstandard1.3)) (&& (== xamarinmac) (< netstandard1.6)) (&& (== xamarinmac) (< portable-net45+win8+wpa81))
    System.Security.Cryptography.Csp (4.3) - restriction: || (== netcoreapp2.1) (== netcoreapp2.2) (== netstandard2.0) (&& (== xamarinmac) (>= net46)) (&& (== xamarinmac) (< netstandard1.6)) (&& (== xamarinmac) (< portable-net45+win8+wpa81))
      Microsoft.NETCore.Platforms (>= 1.1) - restriction: || (== netcoreapp2.1) (== netcoreapp2.2) (== netstandard2.0)
      System.IO (>= 4.3) - restriction: || (== netcoreapp2.1) (== netcoreapp2.2) (== netstandard2.0)
      System.Reflection (>= 4.3) - restriction: || (== netcoreapp2.1) (== netcoreapp2.2) (== netstandard2.0)
      System.Resources.ResourceManager (>= 4.3) - restriction: || (== netcoreapp2.1) (== netcoreapp2.2) (== netstandard2.0)
      System.Runtime (>= 4.3) - restriction: || (== netcoreapp2.1) (== netcoreapp2.2) (== netstandard2.0)
      System.Runtime.Extensions (>= 4.3) - restriction: || (== netcoreapp2.1) (== netcoreapp2.2) (== netstandard2.0)
      System.Runtime.Handles (>= 4.3) - restriction: || (== netcoreapp2.1) (== netcoreapp2.2) (== netstandard2.0)
      System.Runtime.InteropServices (>= 4.3) - restriction: || (== netcoreapp2.1) (== netcoreapp2.2) (== netstandard2.0)
      System.Security.Cryptography.Algorithms (>= 4.3) - restriction: || (== netcoreapp2.1) (== netcoreapp2.2) (== netstandard2.0) (&& (== xamarinmac) (>= net46))
      System.Security.Cryptography.Encoding (>= 4.3) - restriction: || (== netcoreapp2.1) (== netcoreapp2.2) (== netstandard2.0)
      System.Security.Cryptography.Primitives (>= 4.3) - restriction: || (== netcoreapp2.1) (== netcoreapp2.2) (== netstandard2.0) (&& (== xamarinmac) (>= net46))
      System.Text.Encoding (>= 4.3) - restriction: || (== netcoreapp2.1) (== netcoreapp2.2) (== netstandard2.0)
      System.Threading (>= 4.3) - restriction: || (== netcoreapp2.1) (== netcoreapp2.2) (== netstandard2.0)
    System.Security.Cryptography.Encoding (4.3) - restriction: || (== netcoreapp2.1) (== netcoreapp2.2) (== netstandard2.0) (&& (== xamarinmac) (< netstandard1.6))
      Microsoft.NETCore.Platforms (>= 1.1) - restriction: || (== netcoreapp2.1) (== netcoreapp2.2) (== netstandard2.0)
      runtime.native.System.Security.Cryptography.OpenSsl (>= 4.3) - restriction: || (== netcoreapp2.1) (== netcoreapp2.2) (== netstandard2.0)
      System.Collections (>= 4.3) - restriction: || (== netcoreapp2.1) (== netcoreapp2.2) (== netstandard2.0)
      System.Collections.Concurrent (>= 4.3) - restriction: || (== netcoreapp2.1) (== netcoreapp2.2) (== netstandard2.0)
      System.Linq (>= 4.3) - restriction: || (== netcoreapp2.1) (== netcoreapp2.2) (== netstandard2.0)
      System.Resources.ResourceManager (>= 4.3) - restriction: || (== netcoreapp2.1) (== netcoreapp2.2) (== netstandard2.0)
      System.Runtime (>= 4.3) - restriction: || (== netcoreapp2.1) (== netcoreapp2.2) (== netstandard2.0)
      System.Runtime.Extensions (>= 4.3) - restriction: || (== netcoreapp2.1) (== netcoreapp2.2) (== netstandard2.0)
      System.Runtime.Handles (>= 4.3) - restriction: || (== netcoreapp2.1) (== netcoreapp2.2) (== netstandard2.0)
      System.Runtime.InteropServices (>= 4.3) - restriction: || (== netcoreapp2.1) (== netcoreapp2.2) (== netstandard2.0)
      System.Security.Cryptography.Primitives (>= 4.3) - restriction: || (== netcoreapp2.1) (== netcoreapp2.2) (== netstandard2.0)
      System.Text.Encoding (>= 4.3) - restriction: || (== netcoreapp2.1) (== netcoreapp2.2) (== netstandard2.0)
    System.Security.Cryptography.OpenSsl (4.5.1) - restriction: || (== netcoreapp2.1) (== netcoreapp2.2) (== netstandard2.0)
    System.Security.Cryptography.Primitives (4.3) - restriction: || (== netcoreapp2.1) (== netcoreapp2.2) (== netstandard2.0)
      System.Diagnostics.Debug (>= 4.3) - restriction: || (== netcoreapp2.1) (== netcoreapp2.2) (== netstandard2.0)
      System.Globalization (>= 4.3) - restriction: || (== netcoreapp2.1) (== netcoreapp2.2) (== netstandard2.0)
      System.IO (>= 4.3) - restriction: || (== netcoreapp2.1) (== netcoreapp2.2) (== netstandard2.0)
      System.Resources.ResourceManager (>= 4.3) - restriction: || (== netcoreapp2.1) (== netcoreapp2.2) (== netstandard2.0)
      System.Runtime (>= 4.3) - restriction: || (== netcoreapp2.1) (== netcoreapp2.2) (== netstandard2.0)
      System.Threading (>= 4.3) - restriction: || (== netcoreapp2.1) (== netcoreapp2.2) (== netstandard2.0)
      System.Threading.Tasks (>= 4.3) - restriction: || (== netcoreapp2.1) (== netcoreapp2.2) (== netstandard2.0)
    System.Security.Cryptography.ProtectedData (4.5)
      System.Memory (>= 4.5) - restriction: || (&& (== netcoreapp2.2) (< netcoreapp2.1)) (== netstandard2.0) (== xamarinmac)
    System.Security.Cryptography.X509Certificates (4.3.2) - restriction: || (== netcoreapp2.1) (== netcoreapp2.2) (== netstandard2.0) (&& (== xamarinmac) (>= net46)) (&& (== xamarinmac) (< netstandard1.6)) (&& (== xamarinmac) (< portable-net45+win8+wpa81))
      Microsoft.NETCore.Platforms (>= 1.1) - restriction: || (== netcoreapp2.1) (== netcoreapp2.2) (== netstandard2.0) (&& (== xamarinmac) (< netstandard1.3))
      runtime.native.System (>= 4.3) - restriction: || (== netcoreapp2.1) (== netcoreapp2.2) (== netstandard2.0)
      runtime.native.System.Net.Http (>= 4.3) - restriction: || (== netcoreapp2.1) (== netcoreapp2.2) (== netstandard2.0)
      runtime.native.System.Security.Cryptography.OpenSsl (>= 4.3.2) - restriction: || (== netcoreapp2.1) (== netcoreapp2.2) (== netstandard2.0)
      System.Collections (>= 4.3) - restriction: || (== netcoreapp2.1) (== netcoreapp2.2) (== netstandard2.0) (&& (== xamarinmac) (< netstandard1.3))
      System.Diagnostics.Debug (>= 4.3) - restriction: || (== netcoreapp2.1) (== netcoreapp2.2) (== netstandard2.0)
      System.Globalization (>= 4.3) - restriction: || (== netcoreapp2.1) (== netcoreapp2.2) (== netstandard2.0) (&& (== xamarinmac) (< netstandard1.3))
      System.Globalization.Calendars (>= 4.3) - restriction: || (== netcoreapp2.1) (== netcoreapp2.2) (== netstandard2.0) (&& (== xamarinmac) (< netstandard1.3))
      System.IO (>= 4.3) - restriction: || (== netcoreapp2.1) (== netcoreapp2.2) (== netstandard2.0) (&& (== xamarinmac) (< netstandard1.3))
      System.IO.FileSystem (>= 4.3) - restriction: || (== netcoreapp2.1) (== netcoreapp2.2) (== netstandard2.0) (&& (== xamarinmac) (< netstandard1.3))
      System.IO.FileSystem.Primitives (>= 4.3) - restriction: || (== netcoreapp2.1) (== netcoreapp2.2) (== netstandard2.0)
      System.Resources.ResourceManager (>= 4.3) - restriction: || (== netcoreapp2.1) (== netcoreapp2.2) (== netstandard2.0) (&& (== xamarinmac) (< netstandard1.3))
      System.Runtime (>= 4.3) - restriction: || (== netcoreapp2.1) (== netcoreapp2.2) (== netstandard2.0) (&& (== xamarinmac) (< netstandard1.3)) (&& (== xamarinmac) (< netstandard1.4)) (&& (== xamarinmac) (< netstandard1.6))
      System.Runtime.Extensions (>= 4.3) - restriction: || (== netcoreapp2.1) (== netcoreapp2.2) (== netstandard2.0) (&& (== xamarinmac) (< netstandard1.3))
      System.Runtime.Handles (>= 4.3) - restriction: || (== netcoreapp2.1) (== netcoreapp2.2) (== netstandard2.0) (&& (== xamarinmac) (< netstandard1.3)) (&& (== xamarinmac) (< netstandard1.4)) (&& (== xamarinmac) (< netstandard1.6))
      System.Runtime.InteropServices (>= 4.3) - restriction: || (== netcoreapp2.1) (== netcoreapp2.2) (== netstandard2.0) (&& (== xamarinmac) (< netstandard1.3))
      System.Runtime.Numerics (>= 4.3) - restriction: || (== netcoreapp2.1) (== netcoreapp2.2) (== netstandard2.0) (&& (== xamarinmac) (< netstandard1.3))
      System.Security.Cryptography.Algorithms (>= 4.3) - restriction: || (== netcoreapp2.1) (== netcoreapp2.2) (== netstandard2.0) (&& (== xamarinmac) (>= net461)) (&& (== xamarinmac) (< netstandard1.3)) (&& (== xamarinmac) (< netstandard1.4)) (&& (== xamarinmac) (< netstandard1.6))
      System.Security.Cryptography.Cng (>= 4.3) - restriction: || (== netcoreapp2.1) (== netcoreapp2.2) (== netstandard2.0) (&& (== xamarinmac) (< netstandard1.3))
      System.Security.Cryptography.Csp (>= 4.3) - restriction: || (== netcoreapp2.1) (== netcoreapp2.2) (== netstandard2.0)
      System.Security.Cryptography.Encoding (>= 4.3) - restriction: || (== netcoreapp2.1) (== netcoreapp2.2) (== netstandard2.0) (&& (== xamarinmac) (>= net461)) (&& (== xamarinmac) (< netstandard1.3)) (&& (== xamarinmac) (< netstandard1.4)) (&& (== xamarinmac) (< netstandard1.6))
      System.Security.Cryptography.OpenSsl (>= 4.3) - restriction: || (== netcoreapp2.1) (== netcoreapp2.2) (== netstandard2.0)
      System.Security.Cryptography.Primitives (>= 4.3) - restriction: || (== netcoreapp2.1) (== netcoreapp2.2) (== netstandard2.0) (&& (== xamarinmac) (< netstandard1.3))
      System.Text.Encoding (>= 4.3) - restriction: || (== netcoreapp2.1) (== netcoreapp2.2) (== netstandard2.0) (&& (== xamarinmac) (< netstandard1.3))
      System.Threading (>= 4.3) - restriction: || (== netcoreapp2.1) (== netcoreapp2.2) (== netstandard2.0) (&& (== xamarinmac) (< netstandard1.3))
    System.Security.Permissions (4.5)
      System.Security.AccessControl (>= 4.5)
    System.Security.Principal.Windows (4.5.1) - restriction: || (== netcoreapp2.1) (== netcoreapp2.2) (== netstandard2.0) (&& (== xamarinmac) (>= netcoreapp2.1))
      Microsoft.NETCore.Platforms (>= 2.0) - restriction: || (== netcoreapp2.1) (== netcoreapp2.2) (&& (== netstandard2.0) (>= netcoreapp2.0)) (&& (== xamarinmac) (>= netcoreapp2.0))
    System.Text.Encoding (4.3) - restriction: || (== netcoreapp2.1) (== netcoreapp2.2) (== netstandard2.0) (&& (== xamarinmac) (< netstandard1.3)) (&& (== xamarinmac) (< netstandard1.6)) (&& (== xamarinmac) (< portable-net45+win8+wpa81))
      Microsoft.NETCore.Platforms (>= 1.1) - restriction: || (== netcoreapp2.1) (== netcoreapp2.2) (== netstandard2.0) (&& (== xamarinmac) (< netstandard1.3)) (&& (== xamarinmac) (< portable-net45+win8+wp8+wpa81))
      Microsoft.NETCore.Targets (>= 1.1) - restriction: || (== netcoreapp2.1) (== netcoreapp2.2) (== netstandard2.0) (&& (== xamarinmac) (< netstandard1.3)) (&& (== xamarinmac) (< portable-net45+win8+wp8+wpa81))
      System.Runtime (>= 4.3) - restriction: || (== netcoreapp2.1) (== netcoreapp2.2) (== netstandard2.0) (&& (== xamarinmac) (< netstandard1.3)) (&& (== xamarinmac) (< portable-net45+win8+wp8+wpa81))
    System.Text.Encoding.CodePages (4.5.1)
      Microsoft.NETCore.Platforms (>= 2.1.2) - restriction: || (== netcoreapp2.1) (== netcoreapp2.2) (&& (== netstandard2.0) (>= netcoreapp2.0)) (&& (== xamarinmac) (>= netcoreapp2.0))
      System.Runtime.CompilerServices.Unsafe (>= 4.5.2)
    System.Text.Encoding.Extensions (4.3)
      Microsoft.NETCore.Platforms (>= 1.1) - restriction: || (== netcoreapp2.1) (== netcoreapp2.2) (== netstandard2.0) (&& (== xamarinmac) (< netstandard1.3)) (&& (== xamarinmac) (< portable-net45+win8+wp8+wpa81))
      Microsoft.NETCore.Targets (>= 1.1) - restriction: || (== netcoreapp2.1) (== netcoreapp2.2) (== netstandard2.0) (&& (== xamarinmac) (< netstandard1.3)) (&& (== xamarinmac) (< portable-net45+win8+wp8+wpa81))
      System.Runtime (>= 4.3) - restriction: || (== netcoreapp2.1) (== netcoreapp2.2) (== netstandard2.0) (&& (== xamarinmac) (< netstandard1.3)) (&& (== xamarinmac) (< portable-net45+win8+wp8+wpa81))
      System.Text.Encoding (>= 4.3) - restriction: || (== netcoreapp2.1) (== netcoreapp2.2) (== netstandard2.0) (&& (== xamarinmac) (< netstandard1.3)) (&& (== xamarinmac) (< portable-net45+win8+wp8+wpa81))
    System.Text.RegularExpressions (4.3) - restriction: || (== netcoreapp2.1) (== netcoreapp2.2) (== netstandard2.0) (&& (== xamarinmac) (< portable-net45+win8+wp8+wpa81))
      System.Collections (>= 4.3) - restriction: || (&& (== netcoreapp2.1) (< netcoreapp1.1)) (&& (== netcoreapp2.1) (< portable-net45+win8+wp8+wpa81)) (&& (== netcoreapp2.2) (< netcoreapp1.1)) (&& (== netcoreapp2.2) (< portable-net45+win8+wp8+wpa81)) (== netstandard2.0) (&& (== xamarinmac) (< portable-net45+win8+wp8+wpa81))
      System.Globalization (>= 4.3) - restriction: || (&& (== netcoreapp2.1) (< netcoreapp1.1)) (&& (== netcoreapp2.1) (< portable-net45+win8+wp8+wpa81)) (&& (== netcoreapp2.2) (< netcoreapp1.1)) (&& (== netcoreapp2.2) (< portable-net45+win8+wp8+wpa81)) (== netstandard2.0) (&& (== xamarinmac) (< portable-net45+win8+wp8+wpa81))
      System.Resources.ResourceManager (>= 4.3) - restriction: || (&& (== netcoreapp2.1) (< netcoreapp1.1)) (&& (== netcoreapp2.1) (< portable-net45+win8+wp8+wpa81)) (&& (== netcoreapp2.2) (< netcoreapp1.1)) (&& (== netcoreapp2.2) (< portable-net45+win8+wp8+wpa81)) (== netstandard2.0) (&& (== xamarinmac) (< portable-net45+win8+wp8+wpa81))
      System.Runtime (>= 4.3) - restriction: || (== netcoreapp2.1) (== netcoreapp2.2) (== netstandard2.0) (&& (== xamarinmac) (>= netcoreapp1.1)) (&& (== xamarinmac) (< netstandard1.3)) (&& (== xamarinmac) (< netstandard1.6)) (&& (== xamarinmac) (< portable-net45+win8+wp8+wpa81))
      System.Runtime.Extensions (>= 4.3) - restriction: || (&& (== netcoreapp2.1) (< netcoreapp1.1)) (&& (== netcoreapp2.1) (< portable-net45+win8+wp8+wpa81)) (&& (== netcoreapp2.2) (< netcoreapp1.1)) (&& (== netcoreapp2.2) (< portable-net45+win8+wp8+wpa81)) (== netstandard2.0) (&& (== xamarinmac) (< portable-net45+win8+wp8+wpa81))
      System.Threading (>= 4.3) - restriction: || (&& (== netcoreapp2.1) (< netcoreapp1.1)) (&& (== netcoreapp2.1) (< portable-net45+win8+wp8+wpa81)) (&& (== netcoreapp2.2) (< netcoreapp1.1)) (&& (== netcoreapp2.2) (< portable-net45+win8+wp8+wpa81)) (== netstandard2.0) (&& (== xamarinmac) (< portable-net45+win8+wp8+wpa81))
    System.Threading (4.3)
      System.Runtime (>= 4.3) - restriction: || (== netcoreapp2.1) (== netcoreapp2.2) (== netstandard2.0) (&& (== xamarinmac) (< netstandard1.3)) (&& (== xamarinmac) (< portable-net45+win8+wp8+wpa81))
      System.Threading.Tasks (>= 4.3) - restriction: || (== netcoreapp2.1) (== netcoreapp2.2) (== netstandard2.0) (&& (== xamarinmac) (< netstandard1.3)) (&& (== xamarinmac) (< portable-net45+win8+wp8+wpa81))
    System.Threading.Overlapped (4.3) - restriction: || (== netcoreapp2.1) (== netcoreapp2.2) (== netstandard2.0)
      Microsoft.NETCore.Platforms (>= 1.1)
      System.Resources.ResourceManager (>= 4.3)
      System.Runtime (>= 4.3)
      System.Runtime.Handles (>= 4.3)
    System.Threading.Tasks (4.3) - restriction: || (== netcoreapp2.1) (== netcoreapp2.2) (== netstandard2.0) (&& (== xamarinmac) (< netstandard1.3)) (&& (== xamarinmac) (< netstandard1.6)) (&& (== xamarinmac) (< portable-net45+win8+wpa81))
      Microsoft.NETCore.Platforms (>= 1.1) - restriction: || (== netcoreapp2.1) (== netcoreapp2.2) (== netstandard2.0) (&& (== xamarinmac) (< netstandard1.3)) (&& (== xamarinmac) (< portable-net45+win8+wp8+wpa81))
      Microsoft.NETCore.Targets (>= 1.1) - restriction: || (== netcoreapp2.1) (== netcoreapp2.2) (== netstandard2.0) (&& (== xamarinmac) (< netstandard1.3)) (&& (== xamarinmac) (< portable-net45+win8+wp8+wpa81))
      System.Runtime (>= 4.3) - restriction: || (== netcoreapp2.1) (== netcoreapp2.2) (== netstandard2.0) (&& (== xamarinmac) (< netstandard1.3)) (&& (== xamarinmac) (< portable-net45+win8+wp8+wpa81))
    System.Threading.Tasks.Dataflow (4.9)
    System.Threading.Tasks.Extensions (4.5.2)
      System.Runtime.CompilerServices.Unsafe (>= 4.5.2) - restriction: || (&& (== netcoreapp2.1) (>= net45)) (&& (== netcoreapp2.1) (< netstandard1.0)) (&& (== netcoreapp2.1) (< netstandard2.0)) (&& (== netcoreapp2.1) (>= wp8)) (&& (== netcoreapp2.2) (>= net45)) (&& (== netcoreapp2.2) (< netcoreapp2.1)) (&& (== netcoreapp2.2) (< netstandard1.0)) (&& (== netcoreapp2.2) (< netstandard2.0)) (&& (== netcoreapp2.2) (>= wp8)) (== netstandard2.0) (== xamarinmac)
    System.Threading.Thread (4.3)
      System.Runtime (>= 4.3) - restriction: || (== netcoreapp2.1) (== netcoreapp2.2) (== netstandard2.0)
    System.Threading.ThreadPool (4.3) - restriction: || (== netcoreapp2.1) (== netcoreapp2.2) (== netstandard2.0)
      System.Runtime (>= 4.3) - restriction: || (== netcoreapp2.1) (== netcoreapp2.2) (== netstandard2.0)
      System.Runtime.Handles (>= 4.3) - restriction: || (== netcoreapp2.1) (== netcoreapp2.2) (== netstandard2.0)
    System.Threading.Timer (4.3)
      Microsoft.NETCore.Platforms (>= 1.1) - restriction: || (== netcoreapp2.1) (== netcoreapp2.2) (== netstandard2.0) (&& (== xamarinmac) (< portable-net451+win81+wpa81))
      Microsoft.NETCore.Targets (>= 1.1) - restriction: || (== netcoreapp2.1) (== netcoreapp2.2) (== netstandard2.0) (&& (== xamarinmac) (< portable-net451+win81+wpa81))
      System.Runtime (>= 4.3) - restriction: || (== netcoreapp2.1) (== netcoreapp2.2) (== netstandard2.0) (&& (== xamarinmac) (< portable-net451+win81+wpa81))
    System.ValueTuple (4.5)
    System.Xml.ReaderWriter (4.3.1)
      System.Collections (>= 4.3) - restriction: || (== netcoreapp2.1) (== netcoreapp2.2) (== netstandard2.0) (&& (== xamarinmac) (< portable-net45+win8+wp8+wpa81))
      System.Diagnostics.Debug (>= 4.3) - restriction: || (== netcoreapp2.1) (== netcoreapp2.2) (== netstandard2.0) (&& (== xamarinmac) (< portable-net45+win8+wp8+wpa81))
      System.Globalization (>= 4.3) - restriction: || (== netcoreapp2.1) (== netcoreapp2.2) (== netstandard2.0) (&& (== xamarinmac) (< portable-net45+win8+wp8+wpa81))
      System.IO (>= 4.3) - restriction: || (== netcoreapp2.1) (== netcoreapp2.2) (== netstandard2.0) (&& (== xamarinmac) (< netstandard1.3)) (&& (== xamarinmac) (< portable-net45+win8+wp8+wpa81))
      System.IO.FileSystem (>= 4.3) - restriction: || (== netcoreapp2.1) (== netcoreapp2.2) (== netstandard2.0) (&& (== xamarinmac) (< portable-net45+win8+wp8+wpa81))
      System.IO.FileSystem.Primitives (>= 4.3) - restriction: || (== netcoreapp2.1) (== netcoreapp2.2) (== netstandard2.0) (&& (== xamarinmac) (< portable-net45+win8+wp8+wpa81))
      System.Resources.ResourceManager (>= 4.3) - restriction: || (== netcoreapp2.1) (== netcoreapp2.2) (== netstandard2.0) (&& (== xamarinmac) (< portable-net45+win8+wp8+wpa81))
      System.Runtime (>= 4.3) - restriction: || (== netcoreapp2.1) (== netcoreapp2.2) (== netstandard2.0) (&& (== xamarinmac) (< netstandard1.3)) (&& (== xamarinmac) (< portable-net45+win8+wp8+wpa81))
      System.Runtime.Extensions (>= 4.3) - restriction: || (== netcoreapp2.1) (== netcoreapp2.2) (== netstandard2.0) (&& (== xamarinmac) (< portable-net45+win8+wp8+wpa81))
      System.Runtime.InteropServices (>= 4.3) - restriction: || (== netcoreapp2.1) (== netcoreapp2.2) (== netstandard2.0) (&& (== xamarinmac) (< portable-net45+win8+wp8+wpa81))
      System.Text.Encoding (>= 4.3) - restriction: || (== netcoreapp2.1) (== netcoreapp2.2) (== netstandard2.0) (&& (== xamarinmac) (< netstandard1.3)) (&& (== xamarinmac) (< portable-net45+win8+wp8+wpa81))
      System.Text.Encoding.Extensions (>= 4.3) - restriction: || (== netcoreapp2.1) (== netcoreapp2.2) (== netstandard2.0) (&& (== xamarinmac) (< portable-net45+win8+wp8+wpa81))
      System.Text.RegularExpressions (>= 4.3) - restriction: || (== netcoreapp2.1) (== netcoreapp2.2) (== netstandard2.0) (&& (== xamarinmac) (< portable-net45+win8+wp8+wpa81))
      System.Threading.Tasks (>= 4.3) - restriction: || (== netcoreapp2.1) (== netcoreapp2.2) (== netstandard2.0) (&& (== xamarinmac) (< netstandard1.3)) (&& (== xamarinmac) (< portable-net45+win8+wp8+wpa81))
      System.Threading.Tasks.Extensions (>= 4.3) - restriction: || (== netcoreapp2.1) (== netcoreapp2.2) (== netstandard2.0) (&& (== xamarinmac) (< portable-net45+win8+wp8+wpa81))
    System.Xml.XDocument (4.3)
      System.Collections (>= 4.3) - restriction: || (== netcoreapp2.1) (== netcoreapp2.2) (== netstandard2.0) (&& (== xamarinmac) (< portable-net45+win8+wp8+wpa81))
      System.Diagnostics.Debug (>= 4.3) - restriction: || (== netcoreapp2.1) (== netcoreapp2.2) (== netstandard2.0) (&& (== xamarinmac) (< portable-net45+win8+wp8+wpa81))
      System.Diagnostics.Tools (>= 4.3) - restriction: || (== netcoreapp2.1) (== netcoreapp2.2) (== netstandard2.0) (&& (== xamarinmac) (< portable-net45+win8+wp8+wpa81))
      System.Globalization (>= 4.3) - restriction: || (== netcoreapp2.1) (== netcoreapp2.2) (== netstandard2.0) (&& (== xamarinmac) (< portable-net45+win8+wp8+wpa81))
      System.IO (>= 4.3) - restriction: || (== netcoreapp2.1) (== netcoreapp2.2) (== netstandard2.0) (&& (== xamarinmac) (< netstandard1.3)) (&& (== xamarinmac) (< portable-net45+win8+wp8+wpa81))
      System.Reflection (>= 4.3) - restriction: || (== netcoreapp2.1) (== netcoreapp2.2) (== netstandard2.0) (&& (== xamarinmac) (< portable-net45+win8+wp8+wpa81))
      System.Resources.ResourceManager (>= 4.3) - restriction: || (== netcoreapp2.1) (== netcoreapp2.2) (== netstandard2.0) (&& (== xamarinmac) (< portable-net45+win8+wp8+wpa81))
      System.Runtime (>= 4.3) - restriction: || (== netcoreapp2.1) (== netcoreapp2.2) (== netstandard2.0) (&& (== xamarinmac) (< netstandard1.3)) (&& (== xamarinmac) (< portable-net45+win8+wp8+wpa81))
      System.Runtime.Extensions (>= 4.3) - restriction: || (== netcoreapp2.1) (== netcoreapp2.2) (== netstandard2.0) (&& (== xamarinmac) (< portable-net45+win8+wp8+wpa81))
      System.Text.Encoding (>= 4.3) - restriction: || (== netcoreapp2.1) (== netcoreapp2.2) (== netstandard2.0) (&& (== xamarinmac) (< portable-net45+win8+wp8+wpa81))
      System.Threading (>= 4.3) - restriction: || (== netcoreapp2.1) (== netcoreapp2.2) (== netstandard2.0) (&& (== xamarinmac) (< portable-net45+win8+wp8+wpa81))
      System.Xml.ReaderWriter (>= 4.3) - restriction: || (== netcoreapp2.1) (== netcoreapp2.2) (== netstandard2.0) (&& (== xamarinmac) (< netstandard1.3)) (&& (== xamarinmac) (< portable-net45+win8+wp8+wpa81))
    System.Xml.XmlDocument (4.3) - restriction: || (== netcoreapp2.1) (== netcoreapp2.2) (== netstandard2.0) (&& (== xamarinmac) (>= net46))
      System.Collections (>= 4.3) - restriction: || (== netcoreapp2.1) (== netcoreapp2.2) (== netstandard2.0)
      System.Diagnostics.Debug (>= 4.3) - restriction: || (== netcoreapp2.1) (== netcoreapp2.2) (== netstandard2.0)
      System.Globalization (>= 4.3) - restriction: || (== netcoreapp2.1) (== netcoreapp2.2) (== netstandard2.0)
      System.IO (>= 4.3) - restriction: || (== netcoreapp2.1) (== netcoreapp2.2) (== netstandard2.0)
      System.Resources.ResourceManager (>= 4.3) - restriction: || (== netcoreapp2.1) (== netcoreapp2.2) (== netstandard2.0)
      System.Runtime (>= 4.3) - restriction: || (== netcoreapp2.1) (== netcoreapp2.2) (== netstandard2.0)
      System.Runtime.Extensions (>= 4.3) - restriction: || (== netcoreapp2.1) (== netcoreapp2.2) (== netstandard2.0)
      System.Text.Encoding (>= 4.3) - restriction: || (== netcoreapp2.1) (== netcoreapp2.2) (== netstandard2.0)
      System.Threading (>= 4.3) - restriction: || (== netcoreapp2.1) (== netcoreapp2.2) (== netstandard2.0)
      System.Xml.ReaderWriter (>= 4.3) - restriction: || (== netcoreapp2.1) (== netcoreapp2.2) (== netstandard2.0)
    System.Xml.XPath (4.3)
      System.Collections (>= 4.3) - restriction: || (== netcoreapp2.1) (== netcoreapp2.2) (== netstandard2.0)
      System.Diagnostics.Debug (>= 4.3) - restriction: || (== netcoreapp2.1) (== netcoreapp2.2) (== netstandard2.0)
      System.Globalization (>= 4.3) - restriction: || (== netcoreapp2.1) (== netcoreapp2.2) (== netstandard2.0)
      System.IO (>= 4.3) - restriction: || (== netcoreapp2.1) (== netcoreapp2.2) (== netstandard2.0)
      System.Resources.ResourceManager (>= 4.3) - restriction: || (== netcoreapp2.1) (== netcoreapp2.2) (== netstandard2.0)
      System.Runtime (>= 4.3) - restriction: || (== netcoreapp2.1) (== netcoreapp2.2) (== netstandard2.0)
      System.Runtime.Extensions (>= 4.3) - restriction: || (== netcoreapp2.1) (== netcoreapp2.2) (== netstandard2.0)
      System.Threading (>= 4.3) - restriction: || (== netcoreapp2.1) (== netcoreapp2.2) (== netstandard2.0)
      System.Xml.ReaderWriter (>= 4.3) - restriction: || (== netcoreapp2.1) (== netcoreapp2.2) (== netstandard2.0)
    System.Xml.XPath.XDocument (4.3)
      System.Diagnostics.Debug (>= 4.3) - restriction: || (== netcoreapp2.1) (== netcoreapp2.2) (== netstandard2.0)
      System.Linq (>= 4.3) - restriction: || (== netcoreapp2.1) (== netcoreapp2.2) (== netstandard2.0)
      System.Resources.ResourceManager (>= 4.3) - restriction: || (== netcoreapp2.1) (== netcoreapp2.2) (== netstandard2.0)
      System.Runtime (>= 4.3) - restriction: || (== netcoreapp2.1) (== netcoreapp2.2) (== netstandard2.0)
      System.Runtime.Extensions (>= 4.3) - restriction: || (== netcoreapp2.1) (== netcoreapp2.2) (== netstandard2.0)
      System.Threading (>= 4.3) - restriction: || (== netcoreapp2.1) (== netcoreapp2.2) (== netstandard2.0)
      System.Xml.ReaderWriter (>= 4.3) - restriction: || (== netcoreapp2.1) (== netcoreapp2.2) (== netstandard2.0)
      System.Xml.XDocument (>= 4.3) - restriction: || (== netcoreapp2.1) (== netcoreapp2.2) (== netstandard2.0)
      System.Xml.XPath (>= 4.3) - restriction: || (== netcoreapp2.1) (== netcoreapp2.2) (== netstandard2.0) (&& (== xamarinmac) (>= net46))
    System.Xml.XPath.XmlDocument (4.3)
      System.Collections (>= 4.3) - restriction: || (== netcoreapp2.1) (== netcoreapp2.2) (== netstandard2.0)
      System.Globalization (>= 4.3) - restriction: || (== netcoreapp2.1) (== netcoreapp2.2) (== netstandard2.0)
      System.IO (>= 4.3) - restriction: || (== netcoreapp2.1) (== netcoreapp2.2) (== netstandard2.0)
      System.Resources.ResourceManager (>= 4.3) - restriction: || (== netcoreapp2.1) (== netcoreapp2.2) (== netstandard2.0)
      System.Runtime (>= 4.3) - restriction: || (== netcoreapp2.1) (== netcoreapp2.2) (== netstandard2.0)
      System.Runtime.Extensions (>= 4.3) - restriction: || (== netcoreapp2.1) (== netcoreapp2.2) (== netstandard2.0)
      System.Threading (>= 4.3) - restriction: || (== netcoreapp2.1) (== netcoreapp2.2) (== netstandard2.0)
      System.Xml.ReaderWriter (>= 4.3) - restriction: || (== netcoreapp2.1) (== netcoreapp2.2) (== netstandard2.0)
      System.Xml.XmlDocument (>= 4.3) - restriction: || (== netcoreapp2.1) (== netcoreapp2.2) (== netstandard2.0) (&& (== xamarinmac) (>= net46))
      System.Xml.XPath (>= 4.3) - restriction: || (== netcoreapp2.1) (== netcoreapp2.2) (== netstandard2.0) (&& (== xamarinmac) (>= net46))
    TaskBuilder.fs (2.1)
      FSharp.Core (>= 4.1.17)
      NETStandard.Library (>= 1.6.1)
      System.ValueTuple (>= 4.4)
    Thoth.Json.Net (3.0)
      FSharp.Core
      Newtonsoft.Json (>= 11.0.2)
    Xamarin.Essentials (1.1)
      System.Numerics.Vectors (>= 4.5)
    Xamarin.Forms (3.6.0.344457)
